RESTRICTION: || (== net45) (== net462) (== net47) (== net472) (== net48) (== netcoreapp2.1) (== netcoreapp3.1) (== netstandard2.0)
NUGET
  remote: https://www.nuget.org/api/v2
    Akka (1.4.39)
      Microsoft.Extensions.ObjectPool (>= 5.0.5) - restriction: || (&& (== net45) (>= netstandard2.0)) (&& (== net462) (>= netstandard2.0)) (&& (== net47) (>= netstandard2.0)) (== net472) (== net48) (== netcoreapp2.1) (== netcoreapp3.1) (== netstandard2.0)
      Newtonsoft.Json (>= 12.0.3) - restriction: || (&& (== net45) (>= netstandard2.0)) (&& (== net462) (>= netstandard2.0)) (&& (== net47) (>= netstandard2.0)) (== net472) (== net48) (== netcoreapp2.1) (== netcoreapp3.1) (== netstandard2.0)
      System.Collections.Immutable (>= 5.0) - restriction: || (&& (== net45) (>= netstandard2.0)) (&& (== net462) (>= netstandard2.0)) (&& (== net47) (>= netstandard2.0)) (== net472) (== net48) (== netcoreapp2.1) (== netcoreapp3.1) (== netstandard2.0)
      System.Configuration.ConfigurationManager (>= 4.7) - restriction: || (&& (== net45) (>= netstandard2.0)) (&& (== net462) (>= netstandard2.0)) (&& (== net47) (>= netstandard2.0)) (== net472) (== net48) (== netcoreapp2.1) (== netcoreapp3.1) (== netstandard2.0)
      System.Reflection.Emit (>= 4.7) - restriction: || (&& (== net45) (>= netstandard2.0)) (&& (== net462) (>= netstandard2.0)) (&& (== net47) (>= netstandard2.0)) (== net472) (== net48) (== netcoreapp2.1) (== netcoreapp3.1) (== netstandard2.0)
      System.Threading.Channels (>= 5.0) - restriction: || (&& (== net45) (>= netstandard2.0)) (&& (== net462) (>= netstandard2.0)) (&& (== net47) (>= netstandard2.0)) (== net472) (== net48) (== netcoreapp2.1) (== netcoreapp3.1) (== netstandard2.0)
    Akka.Remote (1.4.39)
      Akka (>= 1.4.39) - restriction: || (&& (== net45) (>= netstandard2.0)) (&& (== net462) (>= netstandard2.0)) (&& (== net47) (>= netstandard2.0)) (== net472) (== net48) (== netcoreapp2.1) (== netcoreapp3.1) (== netstandard2.0)
      DotNetty.Handlers (>= 0.6) - restriction: || (&& (== net45) (>= netstandard2.0)) (&& (== net462) (>= netstandard2.0)) (&& (== net47) (>= netstandard2.0)) (== net472) (== net48) (== netcoreapp2.1) (== netcoreapp3.1) (== netstandard2.0)
      Google.Protobuf (>= 3.19.4) - restriction: || (&& (== net45) (>= netstandard2.0)) (&& (== net462) (>= netstandard2.0)) (&& (== net47) (>= netstandard2.0)) (== net472) (== net48) (== netcoreapp2.1) (== netcoreapp3.1) (== netstandard2.0)
    Antlr4 (4.6.6)
      Antlr4.CodeGenerator (>= 4.6.6)
      Antlr4.Runtime (>= 4.6.6)
    Antlr4.CodeGenerator (4.6.6)
    Antlr4.Runtime (4.6.6)
      NETStandard.Library (>= 1.6) - restriction: || (&& (== net45) (< net20)) (&& (== net462) (< net20)) (&& (== net47) (< net20)) (&& (== net472) (< net20)) (&& (== net48) (< net20)) (== netcoreapp2.1) (== netcoreapp3.1) (== netstandard2.0)
    Argu (6.1.1)
      FSharp.Core (>= 4.3.2) - restriction: || (&& (== net45) (>= netstandard2.0)) (&& (== net462) (>= netstandard2.0)) (&& (== net47) (>= netstandard2.0)) (== net472) (== net48) (== netcoreapp2.1) (== netcoreapp3.1) (== netstandard2.0)
      System.Configuration.ConfigurationManager (>= 4.4) - restriction: || (&& (== net45) (>= netstandard2.0)) (&& (== net462) (>= netstandard2.0)) (&& (== net47) (>= netstandard2.0)) (== net472) (== net48) (== netcoreapp2.1) (== netcoreapp3.1) (== netstandard2.0)
    Chessie (0.6) - restriction: || (&& (== net45) (>= netcoreapp2.0)) (&& (== net462) (>= netcoreapp2.0)) (&& (== net47) (>= netcoreapp2.0)) (&& (== net472) (>= netcoreapp2.0)) (&& (== net48) (>= netcoreapp2.0)) (== netcoreapp2.1) (== netcoreapp3.1) (&& (== netstandard2.0) (>= netcoreapp2.0))
      FSharp.Core (>= 4.0.1.7-alpha) - restriction: || (&& (== net45) (>= netstandard1.6)) (&& (== net462) (>= netstandard1.6)) (&& (== net47) (>= netstandard1.6)) (== net472) (== net48) (== netcoreapp2.1) (== netcoreapp3.1) (== netstandard2.0)
      NETStandard.Library (>= 1.6) - restriction: || (&& (== net45) (>= netstandard1.6)) (&& (== net462) (>= netstandard1.6)) (&& (== net47) (>= netstandard1.6)) (== net472) (== net48) (== netcoreapp2.1) (== netcoreapp3.1) (== netstandard2.0)
    dotnet-fake (5.18.3) - clitool: true
      Fake.Core.CommandLineParsing (>= 5.18.3) - restriction: || (&& (== net45) (>= netcoreapp2.0)) (&& (== net462) (>= netcoreapp2.0)) (&& (== net47) (>= netcoreapp2.0)) (&& (== net472) (>= netcoreapp2.0)) (&& (== net48) (>= netcoreapp2.0)) (== netcoreapp2.1) (== netcoreapp3.1) (&& (== netstandard2.0) (>= netcoreapp2.0))
      Fake.Runtime (>= 5.18.3) - restriction: || (&& (== net45) (>= netcoreapp2.0)) (&& (== net462) (>= netcoreapp2.0)) (&& (== net47) (>= netcoreapp2.0)) (&& (== net472) (>= netcoreapp2.0)) (&& (== net48) (>= netcoreapp2.0)) (== netcoreapp2.1) (== netcoreapp3.1) (&& (== netstandard2.0) (>= netcoreapp2.0))
      FSharp.Core (>= 4.7) - restriction: || (&& (== net45) (>= netcoreapp2.0)) (&& (== net462) (>= netcoreapp2.0)) (&& (== net47) (>= netcoreapp2.0)) (&& (== net472) (>= netcoreapp2.0)) (&& (== net48) (>= netcoreapp2.0)) (== netcoreapp2.1) (== netcoreapp3.1) (&& (== netstandard2.0) (>= netcoreapp2.0))
      Microsoft.NETCore.App (>= 2.0) - restriction: || (&& (== net45) (>= netcoreapp2.0)) (&& (== net462) (>= netcoreapp2.0)) (&& (== net47) (>= netcoreapp2.0)) (&& (== net472) (>= netcoreapp2.0)) (&& (== net48) (>= netcoreapp2.0)) (== netcoreapp2.1) (== netcoreapp3.1) (&& (== netstandard2.0) (>= netcoreapp2.0))
      Mono.Cecil (>= 0.11) - restriction: || (&& (== net45) (>= netcoreapp2.0)) (&& (== net462) (>= netcoreapp2.0)) (&& (== net47) (>= netcoreapp2.0)) (&& (== net472) (>= netcoreapp2.0)) (&& (== net48) (>= netcoreapp2.0)) (== netcoreapp2.1) (== netcoreapp3.1) (&& (== netstandard2.0) (>= netcoreapp2.0))
      Paket.Core (>= 5.226) - restriction: || (&& (== net45) (>= netcoreapp2.0)) (&& (== net462) (>= netcoreapp2.0)) (&& (== net47) (>= netcoreapp2.0)) (&& (== net472) (>= netcoreapp2.0)) (&& (== net48) (>= netcoreapp2.0)) (== netcoreapp2.1) (== netcoreapp3.1) (&& (== netstandard2.0) (>= netcoreapp2.0))
    DotNet.Contracts (1.10.20606.1)
    DotNetty.Buffers (0.7.2) - restriction: || (&& (== net45) (>= netstandard2.0)) (&& (== net462) (>= netstandard2.0)) (&& (== net47) (>= netstandard2.0)) (== net472) (== net48) (== netcoreapp2.1) (== netcoreapp3.1) (== netstandard2.0)
      DotNetty.Common (>= 0.7.2) - restriction: || (&& (== net45) (>= netstandard2.0)) (&& (== net462) (>= netstandard2.0)) (&& (== net47) (>= netstandard2.0)) (== net472) (== net48) (== netcoreapp2.1) (== netcoreapp3.1) (== netstandard2.0)
      System.Runtime.CompilerServices.Unsafe (>= 5.0) - restriction: || (&& (== net45) (>= netstandard2.0)) (&& (== net462) (>= netstandard2.0)) (&& (== net47) (>= netstandard2.0)) (== net472) (== net48) (== netcoreapp2.1) (== netcoreapp3.1) (== netstandard2.0)
    DotNetty.Codecs (0.7.2) - restriction: || (&& (== net45) (>= netstandard2.0)) (&& (== net462) (>= netstandard2.0)) (&& (== net47) (>= netstandard2.0)) (== net472) (== net48) (== netcoreapp2.1) (== netcoreapp3.1) (== netstandard2.0)
      DotNetty.Buffers (>= 0.7.2) - restriction: || (&& (== net45) (>= netstandard2.0)) (&& (== net462) (>= netstandard2.0)) (&& (== net47) (>= netstandard2.0)) (== net472) (== net48) (== netcoreapp2.1) (== netcoreapp3.1) (== netstandard2.0)
      DotNetty.Common (>= 0.7.2) - restriction: || (&& (== net45) (>= netstandard2.0)) (&& (== net462) (>= netstandard2.0)) (&& (== net47) (>= netstandard2.0)) (== net472) (== net48) (== netcoreapp2.1) (== netcoreapp3.1) (== netstandard2.0)
      DotNetty.Transport (>= 0.7.2) - restriction: || (&& (== net45) (>= netstandard2.0)) (&& (== net462) (>= netstandard2.0)) (&& (== net47) (>= netstandard2.0)) (== net472) (== net48) (== netcoreapp2.1) (== netcoreapp3.1) (== netstandard2.0)
      System.Collections.Immutable (>= 1.5) - restriction: || (&& (== net45) (>= netstandard2.0)) (&& (== net462) (>= netstandard2.0)) (&& (== net47) (>= netstandard2.0)) (== net472) (== net48) (== netcoreapp2.1) (== netcoreapp3.1) (== netstandard2.0)
    DotNetty.Common (0.7.2) - restriction: || (&& (== net45) (>= netstandard2.0)) (&& (== net462) (>= netstandard2.0)) (&& (== net47) (>= netstandard2.0)) (== net472) (== net48) (== netcoreapp2.1) (== netcoreapp3.1) (== netstandard2.0)
      Microsoft.Extensions.Logging (>= 5.0) - restriction: || (&& (== net45) (>= netstandard2.0)) (&& (== net462) (>= netstandard2.0)) (&& (== net47) (>= netstandard2.0)) (== net472) (== net48) (== netcoreapp2.1) (== netcoreapp3.1) (== netstandard2.0)
      System.Runtime.CompilerServices.Unsafe (>= 5.0) - restriction: || (&& (== net45) (>= netstandard2.0)) (&& (== net462) (>= netstandard2.0)) (&& (== net47) (>= netstandard2.0)) (== net472) (== net48) (== netcoreapp2.1) (== netcoreapp3.1) (== netstandard2.0)
    DotNetty.Handlers (0.7.2) - restriction: || (&& (== net45) (>= netstandard2.0)) (&& (== net462) (>= netstandard2.0)) (&& (== net47) (>= netstandard2.0)) (== net472) (== net48) (== netcoreapp2.1) (== netcoreapp3.1) (== netstandard2.0)
      DotNetty.Buffers (>= 0.7.2) - restriction: || (&& (== net45) (>= netstandard2.0)) (&& (== net462) (>= netstandard2.0)) (&& (== net47) (>= netstandard2.0)) (== net472) (== net48) (== netcoreapp2.1) (== netcoreapp3.1) (== netstandard2.0)
      DotNetty.Codecs (>= 0.7.2) - restriction: || (&& (== net45) (>= netstandard2.0)) (&& (== net462) (>= netstandard2.0)) (&& (== net47) (>= netstandard2.0)) (== net472) (== net48) (== netcoreapp2.1) (== netcoreapp3.1) (== netstandard2.0)
      DotNetty.Common (>= 0.7.2) - restriction: || (&& (== net45) (>= netstandard2.0)) (&& (== net462) (>= netstandard2.0)) (&& (== net47) (>= netstandard2.0)) (== net472) (== net48) (== netcoreapp2.1) (== netcoreapp3.1) (== netstandard2.0)
      DotNetty.Transport (>= 0.7.2) - restriction: || (&& (== net45) (>= netstandard2.0)) (&& (== net462) (>= netstandard2.0)) (&& (== net47) (>= netstandard2.0)) (== net472) (== net48) (== netcoreapp2.1) (== netcoreapp3.1) (== netstandard2.0)
    DotNetty.Transport (0.7.2) - restriction: || (&& (== net45) (>= netstandard2.0)) (&& (== net462) (>= netstandard2.0)) (&& (== net47) (>= netstandard2.0)) (== net472) (== net48) (== netcoreapp2.1) (== netcoreapp3.1) (== netstandard2.0)
      DotNetty.Buffers (>= 0.7.2) - restriction: || (&& (== net45) (>= netstandard2.0)) (&& (== net462) (>= netstandard2.0)) (&& (== net47) (>= netstandard2.0)) (== net472) (== net48) (== netcoreapp2.1) (== netcoreapp3.1) (== netstandard2.0)
      DotNetty.Common (>= 0.7.2) - restriction: || (&& (== net45) (>= netstandard2.0)) (&& (== net462) (>= netstandard2.0)) (&& (== net47) (>= netstandard2.0)) (== net472) (== net48) (== netcoreapp2.1) (== netcoreapp3.1) (== netstandard2.0)
    DotNetZip (1.16)
      System.Security.Permissions (>= 4.7) - restriction: || (&& (== net45) (< net40) (>= netstandard2.0)) (&& (== net462) (< net40) (>= netstandard2.0)) (&& (== net47) (< net40) (>= netstandard2.0)) (&& (== net472) (< net40)) (&& (== net48) (< net40)) (== netcoreapp2.1) (== netcoreapp3.1) (== netstandard2.0)
      System.Text.Encoding.CodePages (>= 4.7.1) - restriction: || (&& (== net45) (< net40) (>= netstandard2.0)) (&& (== net462) (< net40) (>= netstandard2.0)) (&& (== net47) (< net40) (>= netstandard2.0)) (&& (== net472) (< net40)) (&& (== net48) (< net40)) (== netcoreapp2.1) (== netcoreapp3.1) (== netstandard2.0)
    DotParser (1.1)
      System.ValueTuple (>= 4.5) - restriction: || (&& (== net45) (>= net461)) (== net462) (== net47) (== net472) (== net48) (&& (== netcoreapp2.1) (>= net461)) (&& (== netcoreapp3.1) (>= net461)) (&& (== netstandard2.0) (>= net461))
    Fake.Core.CommandLineParsing (5.22) - restriction: || (&& (== net45) (>= netcoreapp2.0)) (&& (== net462) (>= netcoreapp2.0)) (&& (== net47) (>= netcoreapp2.0)) (&& (== net472) (>= netcoreapp2.0)) (&& (== net48) (>= netcoreapp2.0)) (== netcoreapp2.1) (== netcoreapp3.1) (&& (== netstandard2.0) (>= netcoreapp2.0))
      FParsec (>= 1.1.1) - restriction: || (&& (== net45) (>= netstandard2.0)) (&& (== net462) (>= netstandard2.0)) (&& (== net47) (>= netstandard2.0)) (== net472) (== net48) (== netcoreapp2.1) (== netcoreapp3.1) (== netstandard2.0)
      FSharp.Core (>= 6.0) - restriction: || (&& (== net45) (>= netstandard2.0)) (&& (== net462) (>= netstandard2.0)) (&& (== net47) (>= netstandard2.0)) (== net472) (== net48) (== netcoreapp2.1) (== netcoreapp3.1) (== netstandard2.0)
    Fake.Runtime (5.22) - restriction: || (&& (== net45) (>= netcoreapp2.0)) (&& (== net462) (>= netcoreapp2.0)) (&& (== net47) (>= netcoreapp2.0)) (&& (== net472) (>= netcoreapp2.0)) (&& (== net48) (>= netcoreapp2.0)) (== netcoreapp2.1) (== netcoreapp3.1) (&& (== netstandard2.0) (>= netcoreapp2.0))
    FParsec (1.1.1) - restriction: || (&& (== net45) (>= netcoreapp2.0)) (&& (== net462) (>= netcoreapp2.0)) (&& (== net47) (>= netcoreapp2.0)) (&& (== net472) (>= netcoreapp2.0)) (&& (== net48) (>= netcoreapp2.0)) (== netcoreapp2.1) (== netcoreapp3.1) (&& (== netstandard2.0) (>= netcoreapp2.0))
      FSharp.Core (>= 4.3.4)
    FSharp.Core (6.0.5)
    FSharpPlus (1.2.4)
      FSharp.Core (>= 4.6.2)
      System.ValueTuple (>= 4.4) - restriction: || (== net45) (== net462) (== net47) (== net472) (== net48) (&& (== netcoreapp2.1) (>= net45)) (&& (== netcoreapp3.1) (>= net45)) (&& (== netstandard2.0) (>= net45))
    FsUnit.xUnit (3.4)
      FSharp.Core (>= 4.2.3) - restriction: || (&& (== net45) (>= net46)) (&& (== net45) (>= netstandard2.0)) (== net462) (== net47) (== net472) (== net48) (== netcoreapp2.1) (== netcoreapp3.1) (== netstandard2.0)
      NETStandard.Library (>= 2.0.3) - restriction: || (&& (== net45) (>= netstandard2.0)) (&& (== net462) (< net46) (>= netstandard2.0)) (&& (== net47) (< net46) (>= netstandard2.0)) (&& (== net472) (< net46)) (&& (== net48) (< net46)) (== netcoreapp2.1) (== netcoreapp3.1) (== netstandard2.0)
      NHamcrest (>= 2.0.1 < 2.1) - restriction: || (&& (== net45) (>= net46)) (&& (== net45) (>= netstandard2.0)) (== net462) (== net47) (== net472) (== net48) (== netcoreapp2.1) (== netcoreapp3.1) (== netstandard2.0)
      xunit (>= 2.4.1 < 2.5) - restriction: || (&& (== net45) (>= net46)) (&& (== net45) (>= netstandard2.0)) (== net462) (== net47) (== net472) (== net48) (== netcoreapp2.1) (== netcoreapp3.1) (== netstandard2.0)
    Google.Protobuf (3.21.2) - restriction: || (&& (== net45) (>= netstandard2.0)) (&& (== net462) (>= netstandard2.0)) (&& (== net47) (>= netstandard2.0)) (== net472) (== net48) (== netcoreapp2.1) (== netcoreapp3.1) (== netstandard2.0)
      System.Memory (>= 4.5.3)
      System.Runtime.CompilerServices.Unsafe (>= 4.5.2) - restriction: || (&& (== net462) (< net45) (>= netstandard2.0)) (&& (== net47) (< net45) (>= netstandard2.0)) (&& (== net472) (< net45)) (&& (== net48) (< net45)) (== netcoreapp2.1) (== netcoreapp3.1) (== netstandard2.0)
    log4net (2.0.14)
      System.Configuration.ConfigurationManager (>= 4.5) - restriction: || (&& (== net45) (< net20) (>= netstandard2.0)) (&& (== net462) (< net20) (>= netstandard2.0)) (&& (== net47) (< net20) (>= netstandard2.0)) (&& (== net472) (< net20)) (&& (== net48) (< net20)) (== netcoreapp2.1) (== netcoreapp3.1) (== netstandard2.0)
    Microsoft.Bcl.AsyncInterfaces (6.0) - restriction: || (&& (== net45) (== netcoreapp3.1)) (&& (== net45) (>= netstandard2.0)) (&& (== net462) (== netcoreapp3.1)) (&& (== net462) (>= netstandard2.0)) (&& (== net47) (== netcoreapp3.1)) (&& (== net47) (>= netstandard2.0)) (== net472) (== net48) (== netcoreapp2.1) (&& (== netcoreapp3.1) (>= net461)) (&& (== netcoreapp3.1) (< netstandard2.1)) (== netstandard2.0)
      System.Threading.Tasks.Extensions (>= 4.5.4) - restriction: || (&& (== net45) (>= net461)) (&& (== net45) (>= netstandard2.0)) (== net462) (== net47) (== net472) (== net48) (== netcoreapp2.1) (&& (== netcoreapp3.1) (>= net461)) (&& (== netcoreapp3.1) (< netstandard2.1)) (== netstandard2.0)
    Microsoft.CodeCoverage (17.2) - restriction: || (== net45) (== net462) (== net47) (== net472) (== net48) (== netcoreapp2.1) (== netcoreapp3.1) (&& (== netstandard2.0) (>= net45)) (&& (== netstandard2.0) (>= netcoreapp1.0))
    Microsoft.CSharp (4.7)
    Microsoft.Extensions.DependencyInjection (6.0) - restriction: || (&& (== net45) (>= netstandard2.0)) (&& (== net462) (>= netstandard2.0)) (&& (== net47) (>= netstandard2.0)) (== net472) (== net48) (== netcoreapp2.1) (== netcoreapp3.1) (== netstandard2.0)
      Microsoft.Bcl.AsyncInterfaces (>= 6.0) - restriction: || (&& (== net45) (>= net461)) (&& (== net45) (>= netstandard2.0)) (== net462) (== net47) (== net472) (== net48) (== netcoreapp2.1) (&& (== netcoreapp3.1) (>= net461)) (&& (== netcoreapp3.1) (< netstandard2.1)) (== netstandard2.0)
      Microsoft.Extensions.DependencyInjection.Abstractions (>= 6.0) - restriction: || (&& (== net45) (>= net461)) (&& (== net45) (>= netstandard2.0)) (== net462) (== net47) (== net472) (== net48) (== netcoreapp2.1) (== netcoreapp3.1) (== netstandard2.0)
      System.Runtime.CompilerServices.Unsafe (>= 6.0) - restriction: || (&& (== net45) (>= net461)) (&& (== net45) (>= netstandard2.0)) (== net462) (== net47) (== net472) (== net48) (== netcoreapp2.1) (== netcoreapp3.1) (== netstandard2.0)
      System.Threading.Tasks.Extensions (>= 4.5.4) - restriction: || (&& (== net45) (>= net461)) (&& (== net45) (>= netstandard2.0)) (== net462) (== net47) (== net472) (== net48) (== netcoreapp2.1) (&& (== netcoreapp3.1) (>= net461)) (&& (== netcoreapp3.1) (< netstandard2.1)) (== netstandard2.0)
    Microsoft.Extensions.DependencyInjection.Abstractions (6.0) - restriction: || (&& (== net45) (>= netstandard2.0)) (&& (== net462) (>= netstandard2.0)) (&& (== net47) (>= netstandard2.0)) (== net472) (== net48) (== netcoreapp2.1) (== netcoreapp3.1) (== netstandard2.0)
      Microsoft.Bcl.AsyncInterfaces (>= 6.0) - restriction: || (&& (== net45) (>= net461)) (&& (== net45) (>= netstandard2.0)) (== net462) (== net47) (== net472) (== net48) (== netcoreapp2.1) (&& (== netcoreapp3.1) (>= net461)) (&& (== netcoreapp3.1) (< netstandard2.1)) (== netstandard2.0)
      System.Threading.Tasks.Extensions (>= 4.5.4) - restriction: || (&& (== net45) (>= net461)) (&& (== net45) (>= netstandard2.0)) (== net462) (== net47) (== net472) (== net48) (== netcoreapp2.1) (&& (== netcoreapp3.1) (>= net461)) (&& (== netcoreapp3.1) (< netstandard2.1)) (== netstandard2.0)
    Microsoft.Extensions.Logging (6.0) - restriction: || (&& (== net45) (>= netstandard2.0)) (&& (== net462) (>= netstandard2.0)) (&& (== net47) (>= netstandard2.0)) (== net472) (== net48) (== netcoreapp2.1) (== netcoreapp3.1) (== netstandard2.0)
      Microsoft.Bcl.AsyncInterfaces (>= 6.0) - restriction: || (&& (== net45) (>= net461)) (&& (== net45) (>= netstandard2.0)) (== net462) (== net47) (== net472) (== net48) (== netcoreapp2.1) (&& (== netcoreapp3.1) (>= net461)) (&& (== netcoreapp3.1) (< netstandard2.1)) (== netstandard2.0)
      Microsoft.Extensions.DependencyInjection (>= 6.0) - restriction: || (&& (== net45) (>= net461)) (&& (== net45) (>= netstandard2.0)) (== net462) (== net47) (== net472) (== net48) (== netcoreapp2.1) (== netcoreapp3.1) (== netstandard2.0)
      Microsoft.Extensions.DependencyInjection.Abstractions (>= 6.0) - restriction: || (&& (== net45) (>= net461)) (&& (== net45) (>= netstandard2.0)) (== net462) (== net47) (== net472) (== net48) (== netcoreapp2.1) (== netcoreapp3.1) (== netstandard2.0)
      Microsoft.Extensions.Logging.Abstractions (>= 6.0) - restriction: || (&& (== net45) (>= net461)) (&& (== net45) (>= netstandard2.0)) (== net462) (== net47) (== net472) (== net48) (== netcoreapp2.1) (== netcoreapp3.1) (== netstandard2.0)
      Microsoft.Extensions.Options (>= 6.0) - restriction: || (&& (== net45) (>= net461)) (&& (== net45) (>= netstandard2.0)) (== net462) (== net47) (== net472) (== net48) (== netcoreapp2.1) (== netcoreapp3.1) (== netstandard2.0)
      System.Diagnostics.DiagnosticSource (>= 6.0) - restriction: || (&& (== net45) (>= net461)) (&& (== net45) (>= netstandard2.0)) (== net462) (== net47) (== net472) (== net48) (== netcoreapp2.1) (== netcoreapp3.1) (== netstandard2.0)
      System.ValueTuple (>= 4.5) - restriction: || (&& (== net45) (>= net461)) (== net462) (== net47) (== net472) (== net48) (&& (== netcoreapp2.1) (>= net461)) (&& (== netcoreapp3.1) (>= net461)) (&& (== netstandard2.0) (>= net461))
    Microsoft.Extensions.Logging.Abstractions (6.0.1) - restriction: || (&& (== net45) (>= netstandard2.0)) (&& (== net462) (>= netstandard2.0)) (&& (== net47) (>= netstandard2.0)) (== net472) (== net48) (== netcoreapp2.1) (== netcoreapp3.1) (== netstandard2.0)
      System.Buffers (>= 4.5.1) - restriction: || (&& (== net45) (>= net461)) (&& (== net45) (>= netstandard2.0)) (== net462) (== net47) (== net472) (== net48) (== netcoreapp2.1) (== netcoreapp3.1) (== netstandard2.0)
      System.Memory (>= 4.5.4) - restriction: || (&& (== net45) (>= net461)) (&& (== net45) (>= netstandard2.0)) (== net462) (== net47) (== net472) (== net48) (== netcoreapp2.1) (== netcoreapp3.1) (== netstandard2.0)
    Microsoft.Extensions.ObjectPool (6.0.6) - restriction: || (&& (== net45) (>= netstandard2.0)) (&& (== net462) (>= netstandard2.0)) (&& (== net47) (>= netstandard2.0)) (== net472) (== net48) (== netcoreapp2.1) (== netcoreapp3.1) (== netstandard2.0)
    Microsoft.Extensions.Options (6.0) - restriction: || (&& (== net45) (>= netstandard2.0)) (&& (== net462) (>= netstandard2.0)) (&& (== net47) (>= netstandard2.0)) (== net472) (== net48) (== netcoreapp2.1) (== netcoreapp3.1) (== netstandard2.0)
      Microsoft.Extensions.DependencyInjection.Abstractions (>= 6.0) - restriction: || (&& (== net45) (>= net461)) (&& (== net45) (>= netstandard2.0)) (== net462) (== net47) (== net472) (== net48) (== netcoreapp2.1) (== netcoreapp3.1) (== netstandard2.0)
      Microsoft.Extensions.Primitives (>= 6.0) - restriction: || (&& (== net45) (>= net461)) (&& (== net45) (>= netstandard2.0)) (== net462) (== net47) (== net472) (== net48) (== netcoreapp2.1) (== netcoreapp3.1) (== netstandard2.0)
      System.ComponentModel.Annotations (>= 5.0) - restriction: || (&& (== net45) (>= netstandard2.0)) (&& (== net462) (< net461) (>= netstandard2.0)) (&& (== net47) (< net461) (>= netstandard2.0)) (&& (== net472) (< net461)) (&& (== net48) (< net461)) (== netcoreapp2.1) (&& (== netcoreapp3.1) (< netstandard2.1)) (== netstandard2.0)
    Microsoft.Extensions.Primitives (6.0) - restriction: || (&& (== net45) (>= netstandard2.0)) (&& (== net462) (>= netstandard2.0)) (&& (== net47) (>= netstandard2.0)) (== net472) (== net48) (== netcoreapp2.1) (== netcoreapp3.1) (== netstandard2.0)
      System.Memory (>= 4.5.4) - restriction: || (&& (== net45) (>= net461)) (&& (== net45) (>= netstandard2.0)) (== net462) (== net47) (== net472) (== net48) (== netcoreapp2.1) (&& (== netcoreapp3.1) (>= net461)) (== netstandard2.0)
      System.Runtime.CompilerServices.Unsafe (>= 6.0) - restriction: || (&& (== net45) (>= net461)) (&& (== net45) (>= netstandard2.0)) (== net462) (== net47) (== net472) (== net48) (== netcoreapp2.1) (== netcoreapp3.1) (== netstandard2.0)
    Microsoft.NET.Test.Sdk (17.2)
      Microsoft.CodeCoverage (>= 17.2) - restriction: || (== net45) (== net462) (== net47) (== net472) (== net48) (== netcoreapp2.1) (== netcoreapp3.1) (&& (== netstandard2.0) (>= net45)) (&& (== netstandard2.0) (>= netcoreapp1.0))
      Microsoft.TestPlatform.TestHost (>= 17.2) - restriction: || (&& (== net45) (>= netcoreapp1.0)) (&& (== net462) (>= netcoreapp1.0)) (&& (== net47) (>= netcoreapp1.0)) (&& (== net472) (>= netcoreapp1.0)) (&& (== net48) (>= netcoreapp1.0)) (== netcoreapp2.1) (== netcoreapp3.1) (&& (== netstandard2.0) (>= netcoreapp1.0))
    Microsoft.NETCore.App (2.2.8) - restriction: || (&& (== net45) (>= netcoreapp2.0)) (&& (== net462) (>= netcoreapp2.0)) (&& (== net47) (>= netcoreapp2.0)) (&& (== net472) (>= netcoreapp2.0)) (&& (== net48) (>= netcoreapp2.0)) (== netcoreapp2.1) (== netcoreapp3.1) (&& (== netstandard2.0) (>= netcoreapp2.0))
      Microsoft.NETCore.DotNetHostPolicy (>= 2.2.8) - restriction: || (&& (== net45) (>= netcoreapp2.2)) (&& (== net462) (>= netcoreapp2.2)) (&& (== net47) (>= netcoreapp2.2)) (&& (== net472) (>= netcoreapp2.2)) (&& (== net48) (>= netcoreapp2.2)) (&& (== netcoreapp2.1) (>= netcoreapp2.2)) (== netcoreapp3.1) (&& (== netstandard2.0) (>= netcoreapp2.2))
      Microsoft.NETCore.Platforms (>= 2.2.4) - restriction: || (&& (== net45) (>= netcoreapp2.2)) (&& (== net462) (>= netcoreapp2.2)) (&& (== net47) (>= netcoreapp2.2)) (&& (== net472) (>= netcoreapp2.2)) (&& (== net48) (>= netcoreapp2.2)) (&& (== netcoreapp2.1) (>= netcoreapp2.2)) (== netcoreapp3.1) (&& (== netstandard2.0) (>= netcoreapp2.2))
      Microsoft.NETCore.Targets (>= 2.0) - restriction: || (&& (== net45) (>= netcoreapp2.2)) (&& (== net462) (>= netcoreapp2.2)) (&& (== net47) (>= netcoreapp2.2)) (&& (== net472) (>= netcoreapp2.2)) (&& (== net48) (>= netcoreapp2.2)) (&& (== netcoreapp2.1) (>= netcoreapp2.2)) (== netcoreapp3.1) (&& (== netstandard2.0) (>= netcoreapp2.2))
      NETStandard.Library (>= 2.0.3) - restriction: || (&& (== net45) (>= netcoreapp2.2)) (&& (== net462) (>= netcoreapp2.2)) (&& (== net47) (>= netcoreapp2.2)) (&& (== net472) (>= netcoreapp2.2)) (&& (== net48) (>= netcoreapp2.2)) (&& (== netcoreapp2.1) (>= netcoreapp2.2)) (== netcoreapp3.1) (&& (== netstandard2.0) (>= netcoreapp2.2))
    Microsoft.NETCore.DotNetAppHost (6.0.6) - restriction: || (&& (== net45) (>= netcoreapp2.2)) (&& (== net462) (>= netcoreapp2.2)) (&& (== net47) (>= netcoreapp2.2)) (&& (== net472) (>= netcoreapp2.2)) (&& (== net48) (>= netcoreapp2.2)) (&& (== netcoreapp2.1) (>= netcoreapp2.2)) (== netcoreapp3.1) (&& (== netstandard2.0) (>= netcoreapp2.2))
    Microsoft.NETCore.DotNetHostPolicy (6.0.6) - restriction: || (&& (== net45) (>= netcoreapp2.2)) (&& (== net462) (>= netcoreapp2.2)) (&& (== net47) (>= netcoreapp2.2)) (&& (== net472) (>= netcoreapp2.2)) (&& (== net48) (>= netcoreapp2.2)) (&& (== netcoreapp2.1) (>= netcoreapp2.2)) (== netcoreapp3.1) (&& (== netstandard2.0) (>= netcoreapp2.2))
      Microsoft.NETCore.DotNetHostResolver (>= 6.0.6)
    Microsoft.NETCore.DotNetHostResolver (6.0.6) - restriction: || (&& (== net45) (>= netcoreapp2.2)) (&& (== net462) (>= netcoreapp2.2)) (&& (== net47) (>= netcoreapp2.2)) (&& (== net472) (>= netcoreapp2.2)) (&& (== net48) (>= netcoreapp2.2)) (&& (== netcoreapp2.1) (>= netcoreapp2.2)) (== netcoreapp3.1) (&& (== netstandard2.0) (>= netcoreapp2.2))
      Microsoft.NETCore.DotNetAppHost (>= 6.0.6)
    Microsoft.NETCore.Platforms (6.0.4) - restriction: || (&& (== net45) (>= netcoreapp2.0)) (&& (== net45) (>= netcoreapp2.2)) (&& (== net462) (< net45)) (&& (== net462) (>= netcoreapp2.0)) (&& (== net462) (>= netcoreapp2.2)) (&& (== net47) (< net45)) (&& (== net47) (>= netcoreapp2.0)) (&& (== net47) (>= netcoreapp2.2)) (&& (== net472) (< net45)) (&& (== net472) (>= netcoreapp2.0)) (&& (== net472) (>= netcoreapp2.2)) (&& (== net48) (< net45)) (&& (== net48) (>= netcoreapp2.0)) (&& (== net48) (>= netcoreapp2.2)) (== netcoreapp2.1) (== netcoreapp3.1) (== netstandard2.0)
    Microsoft.NETCore.Targets (5.0) - restriction: || (&& (== net45) (>= netcoreapp2.0)) (&& (== net45) (>= netcoreapp2.2)) (&& (== net462) (< net45)) (&& (== net462) (>= netcoreapp2.0)) (&& (== net462) (>= netcoreapp2.2)) (&& (== net47) (< net45)) (&& (== net47) (>= netcoreapp2.0)) (&& (== net47) (>= netcoreapp2.2)) (&& (== net472) (< net45)) (&& (== net472) (>= netcoreapp2.0)) (&& (== net472) (>= netcoreapp2.2)) (&& (== net48) (< net45)) (&& (== net48) (>= netcoreapp2.0)) (&& (== net48) (>= netcoreapp2.2)) (== netcoreapp2.1) (== netcoreapp3.1) (== netstandard2.0)
    Microsoft.TestPlatform.ObjectModel (17.2) - restriction: || (&& (== net45) (>= netcoreapp1.0)) (&& (== net462) (>= netcoreapp1.0)) (&& (== net47) (>= netcoreapp1.0)) (&& (== net472) (>= netcoreapp1.0)) (&& (== net48) (>= netcoreapp1.0)) (== netcoreapp2.1) (== netcoreapp3.1) (&& (== netstandard2.0) (>= netcoreapp1.0))
      NuGet.Frameworks (>= 5.11)
      System.Reflection.Metadata (>= 1.6)
    Microsoft.TestPlatform.TestHost (17.2) - restriction: || (&& (== net45) (>= netcoreapp1.0)) (&& (== net462) (>= netcoreapp1.0)) (&& (== net47) (>= netcoreapp1.0)) (&& (== net472) (>= netcoreapp1.0)) (&& (== net48) (>= netcoreapp1.0)) (== netcoreapp2.1) (== netcoreapp3.1) (&& (== netstandard2.0) (>= netcoreapp1.0))
      Microsoft.TestPlatform.ObjectModel (>= 17.2) - restriction: || (&& (== net45) (>= netcoreapp1.0)) (&& (== net45) (>= uap10.0)) (&& (== net462) (>= netcoreapp1.0)) (&& (== net462) (>= uap10.0)) (&& (== net47) (>= netcoreapp1.0)) (&& (== net47) (>= uap10.0)) (&& (== net472) (>= netcoreapp1.0)) (&& (== net472) (>= uap10.0)) (&& (== net48) (>= netcoreapp1.0)) (&& (== net48) (>= uap10.0)) (== netcoreapp2.1) (== netcoreapp3.1) (&& (== netstandard2.0) (>= netcoreapp1.0)) (&& (== netstandard2.0) (>= uap10.0))
      Newtonsoft.Json (>= 9.0.1) - restriction: || (&& (== net45) (>= netcoreapp1.0)) (&& (== net45) (>= uap10.0)) (&& (== net462) (>= netcoreapp1.0)) (&& (== net462) (>= uap10.0)) (&& (== net47) (>= netcoreapp1.0)) (&& (== net47) (>= uap10.0)) (&& (== net472) (>= netcoreapp1.0)) (&& (== net472) (>= uap10.0)) (&& (== net48) (>= netcoreapp1.0)) (&& (== net48) (>= uap10.0)) (== netcoreapp2.1) (== netcoreapp3.1) (&& (== netstandard2.0) (>= netcoreapp1.0)) (&& (== netstandard2.0) (>= uap10.0))
    Microsoft.Win32.Registry (5.0) - restriction: || (&& (== net45) (>= netcoreapp3.1)) (&& (== net462) (>= netcoreapp3.1)) (&& (== net47) (>= netcoreapp3.1)) (&& (== net472) (>= netcoreapp3.1)) (&& (== net48) (>= netcoreapp3.1)) (&& (== netcoreapp2.1) (>= netcoreapp3.1)) (== netcoreapp3.1) (&& (== netstandard2.0) (>= netcoreapp3.1))
      System.Security.AccessControl (>= 5.0) - restriction: || (&& (== net45) (>= monoandroid)) (&& (== net45) (>= monotouch)) (&& (== net45) (>= net461)) (&& (== net45) (>= netcoreapp2.0)) (&& (== net45) (>= netcoreapp2.1)) (&& (== net45) (>= netstandard2.0)) (&& (== net45) (>= uap10.1)) (&& (== net45) (>= xamarinios)) (&& (== net45) (>= xamarinmac)) (&& (== net45) (>= xamarintvos)) (&& (== net45) (>= xamarinwatchos)) (== net462) (== net47) (== net472) (== net48) (== netcoreapp2.1) (== netcoreapp3.1) (== netstandard2.0)
      System.Security.Principal.Windows (>= 5.0) - restriction: || (&& (== net45) (>= monoandroid)) (&& (== net45) (>= monotouch)) (&& (== net45) (>= net461)) (&& (== net45) (>= netcoreapp2.0)) (&& (== net45) (>= netcoreapp2.1)) (&& (== net45) (>= netstandard2.0)) (&& (== net45) (>= uap10.1)) (&& (== net45) (>= xamarinios)) (&& (== net45) (>= xamarinmac)) (&& (== net45) (>= xamarintvos)) (&& (== net45) (>= xamarinwatchos)) (== net462) (== net47) (== net472) (== net48) (== netcoreapp2.1) (== netcoreapp3.1) (== netstandard2.0)
    Microsoft.Win32.SystemEvents (6.0.1) - restriction: || (&& (== net45) (>= netcoreapp3.1)) (&& (== net462) (>= netcoreapp3.1)) (&& (== net47) (>= netcoreapp3.1)) (&& (== net472) (>= netcoreapp3.1)) (&& (== net48) (>= netcoreapp3.1)) (&& (== netcoreapp2.1) (>= netcoreapp3.1)) (== netcoreapp3.1) (&& (== netstandard2.0) (>= netcoreapp3.1))
    Mono.Cecil (0.11.4) - restriction: || (&& (== net45) (>= netcoreapp2.0)) (&& (== net462) (>= netcoreapp2.0)) (&& (== net47) (>= netcoreapp2.0)) (&& (== net472) (>= netcoreapp2.0)) (&& (== net48) (>= netcoreapp2.0)) (== netcoreapp2.1) (== netcoreapp3.1) (&& (== netstandard2.0) (>= netcoreapp2.0))
    NETStandard.Library (2.0.3) - restriction: || (== net45) (&& (== net462) (< net452)) (&& (== net462) (< net46) (>= netstandard2.0)) (&& (== net462) (>= netcoreapp2.0)) (&& (== net462) (>= netcoreapp2.2)) (&& (== net47) (< net452)) (&& (== net47) (< net46) (>= netstandard2.0)) (&& (== net47) (>= netcoreapp2.0)) (&& (== net47) (>= netcoreapp2.2)) (&& (== net472) (< net452)) (&& (== net472) (< net46)) (&& (== net472) (>= netcoreapp2.0)) (&& (== net472) (>= netcoreapp2.2)) (&& (== net48) (< net452)) (&& (== net48) (< net46)) (&& (== net48) (>= netcoreapp2.0)) (&& (== net48) (>= netcoreapp2.2)) (== netcoreapp2.1) (== netcoreapp3.1) (== netstandard2.0)
      Microsoft.NETCore.Platforms (>= 1.1)
    Newtonsoft.Json (13.0.1) - restriction: || (&& (== net45) (>= netcoreapp2.0)) (&& (== net45) (>= netstandard2.0)) (&& (== net462) (>= netcoreapp2.0)) (&& (== net462) (>= netstandard2.0)) (&& (== net47) (>= netcoreapp2.0)) (&& (== net47) (>= netstandard2.0)) (== net472) (== net48) (== netcoreapp2.1) (== netcoreapp3.1) (== netstandard2.0)
    NHamcrest (2.0.1) - restriction: || (&& (== net45) (>= net46)) (&& (== net45) (>= netstandard2.0)) (== net462) (== net47) (== net472) (== net48) (== netcoreapp2.1) (== netcoreapp3.1) (== netstandard2.0)
      NETStandard.Library (>= 1.6.1) - restriction: || (&& (== net45) (>= netstandard1.5)) (&& (== net462) (< net451)) (&& (== net47) (< net451)) (&& (== net472) (< net451)) (&& (== net48) (< net451)) (== netcoreapp2.1) (== netcoreapp3.1) (== netstandard2.0)
    NuGet.Common (6.2.1) - restriction: || (&& (== net45) (>= netcoreapp2.0)) (&& (== net462) (>= netcoreapp2.0)) (&& (== net47) (>= netcoreapp2.0)) (&& (== net472) (>= netcoreapp2.0)) (&& (== net48) (>= netcoreapp2.0)) (== netcoreapp2.1) (== netcoreapp3.1) (&& (== netstandard2.0) (>= netcoreapp2.0))
      NuGet.Frameworks (>= 6.2.1)
    NuGet.Configuration (6.2.1) - restriction: || (&& (== net45) (>= netcoreapp2.0)) (&& (== net462) (>= netcoreapp2.0)) (&& (== net47) (>= netcoreapp2.0)) (&& (== net472) (>= netcoreapp2.0)) (&& (== net48) (>= netcoreapp2.0)) (== netcoreapp2.1) (== netcoreapp3.1) (&& (== netstandard2.0) (>= netcoreapp2.0))
      NuGet.Common (>= 6.2.1)
      System.Security.Cryptography.ProtectedData (>= 4.4) - restriction: || (&& (== net462) (< net45) (>= netstandard2.0)) (&& (== net47) (< net45) (>= netstandard2.0)) (&& (== net472) (< net45)) (&& (== net48) (< net45)) (== netcoreapp2.1) (== netcoreapp3.1) (== netstandard2.0)
    NuGet.Frameworks (6.2.1) - restriction: || (&& (== net45) (>= netcoreapp1.0)) (&& (== net45) (>= netcoreapp2.0)) (&& (== net45) (>= netcoreapp2.1)) (&& (== net462) (>= netcoreapp1.0)) (&& (== net462) (>= netcoreapp2.0)) (&& (== net462) (>= netcoreapp2.1)) (&& (== net47) (>= netcoreapp1.0)) (&& (== net47) (>= netcoreapp2.0)) (&& (== net47) (>= netcoreapp2.1)) (&& (== net472) (>= netcoreapp1.0)) (&& (== net472) (>= netcoreapp2.0)) (&& (== net472) (>= netcoreapp2.1)) (&& (== net48) (>= netcoreapp1.0)) (&& (== net48) (>= netcoreapp2.0)) (&& (== net48) (>= netcoreapp2.1)) (== netcoreapp2.1) (== netcoreapp3.1) (&& (== netstandard2.0) (>= netcoreapp1.0)) (&& (== netstandard2.0) (>= netcoreapp2.0)) (&& (== netstandard2.0) (>= netcoreapp2.1))
    NuGet.Packaging (6.2.1) - restriction: || (&& (== net45) (>= netcoreapp2.0)) (&& (== net462) (>= netcoreapp2.0)) (&& (== net47) (>= netcoreapp2.0)) (&& (== net472) (>= netcoreapp2.0)) (&& (== net48) (>= netcoreapp2.0)) (== netcoreapp2.1) (== netcoreapp3.1) (&& (== netstandard2.0) (>= netcoreapp2.0))
      Newtonsoft.Json (>= 13.0.1) - restriction: || (&& (== net45) (>= netstandard2.0)) (&& (== net462) (>= netstandard2.0)) (&& (== net47) (>= netstandard2.0)) (== net472) (== net48) (== netcoreapp2.1) (== netcoreapp3.1) (== netstandard2.0)
      NuGet.Configuration (>= 6.2.1) - restriction: || (&& (== net45) (>= netstandard2.0)) (&& (== net462) (>= netstandard2.0)) (&& (== net47) (>= netstandard2.0)) (== net472) (== net48) (== netcoreapp2.1) (== netcoreapp3.1) (== netstandard2.0)
      NuGet.Versioning (>= 6.2.1) - restriction: || (&& (== net45) (>= netstandard2.0)) (&& (== net462) (>= netstandard2.0)) (&& (== net47) (>= netstandard2.0)) (== net472) (== net48) (== netcoreapp2.1) (== netcoreapp3.1) (== netstandard2.0)
      System.Security.Cryptography.Cng (>= 5.0) - restriction: || (&& (== net45) (>= net5.0)) (&& (== net45) (>= netstandard2.0)) (&& (== net462) (>= net5.0)) (&& (== net462) (>= netstandard2.0)) (&& (== net47) (>= net5.0)) (&& (== net47) (>= netstandard2.0)) (&& (== net472) (>= net5.0)) (&& (== net48) (< net472)) (&& (== net48) (>= net5.0)) (== netcoreapp2.1) (== netcoreapp3.1) (== netstandard2.0)
      System.Security.Cryptography.Pkcs (>= 5.0) - restriction: || (&& (== net45) (>= net5.0)) (&& (== net45) (>= netstandard2.0)) (&& (== net462) (>= net5.0)) (&& (== net462) (>= netstandard2.0)) (&& (== net47) (>= net5.0)) (&& (== net47) (>= netstandard2.0)) (&& (== net472) (>= net5.0)) (&& (== net48) (< net472)) (&& (== net48) (>= net5.0)) (== netcoreapp2.1) (== netcoreapp3.1) (== netstandard2.0)
    NuGet.Versioning (6.2.1) - restriction: || (&& (== net45) (>= netcoreapp2.0)) (&& (== net462) (>= netcoreapp2.0)) (&& (== net47) (>= netcoreapp2.0)) (&& (== net472) (>= netcoreapp2.0)) (&& (== net48) (>= netcoreapp2.0)) (== netcoreapp2.1) (== netcoreapp3.1) (&& (== netstandard2.0) (>= netcoreapp2.0))
    Paket.Core (7.0) - restriction: || (&& (== net45) (>= netcoreapp2.0)) (&& (== net462) (>= netcoreapp2.0)) (&& (== net47) (>= netcoreapp2.0)) (&& (== net472) (>= netcoreapp2.0)) (&& (== net48) (>= netcoreapp2.0)) (== netcoreapp2.1) (== netcoreapp3.1) (&& (== netstandard2.0) (>= netcoreapp2.0))
      Chessie (>= 0.6) - restriction: || (&& (== net45) (>= net461)) (&& (== net45) (>= netstandard2.0)) (== net462) (== net47) (== net472) (== net48) (== netcoreapp2.1) (== netcoreapp3.1) (== netstandard2.0)
      FSharp.Core (>= 6.0.3) - restriction: || (&& (== net45) (>= net461)) (&& (== net45) (>= netstandard2.0)) (== net462) (== net47) (== net472) (== net48) (== netcoreapp2.1) (== netcoreapp3.1) (== netstandard2.0)
      Mono.Cecil (>= 0.11.3) - restriction: || (&& (== net45) (>= net461)) (&& (== net45) (>= netstandard2.0)) (== net462) (== net47) (== net472) (== net48) (== netcoreapp2.1) (== netcoreapp3.1) (== netstandard2.0)
      Newtonsoft.Json (>= 13.0.1) - restriction: || (&& (== net45) (>= net461)) (&& (== net45) (>= netstandard2.0)) (== net462) (== net47) (== net472) (== net48) (== netcoreapp2.1) (== netcoreapp3.1) (== netstandard2.0)
      NuGet.Packaging (>= 5.9.1) - restriction: || (&& (== net45) (>= net461)) (&& (== net45) (>= netstandard2.0)) (== net462) (== net47) (== net472) (== net48) (== netcoreapp2.1) (== netcoreapp3.1) (== netstandard2.0)
      System.Net.Http (>= 4.3.4) - restriction: || (&& (== net45) (>= netstandard2.0)) (&& (== net462) (< net461) (>= netstandard2.0)) (&& (== net47) (< net461) (>= netstandard2.0)) (&& (== net472) (< net461)) (&& (== net48) (< net461)) (== netcoreapp2.1) (== netcoreapp3.1) (== netstandard2.0)
      System.Net.Http.WinHttpHandler (>= 5.0) - restriction: || (&& (== net45) (>= net461)) (&& (== net45) (>= netstandard2.0)) (== net462) (== net47) (== net472) (== net48) (== netcoreapp2.1) (== netcoreapp3.1) (== netstandard2.0)
      System.Security.Cryptography.ProtectedData (>= 5.0) - restriction: || (&& (== net45) (>= net461)) (&& (== net45) (>= netstandard2.0)) (== net462) (== net47) (== net472) (== net48) (== netcoreapp2.1) (== netcoreapp3.1) (== netstandard2.0)
    runtime.debian.8-x64.runtime.native.System.Security.Cryptography.OpenSsl (4.3.3) - restriction: || (&& (== net45) (>= netcoreapp2.0)) (&& (== net462) (>= netcoreapp2.0)) (&& (== net47) (>= netcoreapp2.0)) (&& (== net472) (>= netcoreapp2.0)) (&& (== net48) (>= netcoreapp2.0)) (== netcoreapp2.1) (== netcoreapp3.1) (&& (== netstandard2.0) (>= netcoreapp2.0))
    runtime.debian.9-x64.runtime.native.System.Security.Cryptography.OpenSsl (4.3.3) - restriction: || (&& (== net45) (>= netcoreapp2.0)) (&& (== net462) (>= netcoreapp2.0)) (&& (== net47) (>= netcoreapp2.0)) (&& (== net472) (>= netcoreapp2.0)) (&& (== net48) (>= netcoreapp2.0)) (== netcoreapp2.1) (== netcoreapp3.1) (&& (== netstandard2.0) (>= netcoreapp2.0))
    runtime.fedora.23-x64.runtime.native.System.Security.Cryptography.OpenSsl (4.3.3) - restriction: || (&& (== net45) (>= netcoreapp2.0)) (&& (== net462) (>= netcoreapp2.0)) (&& (== net47) (>= netcoreapp2.0)) (&& (== net472) (>= netcoreapp2.0)) (&& (== net48) (>= netcoreapp2.0)) (== netcoreapp2.1) (== netcoreapp3.1) (&& (== netstandard2.0) (>= netcoreapp2.0))
    runtime.fedora.24-x64.runtime.native.System.Security.Cryptography.OpenSsl (4.3.3) - restriction: || (&& (== net45) (>= netcoreapp2.0)) (&& (== net462) (>= netcoreapp2.0)) (&& (== net47) (>= netcoreapp2.0)) (&& (== net472) (>= netcoreapp2.0)) (&& (== net48) (>= netcoreapp2.0)) (== netcoreapp2.1) (== netcoreapp3.1) (&& (== netstandard2.0) (>= netcoreapp2.0))
    runtime.fedora.27-x64.runtime.native.System.Security.Cryptography.OpenSsl (4.3.3) - restriction: || (&& (== net45) (>= netcoreapp2.0)) (&& (== net462) (>= netcoreapp2.0)) (&& (== net47) (>= netcoreapp2.0)) (&& (== net472) (>= netcoreapp2.0)) (&& (== net48) (>= netcoreapp2.0)) (== netcoreapp2.1) (== netcoreapp3.1) (&& (== netstandard2.0) (>= netcoreapp2.0))
    runtime.fedora.28-x64.runtime.native.System.Security.Cryptography.OpenSsl (4.3.3) - restriction: || (&& (== net45) (>= netcoreapp2.0)) (&& (== net462) (>= netcoreapp2.0)) (&& (== net47) (>= netcoreapp2.0)) (&& (== net472) (>= netcoreapp2.0)) (&& (== net48) (>= netcoreapp2.0)) (== netcoreapp2.1) (== netcoreapp3.1) (&& (== netstandard2.0) (>= netcoreapp2.0))
    runtime.native.System (4.3.1) - restriction: || (&& (== net45) (>= netcoreapp2.0)) (&& (== net462) (< net45)) (&& (== net462) (>= netcoreapp2.0)) (&& (== net47) (< net45)) (&& (== net47) (>= netcoreapp2.0)) (&& (== net472) (< net45)) (&& (== net472) (>= netcoreapp2.0)) (&& (== net48) (< net45)) (&& (== net48) (>= netcoreapp2.0)) (== netcoreapp2.1) (== netcoreapp3.1) (== netstandard2.0)
      Microsoft.NETCore.Platforms (>= 1.1.1)
      Microsoft.NETCore.Targets (>= 1.1.3)
    runtime.native.System.IO.Compression (4.3.2) - restriction: || (&& (== net462) (< net45)) (&& (== net47) (< net45)) (&& (== net472) (< net45)) (&& (== net48) (< net45)) (== netcoreapp2.1) (== netcoreapp3.1) (== netstandard2.0)
      Microsoft.NETCore.Platforms (>= 1.1.1)
      Microsoft.NETCore.Targets (>= 1.1.3)
    runtime.native.System.Net.Http (4.3.1) - restriction: || (&& (== net45) (>= netcoreapp2.0)) (&& (== net462) (>= netcoreapp2.0)) (&& (== net47) (>= netcoreapp2.0)) (&& (== net472) (>= netcoreapp2.0)) (&& (== net48) (>= netcoreapp2.0)) (== netcoreapp2.1) (== netcoreapp3.1) (&& (== netstandard2.0) (>= netcoreapp2.0))
      Microsoft.NETCore.Platforms (>= 1.1.1)
      Microsoft.NETCore.Targets (>= 1.1.3)
    runtime.native.System.Security.Cryptography.Apple (4.3.1) - restriction: || (&& (== net45) (>= netcoreapp2.0)) (&& (== net462) (>= netcoreapp2.0)) (&& (== net47) (>= netcoreapp2.0)) (&& (== net472) (>= netcoreapp2.0)) (&& (== net48) (>= netcoreapp2.0)) (== netcoreapp2.1) (== netcoreapp3.1) (&& (== netstandard2.0) (>= netcoreapp2.0))
      runtime.osx.10.10-x64.runtime.native.System.Security.Cryptography.Apple (>= 4.3.1)
    runtime.native.System.Security.Cryptography.OpenSsl (4.3.3) - restriction: || (&& (== net45) (>= netcoreapp2.0)) (&& (== net462) (>= netcoreapp2.0)) (&& (== net47) (>= netcoreapp2.0)) (&& (== net472) (>= netcoreapp2.0)) (&& (== net48) (>= netcoreapp2.0)) (== netcoreapp2.1) (== netcoreapp3.1) (&& (== netstandard2.0) (>= netcoreapp2.0))
      runtime.debian.8-x64.runtime.native.System.Security.Cryptography.OpenSsl (>= 4.3.3)
      runtime.debian.9-x64.runtime.native.System.Security.Cryptography.OpenSsl (>= 4.3.3)
      runtime.fedora.23-x64.runtime.native.System.Security.Cryptography.OpenSsl (>= 4.3.3)
      runtime.fedora.24-x64.runtime.native.System.Security.Cryptography.OpenSsl (>= 4.3.3)
      runtime.fedora.27-x64.runtime.native.System.Security.Cryptography.OpenSsl (>= 4.3.3)
      runtime.fedora.28-x64.runtime.native.System.Security.Cryptography.OpenSsl (>= 4.3.3)
      runtime.opensuse.13.2-x64.runtime.native.System.Security.Cryptography.OpenSsl (>= 4.3.3)
      runtime.opensuse.42.1-x64.runtime.native.System.Security.Cryptography.OpenSsl (>= 4.3.3)
      runtime.opensuse.42.3-x64.runtime.native.System.Security.Cryptography.OpenSsl (>= 4.3.3)
      runtime.osx.10.10-x64.runtime.native.System.Security.Cryptography.OpenSsl (>= 4.3.3)
      runtime.rhel.7-x64.runtime.native.System.Security.Cryptography.OpenSsl (>= 4.3.3)
      runtime.ubuntu.14.04-x64.runtime.native.System.Security.Cryptography.OpenSsl (>= 4.3.3)
      runtime.ubuntu.16.04-x64.runtime.native.System.Security.Cryptography.OpenSsl (>= 4.3.3)
      runtime.ubuntu.16.10-x64.runtime.native.System.Security.Cryptography.OpenSsl (>= 4.3.3)
      runtime.ubuntu.18.04-x64.runtime.native.System.Security.Cryptography.OpenSsl (>= 4.3.3)
    runtime.opensuse.13.2-x64.runtime.native.System.Security.Cryptography.OpenSsl (4.3.3) - restriction: || (&& (== net45) (>= netcoreapp2.0)) (&& (== net462) (>= netcoreapp2.0)) (&& (== net47) (>= netcoreapp2.0)) (&& (== net472) (>= netcoreapp2.0)) (&& (== net48) (>= netcoreapp2.0)) (== netcoreapp2.1) (== netcoreapp3.1) (&& (== netstandard2.0) (>= netcoreapp2.0))
    runtime.opensuse.42.1-x64.runtime.native.System.Security.Cryptography.OpenSsl (4.3.3) - restriction: || (&& (== net45) (>= netcoreapp2.0)) (&& (== net462) (>= netcoreapp2.0)) (&& (== net47) (>= netcoreapp2.0)) (&& (== net472) (>= netcoreapp2.0)) (&& (== net48) (>= netcoreapp2.0)) (== netcoreapp2.1) (== netcoreapp3.1) (&& (== netstandard2.0) (>= netcoreapp2.0))
    runtime.opensuse.42.3-x64.runtime.native.System.Security.Cryptography.OpenSsl (4.3.3) - restriction: || (&& (== net45) (>= netcoreapp2.0)) (&& (== net462) (>= netcoreapp2.0)) (&& (== net47) (>= netcoreapp2.0)) (&& (== net472) (>= netcoreapp2.0)) (&& (== net48) (>= netcoreapp2.0)) (== netcoreapp2.1) (== netcoreapp3.1) (&& (== netstandard2.0) (>= netcoreapp2.0))
    runtime.osx.10.10-x64.runtime.native.System.Security.Cryptography.Apple (4.3.1) - restriction: || (&& (== net45) (>= netcoreapp2.0)) (&& (== net462) (>= netcoreapp2.0)) (&& (== net47) (>= netcoreapp2.0)) (&& (== net472) (>= netcoreapp2.0)) (&& (== net48) (>= netcoreapp2.0)) (== netcoreapp2.1) (== netcoreapp3.1) (&& (== netstandard2.0) (>= netcoreapp2.0))
    runtime.osx.10.10-x64.runtime.native.System.Security.Cryptography.OpenSsl (4.3.3) - restriction: || (&& (== net45) (>= netcoreapp2.0)) (&& (== net462) (>= netcoreapp2.0)) (&& (== net47) (>= netcoreapp2.0)) (&& (== net472) (>= netcoreapp2.0)) (&& (== net48) (>= netcoreapp2.0)) (== netcoreapp2.1) (== netcoreapp3.1) (&& (== netstandard2.0) (>= netcoreapp2.0))
    runtime.rhel.7-x64.runtime.native.System.Security.Cryptography.OpenSsl (4.3.3) - restriction: || (&& (== net45) (>= netcoreapp2.0)) (&& (== net462) (>= netcoreapp2.0)) (&& (== net47) (>= netcoreapp2.0)) (&& (== net472) (>= netcoreapp2.0)) (&& (== net48) (>= netcoreapp2.0)) (== netcoreapp2.1) (== netcoreapp3.1) (&& (== netstandard2.0) (>= netcoreapp2.0))
    runtime.ubuntu.14.04-x64.runtime.native.System.Security.Cryptography.OpenSsl (4.3.3) - restriction: || (&& (== net45) (>= netcoreapp2.0)) (&& (== net462) (>= netcoreapp2.0)) (&& (== net47) (>= netcoreapp2.0)) (&& (== net472) (>= netcoreapp2.0)) (&& (== net48) (>= netcoreapp2.0)) (== netcoreapp2.1) (== netcoreapp3.1) (&& (== netstandard2.0) (>= netcoreapp2.0))
    runtime.ubuntu.16.04-x64.runtime.native.System.Security.Cryptography.OpenSsl (4.3.3) - restriction: || (&& (== net45) (>= netcoreapp2.0)) (&& (== net462) (>= netcoreapp2.0)) (&& (== net47) (>= netcoreapp2.0)) (&& (== net472) (>= netcoreapp2.0)) (&& (== net48) (>= netcoreapp2.0)) (== netcoreapp2.1) (== netcoreapp3.1) (&& (== netstandard2.0) (>= netcoreapp2.0))
    runtime.ubuntu.16.10-x64.runtime.native.System.Security.Cryptography.OpenSsl (4.3.3) - restriction: || (&& (== net45) (>= netcoreapp2.0)) (&& (== net462) (>= netcoreapp2.0)) (&& (== net47) (>= netcoreapp2.0)) (&& (== net472) (>= netcoreapp2.0)) (&& (== net48) (>= netcoreapp2.0)) (== netcoreapp2.1) (== netcoreapp3.1) (&& (== netstandard2.0) (>= netcoreapp2.0))
    runtime.ubuntu.18.04-x64.runtime.native.System.Security.Cryptography.OpenSsl (4.3.3) - restriction: || (&& (== net45) (>= netcoreapp2.0)) (&& (== net462) (>= netcoreapp2.0)) (&& (== net47) (>= netcoreapp2.0)) (&& (== net472) (>= netcoreapp2.0)) (&& (== net48) (>= netcoreapp2.0)) (== netcoreapp2.1) (== netcoreapp3.1) (&& (== netstandard2.0) (>= netcoreapp2.0))
    System.Buffers (4.5.1) - restriction: || (&& (== net45) (>= net5.0)) (&& (== net45) (>= netcoreapp2.0)) (&& (== net45) (>= netstandard2.0)) (&& (== net45) (>= xamarinios)) (&& (== net45) (>= xamarinmac)) (&& (== net462) (< net45)) (&& (== net462) (>= net5.0)) (&& (== net462) (>= netcoreapp2.0)) (&& (== net462) (>= netstandard2.0)) (&& (== net462) (>= xamarinios)) (&& (== net462) (>= xamarinmac)) (&& (== net47) (< net45)) (&& (== net47) (>= net5.0)) (&& (== net47) (>= netcoreapp2.0)) (&& (== net47) (>= netstandard2.0)) (&& (== net47) (>= xamarinios)) (&& (== net47) (>= xamarinmac)) (== net472) (== net48) (== netcoreapp2.1) (== netcoreapp3.1) (== netstandard2.0)
    System.CodeDom (6.0) - restriction: || (&& (== net45) (>= netstandard2.0)) (&& (== net462) (>= netstandard2.0)) (&& (== net47) (>= netstandard2.0)) (== net472) (== net48) (== netcoreapp2.1) (== netcoreapp3.1) (== netstandard2.0)
    System.Collections (4.3) - restriction: || (&& (== net45) (>= netcoreapp2.0)) (&& (== net462) (< net45)) (&& (== net462) (>= netcoreapp2.0)) (&& (== net47) (< net45)) (&& (== net47) (>= netcoreapp2.0)) (&& (== net472) (< net45)) (&& (== net472) (>= netcoreapp2.0)) (&& (== net48) (< net45)) (&& (== net48) (>= netcoreapp2.0)) (== netcoreapp2.1) (== netcoreapp3.1) (== netstandard2.0)
      Microsoft.NETCore.Platforms (>= 1.1) - restriction: || (&& (== net462) (< net45)) (&& (== net47) (< net45)) (&& (== net472) (< net45)) (&& (== net48) (< net45)) (== netcoreapp2.1) (== netcoreapp3.1) (== netstandard2.0)
      Microsoft.NETCore.Targets (>= 1.1) - restriction: || (&& (== net462) (< net45)) (&& (== net47) (< net45)) (&& (== net472) (< net45)) (&& (== net48) (< net45)) (== netcoreapp2.1) (== netcoreapp3.1) (== netstandard2.0)
      System.Runtime (>= 4.3) - restriction: || (&& (== net462) (< net45)) (&& (== net47) (< net45)) (&& (== net472) (< net45)) (&& (== net48) (< net45)) (== netcoreapp2.1) (== netcoreapp3.1) (== netstandard2.0)
    System.Collections.Concurrent (4.3) - restriction: || (&& (== net45) (>= netcoreapp2.0)) (&& (== net462) (>= netcoreapp2.0)) (&& (== net47) (>= netcoreapp2.0)) (&& (== net472) (>= netcoreapp2.0)) (&& (== net48) (>= netcoreapp2.0)) (== netcoreapp2.1) (== netcoreapp3.1) (&& (== netstandard2.0) (>= netcoreapp2.0))
      System.Collections (>= 4.3) - restriction: || (&& (== net462) (< net45)) (&& (== net47) (< net45)) (&& (== net472) (< net45)) (&& (== net48) (< net45)) (== netcoreapp2.1) (== netcoreapp3.1) (== netstandard2.0)
      System.Diagnostics.Debug (>= 4.3) - restriction: || (&& (== net462) (< net45)) (&& (== net47) (< net45)) (&& (== net472) (< net45)) (&& (== net48) (< net45)) (== netcoreapp2.1) (== netcoreapp3.1) (== netstandard2.0)
      System.Diagnostics.Tracing (>= 4.3) - restriction: || (&& (== net462) (< net45)) (&& (== net47) (< net45)) (&& (== net472) (< net45)) (&& (== net48) (< net45)) (== netcoreapp2.1) (== netcoreapp3.1) (== netstandard2.0)
      System.Globalization (>= 4.3) - restriction: || (&& (== net462) (< net45)) (&& (== net47) (< net45)) (&& (== net472) (< net45)) (&& (== net48) (< net45)) (== netcoreapp2.1) (== netcoreapp3.1) (== netstandard2.0)
      System.Reflection (>= 4.3) - restriction: || (&& (== net462) (< net45)) (&& (== net47) (< net45)) (&& (== net472) (< net45)) (&& (== net48) (< net45)) (== netcoreapp2.1) (== netcoreapp3.1) (== netstandard2.0)
      System.Resources.ResourceManager (>= 4.3) - restriction: || (&& (== net462) (< net45)) (&& (== net47) (< net45)) (&& (== net472) (< net45)) (&& (== net48) (< net45)) (== netcoreapp2.1) (== netcoreapp3.1) (== netstandard2.0)
      System.Runtime (>= 4.3) - restriction: || (&& (== net462) (< net45)) (&& (== net47) (< net45)) (&& (== net472) (< net45)) (&& (== net48) (< net45)) (== netcoreapp2.1) (== netcoreapp3.1) (== netstandard2.0)
      System.Runtime.Extensions (>= 4.3) - restriction: || (&& (== net462) (< net45)) (&& (== net47) (< net45)) (&& (== net472) (< net45)) (&& (== net48) (< net45)) (== netcoreapp2.1) (== netcoreapp3.1) (== netstandard2.0)
      System.Threading (>= 4.3) - restriction: || (&& (== net462) (< net45)) (&& (== net47) (< net45)) (&& (== net472) (< net45)) (&& (== net48) (< net45)) (== netcoreapp2.1) (== netcoreapp3.1) (== netstandard2.0)
      System.Threading.Tasks (>= 4.3) - restriction: || (&& (== net462) (< net45)) (&& (== net47) (< net45)) (&& (== net472) (< net45)) (&& (== net48) (< net45)) (== netcoreapp2.1) (== netcoreapp3.1) (== netstandard2.0)
    System.Collections.Immutable (6.0) - restriction: || (&& (== net45) (>= net461) (>= netcoreapp1.0)) (&& (== net45) (>= netcoreapp2.1)) (&& (== net45) (>= netstandard2.0)) (&& (== net462) (>= netcoreapp1.0)) (&& (== net462) (>= netcoreapp2.1)) (&& (== net462) (>= netstandard2.0)) (&& (== net47) (>= netcoreapp1.0)) (&& (== net47) (>= netcoreapp2.1)) (&& (== net47) (>= netstandard2.0)) (== net472) (== net48) (== netcoreapp2.1) (== netcoreapp3.1) (== netstandard2.0)
      System.Memory (>= 4.5.4) - restriction: || (&& (== net45) (>= net461)) (&& (== net45) (>= netstandard2.0)) (== net462) (== net47) (== net472) (== net48) (== netcoreapp2.1) (== netcoreapp3.1) (== netstandard2.0)
      System.Runtime.CompilerServices.Unsafe (>= 6.0) - restriction: || (&& (== net45) (>= net461)) (&& (== net45) (>= netstandard2.0)) (== net462) (== net47) (== net472) (== net48) (== netcoreapp2.1) (== netcoreapp3.1) (== netstandard2.0)
    System.ComponentModel.Annotations (5.0) - restriction: || (&& (== net45) (== net472)) (&& (== net45) (== net48)) (&& (== net45) (== netcoreapp3.1)) (&& (== net45) (>= netstandard2.0)) (&& (== net462) (== netcoreapp3.1)) (&& (== net462) (< net461) (>= netstandard2.0)) (&& (== net47) (== netcoreapp3.1)) (&& (== net47) (< net461) (>= netstandard2.0)) (&& (== net472) (== netcoreapp3.1)) (&& (== net472) (< net461)) (&& (== net48) (== netcoreapp3.1)) (&& (== net48) (< net461)) (== netcoreapp2.1) (&& (== netcoreapp3.1) (< netstandard2.1)) (== netstandard2.0)
    System.Configuration.ConfigurationManager (6.0)
      System.Security.Cryptography.ProtectedData (>= 6.0) - restriction: || (&& (== net45) (>= net6.0)) (&& (== net45) (>= netstandard2.0)) (&& (== net462) (< net461) (>= netstandard2.0)) (&& (== net462) (>= net6.0)) (&& (== net47) (< net461) (>= netstandard2.0)) (&& (== net47) (>= net6.0)) (&& (== net472) (< net461)) (&& (== net472) (>= net6.0)) (&& (== net48) (< net461)) (&& (== net48) (>= net6.0)) (== netcoreapp2.1) (== netcoreapp3.1) (== netstandard2.0)
      System.Security.Permissions (>= 6.0) - restriction: || (&& (== net45) (>= net461)) (&& (== net45) (>= netstandard2.0)) (== net462) (== net47) (== net472) (== net48) (== netcoreapp2.1) (== netcoreapp3.1) (== netstandard2.0)
    System.Data.DataSetExtensions (4.5)
    System.Design (4.0)
    System.Diagnostics.Debug (4.3) - restriction: || (&& (== net45) (>= netcoreapp2.0)) (&& (== net462) (< net45)) (&& (== net462) (>= netcoreapp2.0)) (&& (== net47) (< net45)) (&& (== net47) (>= netcoreapp2.0)) (&& (== net472) (< net45)) (&& (== net472) (>= netcoreapp2.0)) (&& (== net48) (< net45)) (&& (== net48) (>= netcoreapp2.0)) (== netcoreapp2.1) (== netcoreapp3.1) (== netstandard2.0)
      Microsoft.NETCore.Platforms (>= 1.1) - restriction: || (&& (== net462) (< net45)) (&& (== net47) (< net45)) (&& (== net472) (< net45)) (&& (== net48) (< net45)) (== netcoreapp2.1) (== netcoreapp3.1) (== netstandard2.0)
      Microsoft.NETCore.Targets (>= 1.1) - restriction: || (&& (== net462) (< net45)) (&& (== net47) (< net45)) (&& (== net472) (< net45)) (&& (== net48) (< net45)) (== netcoreapp2.1) (== netcoreapp3.1) (== netstandard2.0)
      System.Runtime (>= 4.3) - restriction: || (&& (== net462) (< net45)) (&& (== net47) (< net45)) (&& (== net472) (< net45)) (&& (== net48) (< net45)) (== netcoreapp2.1) (== netcoreapp3.1) (== netstandard2.0)
    System.Diagnostics.DiagnosticSource (6.0) - restriction: || (&& (== net45) (>= netcoreapp2.0)) (&& (== net45) (>= netstandard2.0)) (&& (== net462) (>= netcoreapp2.0)) (&& (== net462) (>= netstandard2.0)) (&& (== net47) (>= netcoreapp2.0)) (&& (== net47) (>= netstandard2.0)) (== net472) (== net48) (== netcoreapp2.1) (== netcoreapp3.1) (== netstandard2.0)
      System.Memory (>= 4.5.4) - restriction: || (&& (== net45) (>= net461)) (&& (== net45) (>= netstandard2.0)) (== net462) (== net47) (== net472) (== net48) (== netcoreapp2.1) (== netcoreapp3.1) (== netstandard2.0)
      System.Runtime.CompilerServices.Unsafe (>= 6.0) - restriction: || (&& (== net45) (>= net461)) (&& (== net45) (>= netstandard2.0)) (== net462) (== net47) (== net472) (== net48) (== netcoreapp2.1) (== netcoreapp3.1) (== netstandard2.0)
    System.Diagnostics.PerformanceCounter (6.0.1)
      Microsoft.Win32.Registry (>= 5.0) - restriction: || (&& (== net45) (>= netcoreapp3.1)) (&& (== net462) (>= netcoreapp3.1)) (&& (== net47) (>= netcoreapp3.1)) (&& (== net472) (>= netcoreapp3.1)) (&& (== net48) (>= netcoreapp3.1)) (&& (== netcoreapp2.1) (>= netcoreapp3.1)) (== netcoreapp3.1) (&& (== netstandard2.0) (>= netcoreapp3.1))
      System.Configuration.ConfigurationManager (>= 6.0) - restriction: || (&& (== net45) (>= netcoreapp3.1)) (&& (== net462) (>= netcoreapp3.1)) (&& (== net47) (>= netcoreapp3.1)) (&& (== net472) (>= netcoreapp3.1)) (&& (== net48) (>= netcoreapp3.1)) (&& (== netcoreapp2.1) (>= netcoreapp3.1)) (== netcoreapp3.1) (&& (== netstandard2.0) (>= netcoreapp3.1))
      System.Security.Principal.Windows (>= 5.0) - restriction: || (&& (== net45) (>= netcoreapp3.1)) (&& (== net462) (>= netcoreapp3.1)) (&& (== net47) (>= netcoreapp3.1)) (&& (== net472) (>= netcoreapp3.1)) (&& (== net48) (>= netcoreapp3.1)) (&& (== netcoreapp2.1) (>= netcoreapp3.1)) (== netcoreapp3.1) (&& (== netstandard2.0) (>= netcoreapp3.1))
    System.Diagnostics.Tracing (4.3) - restriction: || (&& (== net45) (>= netcoreapp2.0)) (&& (== net462) (>= netcoreapp2.0)) (&& (== net47) (>= netcoreapp2.0)) (&& (== net472) (>= netcoreapp2.0)) (&& (== net48) (>= netcoreapp2.0)) (== netcoreapp2.1) (== netcoreapp3.1) (&& (== netstandard2.0) (>= netcoreapp2.0))
      Microsoft.NETCore.Platforms (>= 1.1) - restriction: || (&& (== net462) (< net45)) (&& (== net47) (< net45)) (&& (== net472) (< net45)) (&& (== net48) (< net45)) (== netcoreapp2.1) (== netcoreapp3.1) (== netstandard2.0)
      Microsoft.NETCore.Targets (>= 1.1) - restriction: || (&& (== net462) (< net45)) (&& (== net47) (< net45)) (&& (== net472) (< net45)) (&& (== net48) (< net45)) (== netcoreapp2.1) (== netcoreapp3.1) (== netstandard2.0)
      System.Runtime (>= 4.3) - restriction: || (&& (== net462) (< net45)) (&& (== net47) (< net45)) (&& (== net472) (< net45)) (&& (== net48) (< net45)) (== netcoreapp2.1) (== netcoreapp3.1) (== netstandard2.0)
    System.Drawing.Common (6.0) - restriction: || (&& (== net45) (>= netcoreapp3.1)) (&& (== net462) (>= netcoreapp3.1)) (&& (== net47) (>= netcoreapp3.1)) (&& (== net472) (>= netcoreapp3.1)) (&& (== net48) (>= netcoreapp3.1)) (&& (== netcoreapp2.1) (>= netcoreapp3.1)) (== netcoreapp3.1) (&& (== netstandard2.0) (>= netcoreapp3.1))
      Microsoft.Win32.SystemEvents (>= 6.0) - restriction: || (&& (== net45) (>= netcoreapp3.1)) (&& (== net462) (>= netcoreapp3.1)) (&& (== net47) (>= netcoreapp3.1)) (&& (== net472) (>= netcoreapp3.1)) (&& (== net48) (>= netcoreapp3.1)) (&& (== netcoreapp2.1) (>= netcoreapp3.1)) (== netcoreapp3.1) (&& (== netstandard2.0) (>= netcoreapp3.1))
    System.Formats.Asn1 (6.0) - restriction: || (&& (== net45) (>= net5.0)) (&& (== net45) (>= netcoreapp2.0)) (&& (== net45) (>= netcoreapp3.0)) (&& (== net462) (>= net5.0)) (&& (== net462) (>= netcoreapp2.0)) (&& (== net462) (>= netcoreapp3.0)) (&& (== net47) (>= net5.0)) (&& (== net47) (>= netcoreapp2.0)) (&& (== net47) (>= netcoreapp3.0)) (&& (== net472) (>= net5.0)) (&& (== net472) (>= netcoreapp2.0)) (&& (== net472) (>= netcoreapp3.0)) (&& (== net48) (>= net5.0)) (&& (== net48) (>= netcoreapp2.0)) (&& (== net48) (>= netcoreapp3.0)) (== netcoreapp2.1) (== netcoreapp3.1) (&& (== netstandard2.0) (>= net5.0)) (&& (== netstandard2.0) (>= netcoreapp2.0)) (&& (== netstandard2.0) (>= netcoreapp3.0))
      System.Buffers (>= 4.5.1) - restriction: || (&& (== net45) (>= net461)) (&& (== net45) (>= netstandard2.0)) (== net462) (== net47) (== net472) (== net48) (== netcoreapp2.1) (== netcoreapp3.1) (== netstandard2.0)
      System.Memory (>= 4.5.4) - restriction: || (&& (== net45) (>= net461)) (&& (== net45) (>= netstandard2.0)) (== net462) (== net47) (== net472) (== net48) (== netcoreapp2.1) (== netcoreapp3.1) (== netstandard2.0)
    System.Globalization (4.3) - restriction: || (&& (== net45) (>= netcoreapp2.0)) (&& (== net462) (< net45)) (&& (== net462) (>= netcoreapp2.0)) (&& (== net47) (< net45)) (&& (== net47) (>= netcoreapp2.0)) (&& (== net472) (< net45)) (&& (== net472) (>= netcoreapp2.0)) (&& (== net48) (< net45)) (&& (== net48) (>= netcoreapp2.0)) (== netcoreapp2.1) (== netcoreapp3.1) (== netstandard2.0)
      Microsoft.NETCore.Platforms (>= 1.1) - restriction: || (&& (== net462) (< net45)) (&& (== net47) (< net45)) (&& (== net472) (< net45)) (&& (== net48) (< net45)) (== netcoreapp2.1) (== netcoreapp3.1) (== netstandard2.0)
      Microsoft.NETCore.Targets (>= 1.1) - restriction: || (&& (== net462) (< net45)) (&& (== net47) (< net45)) (&& (== net472) (< net45)) (&& (== net48) (< net45)) (== netcoreapp2.1) (== netcoreapp3.1) (== netstandard2.0)
      System.Runtime (>= 4.3) - restriction: || (&& (== net462) (< net45)) (&& (== net47) (< net45)) (&& (== net472) (< net45)) (&& (== net48) (< net45)) (== netcoreapp2.1) (== netcoreapp3.1) (== netstandard2.0)
    System.Globalization.Calendars (4.3) - restriction: || (&& (== net45) (>= netcoreapp2.0)) (&& (== net462) (>= netcoreapp2.0)) (&& (== net47) (>= netcoreapp2.0)) (&& (== net472) (>= netcoreapp2.0)) (&& (== net48) (>= netcoreapp2.0)) (== netcoreapp2.1) (== netcoreapp3.1) (&& (== netstandard2.0) (>= netcoreapp2.0))
      Microsoft.NETCore.Platforms (>= 1.1) - restriction: || (&& (== net45) (>= netstandard1.3)) (&& (== net462) (< net46)) (&& (== net47) (< net46)) (&& (== net472) (< net46)) (&& (== net48) (< net46)) (== netcoreapp2.1) (== netcoreapp3.1) (== netstandard2.0)
      Microsoft.NETCore.Targets (>= 1.1) - restriction: || (&& (== net45) (>= netstandard1.3)) (&& (== net462) (< net46)) (&& (== net47) (< net46)) (&& (== net472) (< net46)) (&& (== net48) (< net46)) (== netcoreapp2.1) (== netcoreapp3.1) (== netstandard2.0)
      System.Globalization (>= 4.3) - restriction: || (&& (== net45) (>= netstandard1.3)) (&& (== net462) (< net46)) (&& (== net47) (< net46)) (&& (== net472) (< net46)) (&& (== net48) (< net46)) (== netcoreapp2.1) (== netcoreapp3.1) (== netstandard2.0)
      System.Runtime (>= 4.3) - restriction: || (&& (== net45) (>= netstandard1.3)) (&& (== net462) (< net46)) (&& (== net47) (< net46)) (&& (== net472) (< net46)) (&& (== net48) (< net46)) (== netcoreapp2.1) (== netcoreapp3.1) (== netstandard2.0)
    System.Globalization.Extensions (4.3) - restriction: || (&& (== net45) (>= netcoreapp2.0)) (&& (== net462) (>= netcoreapp2.0)) (&& (== net47) (>= netcoreapp2.0)) (&& (== net472) (>= netcoreapp2.0)) (&& (== net48) (>= netcoreapp2.0)) (== netcoreapp2.1) (== netcoreapp3.1) (&& (== netstandard2.0) (>= netcoreapp2.0))
      Microsoft.NETCore.Platforms (>= 1.1) - restriction: || (&& (== net45) (>= netstandard1.3)) (&& (== net462) (< net46)) (&& (== net47) (< net46)) (&& (== net472) (< net46)) (&& (== net48) (< net46)) (== netcoreapp2.1) (== netcoreapp3.1) (== netstandard2.0)
      System.Globalization (>= 4.3) - restriction: || (&& (== net45) (>= netstandard1.3)) (&& (== net462) (< net46)) (&& (== net47) (< net46)) (&& (== net472) (< net46)) (&& (== net48) (< net46)) (== netcoreapp2.1) (== netcoreapp3.1) (== netstandard2.0)
      System.Resources.ResourceManager (>= 4.3) - restriction: || (&& (== net45) (>= netstandard1.3)) (&& (== net462) (< net46)) (&& (== net47) (< net46)) (&& (== net472) (< net46)) (&& (== net48) (< net46)) (== netcoreapp2.1) (== netcoreapp3.1) (== netstandard2.0)
      System.Runtime (>= 4.3) - restriction: || (&& (== net45) (>= netstandard1.3)) (&& (== net462) (< net46)) (&& (== net47) (< net46)) (&& (== net472) (< net46)) (&& (== net48) (< net46)) (== netcoreapp2.1) (== netcoreapp3.1) (== netstandard2.0)
      System.Runtime.Extensions (>= 4.3) - restriction: || (&& (== net45) (>= netstandard1.3)) (&& (== net462) (< net46)) (&& (== net47) (< net46)) (&& (== net472) (< net46)) (&& (== net48) (< net46)) (== netcoreapp2.1) (== netcoreapp3.1) (== netstandard2.0)
      System.Runtime.InteropServices (>= 4.3) - restriction: || (&& (== net45) (>= netstandard1.3)) (&& (== net462) (< net46)) (&& (== net47) (< net46)) (&& (== net472) (< net46)) (&& (== net48) (< net46)) (== netcoreapp2.1) (== netcoreapp3.1) (== netstandard2.0)
    System.IO (4.3) - restriction: || (&& (== net45) (>= netcoreapp2.0)) (&& (== net462) (< net45)) (&& (== net462) (>= netcoreapp2.0)) (&& (== net47) (< net45)) (&& (== net47) (>= netcoreapp2.0)) (&& (== net472) (< net45)) (&& (== net472) (>= netcoreapp2.0)) (&& (== net48) (< net45)) (&& (== net48) (>= netcoreapp2.0)) (== netcoreapp2.1) (== netcoreapp3.1) (== netstandard2.0)
      Microsoft.NETCore.Platforms (>= 1.1) - restriction: || (&& (== net462) (< net45)) (&& (== net47) (< net45)) (&& (== net472) (< net45)) (&& (== net48) (< net45)) (== netcoreapp2.1) (== netcoreapp3.1) (== netstandard2.0)
      Microsoft.NETCore.Targets (>= 1.1) - restriction: || (&& (== net462) (< net45)) (&& (== net47) (< net45)) (&& (== net472) (< net45)) (&& (== net48) (< net45)) (== netcoreapp2.1) (== netcoreapp3.1) (== netstandard2.0)
      System.Runtime (>= 4.3) - restriction: || (&& (== net462) (< net45)) (&& (== net47) (< net45)) (&& (== net472) (< net45)) (&& (== net48) (< net45)) (== netcoreapp2.1) (== netcoreapp3.1) (== netstandard2.0)
      System.Text.Encoding (>= 4.3) - restriction: || (&& (== net462) (< net45)) (&& (== net47) (< net45)) (&& (== net472) (< net45)) (&& (== net48) (< net45)) (== netcoreapp2.1) (== netcoreapp3.1) (== netstandard2.0)
      System.Threading.Tasks (>= 4.3) - restriction: || (&& (== net462) (< net45)) (&& (== net47) (< net45)) (&& (== net472) (< net45)) (&& (== net48) (< net45)) (== netcoreapp2.1) (== netcoreapp3.1) (== netstandard2.0)
    System.IO.Compression (4.3)
      Microsoft.NETCore.Platforms (>= 1.1) - restriction: || (&& (== net462) (< net45)) (&& (== net47) (< net45)) (&& (== net472) (< net45)) (&& (== net48) (< net45)) (== netcoreapp2.1) (== netcoreapp3.1) (== netstandard2.0)
      runtime.native.System (>= 4.3) - restriction: || (&& (== net462) (< net45)) (&& (== net47) (< net45)) (&& (== net472) (< net45)) (&& (== net48) (< net45)) (== netcoreapp2.1) (== netcoreapp3.1) (== netstandard2.0)
      runtime.native.System.IO.Compression (>= 4.3) - restriction: || (&& (== net462) (< net45)) (&& (== net47) (< net45)) (&& (== net472) (< net45)) (&& (== net48) (< net45)) (== netcoreapp2.1) (== netcoreapp3.1) (== netstandard2.0)
      System.Buffers (>= 4.3) - restriction: || (&& (== net462) (< net45)) (&& (== net47) (< net45)) (&& (== net472) (< net45)) (&& (== net48) (< net45)) (== netcoreapp2.1) (== netcoreapp3.1) (== netstandard2.0)
      System.Collections (>= 4.3) - restriction: || (&& (== net462) (< net45)) (&& (== net47) (< net45)) (&& (== net472) (< net45)) (&& (== net48) (< net45)) (== netcoreapp2.1) (== netcoreapp3.1) (== netstandard2.0)
      System.Diagnostics.Debug (>= 4.3) - restriction: || (&& (== net462) (< net45)) (&& (== net47) (< net45)) (&& (== net472) (< net45)) (&& (== net48) (< net45)) (== netcoreapp2.1) (== netcoreapp3.1) (== netstandard2.0)
      System.IO (>= 4.3) - restriction: || (&& (== net462) (< net45)) (&& (== net47) (< net45)) (&& (== net472) (< net45)) (&& (== net48) (< net45)) (== netcoreapp2.1) (== netcoreapp3.1) (== netstandard2.0)
      System.Resources.ResourceManager (>= 4.3) - restriction: || (&& (== net462) (< net45)) (&& (== net47) (< net45)) (&& (== net472) (< net45)) (&& (== net48) (< net45)) (== netcoreapp2.1) (== netcoreapp3.1) (== netstandard2.0)
      System.Runtime (>= 4.3) - restriction: || (&& (== net462) (< net45)) (&& (== net47) (< net45)) (&& (== net472) (< net45)) (&& (== net48) (< net45)) (== netcoreapp2.1) (== netcoreapp3.1) (== netstandard2.0)
      System.Runtime.Extensions (>= 4.3) - restriction: || (&& (== net462) (< net45)) (&& (== net47) (< net45)) (&& (== net472) (< net45)) (&& (== net48) (< net45)) (== netcoreapp2.1) (== netcoreapp3.1) (== netstandard2.0)
      System.Runtime.Handles (>= 4.3) - restriction: || (&& (== net462) (< net45)) (&& (== net47) (< net45)) (&& (== net472) (< net45)) (&& (== net48) (< net45)) (== netcoreapp2.1) (== netcoreapp3.1) (== netstandard2.0)
      System.Runtime.InteropServices (>= 4.3) - restriction: || (&& (== net462) (< net45)) (&& (== net47) (< net45)) (&& (== net472) (< net45)) (&& (== net48) (< net45)) (== netcoreapp2.1) (== netcoreapp3.1) (== netstandard2.0)
      System.Text.Encoding (>= 4.3) - restriction: || (&& (== net462) (< net45)) (&& (== net47) (< net45)) (&& (== net472) (< net45)) (&& (== net48) (< net45)) (== netcoreapp2.1) (== netcoreapp3.1) (== netstandard2.0)
      System.Threading (>= 4.3) - restriction: || (&& (== net462) (< net45)) (&& (== net47) (< net45)) (&& (== net472) (< net45)) (&& (== net48) (< net45)) (== netcoreapp2.1) (== netcoreapp3.1) (== netstandard2.0)
      System.Threading.Tasks (>= 4.3) - restriction: || (&& (== net462) (< net45)) (&& (== net47) (< net45)) (&& (== net472) (< net45)) (&& (== net48) (< net45)) (== netcoreapp2.1) (== netcoreapp3.1) (== netstandard2.0)
    System.IO.FileSystem (4.3) - restriction: || (&& (== net45) (>= netcoreapp2.0)) (&& (== net462) (>= netcoreapp2.0)) (&& (== net47) (>= netcoreapp2.0)) (&& (== net472) (>= netcoreapp2.0)) (&& (== net48) (>= netcoreapp2.0)) (== netcoreapp2.1) (== netcoreapp3.1) (&& (== netstandard2.0) (>= netcoreapp2.0))
      Microsoft.NETCore.Platforms (>= 1.1) - restriction: || (&& (== net45) (>= netstandard1.3)) (&& (== net462) (< net46)) (&& (== net47) (< net46)) (&& (== net472) (< net46)) (&& (== net48) (< net46)) (== netcoreapp2.1) (== netcoreapp3.1) (== netstandard2.0)
      Microsoft.NETCore.Targets (>= 1.1) - restriction: || (&& (== net45) (>= netstandard1.3)) (&& (== net462) (< net46)) (&& (== net47) (< net46)) (&& (== net472) (< net46)) (&& (== net48) (< net46)) (== netcoreapp2.1) (== netcoreapp3.1) (== netstandard2.0)
      System.IO (>= 4.3) - restriction: || (&& (== net45) (>= netstandard1.3)) (&& (== net462) (< net46)) (&& (== net47) (< net46)) (&& (== net472) (< net46)) (&& (== net48) (< net46)) (== netcoreapp2.1) (== netcoreapp3.1) (== netstandard2.0)
      System.IO.FileSystem.Primitives (>= 4.3) - restriction: || (&& (== net45) (>= net46)) (&& (== net45) (>= netstandard1.3)) (== net462) (== net47) (== net472) (== net48) (== netcoreapp2.1) (== netcoreapp3.1) (== netstandard2.0)
      System.Runtime (>= 4.3) - restriction: || (&& (== net45) (>= netstandard1.3)) (&& (== net462) (< net46)) (&& (== net47) (< net46)) (&& (== net472) (< net46)) (&& (== net48) (< net46)) (== netcoreapp2.1) (== netcoreapp3.1) (== netstandard2.0)
      System.Runtime.Handles (>= 4.3) - restriction: || (&& (== net45) (>= netstandard1.3)) (&& (== net462) (< net46)) (&& (== net47) (< net46)) (&& (== net472) (< net46)) (&& (== net48) (< net46)) (== netcoreapp2.1) (== netcoreapp3.1) (== netstandard2.0)
      System.Text.Encoding (>= 4.3) - restriction: || (&& (== net45) (>= netstandard1.3)) (&& (== net462) (< net46)) (&& (== net47) (< net46)) (&& (== net472) (< net46)) (&& (== net48) (< net46)) (== netcoreapp2.1) (== netcoreapp3.1) (== netstandard2.0)
      System.Threading.Tasks (>= 4.3) - restriction: || (&& (== net45) (>= netstandard1.3)) (&& (== net462) (< net46)) (&& (== net47) (< net46)) (&& (== net472) (< net46)) (&& (== net48) (< net46)) (== netcoreapp2.1) (== netcoreapp3.1) (== netstandard2.0)
    System.IO.FileSystem.Primitives (4.3) - restriction: || (&& (== net45) (>= netcoreapp2.0)) (&& (== net462) (>= netcoreapp2.0)) (&& (== net47) (>= netcoreapp2.0)) (&& (== net472) (>= netcoreapp2.0)) (&& (== net48) (>= netcoreapp2.0)) (== netcoreapp2.1) (== netcoreapp3.1) (&& (== netstandard2.0) (>= netcoreapp2.0))
      System.Runtime (>= 4.3) - restriction: || (&& (== net45) (>= netstandard1.3)) (&& (== net462) (< net46)) (&& (== net47) (< net46)) (&& (== net472) (< net46)) (&& (== net48) (< net46)) (== netcoreapp2.1) (== netcoreapp3.1) (== netstandard2.0)
    System.Linq (4.3) - restriction: || (&& (== net45) (>= netcoreapp2.0)) (&& (== net462) (>= netcoreapp2.0)) (&& (== net47) (>= netcoreapp2.0)) (&& (== net472) (>= netcoreapp2.0)) (&& (== net48) (>= netcoreapp2.0)) (== netcoreapp2.1) (== netcoreapp3.1) (&& (== netstandard2.0) (>= netcoreapp2.0))
      System.Collections (>= 4.3) - restriction: || (&& (== net462) (< net45)) (&& (== net47) (< net45)) (&& (== net472) (< net45)) (&& (== net48) (< net45)) (== netcoreapp2.1) (== netcoreapp3.1) (== netstandard2.0)
      System.Diagnostics.Debug (>= 4.3) - restriction: || (&& (== net462) (< net45) (>= netstandard1.6)) (&& (== net47) (< net45) (>= netstandard1.6)) (&& (== net472) (< net45)) (&& (== net48) (< net45)) (== netcoreapp2.1) (== netcoreapp3.1) (== netstandard2.0)
      System.Resources.ResourceManager (>= 4.3) - restriction: || (&& (== net462) (< net45) (>= netstandard1.6)) (&& (== net47) (< net45) (>= netstandard1.6)) (&& (== net472) (< net45)) (&& (== net48) (< net45)) (== netcoreapp2.1) (== netcoreapp3.1) (== netstandard2.0)
      System.Runtime (>= 4.3) - restriction: || (&& (== net462) (< net45)) (&& (== net47) (< net45)) (&& (== net472) (< net45)) (&& (== net48) (< net45)) (== netcoreapp2.1) (== netcoreapp3.1) (== netstandard2.0)
      System.Runtime.Extensions (>= 4.3) - restriction: || (&& (== net462) (< net45) (>= netstandard1.6)) (&& (== net47) (< net45) (>= netstandard1.6)) (&& (== net472) (< net45)) (&& (== net48) (< net45)) (== netcoreapp2.1) (== netcoreapp3.1) (== netstandard2.0)
    System.Management (6.0)
      Microsoft.Win32.Registry (>= 5.0) - restriction: || (&& (== net45) (>= netcoreapp3.1)) (&& (== net462) (>= netcoreapp3.1)) (&& (== net47) (>= netcoreapp3.1)) (&& (== net472) (>= netcoreapp3.1)) (&& (== net48) (>= netcoreapp3.1)) (&& (== netcoreapp2.1) (>= netcoreapp3.1)) (== netcoreapp3.1) (&& (== netstandard2.0) (>= netcoreapp3.1))
      System.CodeDom (>= 6.0) - restriction: || (&& (== net45) (>= netstandard2.0)) (&& (== net462) (>= netstandard2.0)) (&& (== net47) (>= netstandard2.0)) (== net472) (== net48) (== netcoreapp2.1) (== netcoreapp3.1) (== netstandard2.0)
    System.Memory (4.5.5) - restriction: || (&& (== net45) (>= net6.0)) (&& (== net45) (>= netcoreapp2.0)) (&& (== net45) (>= netstandard2.0)) (&& (== net462) (>= net6.0)) (&& (== net462) (>= netcoreapp2.0)) (&& (== net462) (>= netstandard2.0)) (&& (== net47) (>= net6.0)) (&& (== net47) (>= netcoreapp2.0)) (&& (== net47) (>= netstandard2.0)) (== net472) (== net48) (== netcoreapp2.1) (== netcoreapp3.1) (== netstandard2.0)
      System.Buffers (>= 4.5.1) - restriction: || (== net45) (== net462) (== net47) (== net472) (== net48) (&& (== netcoreapp2.1) (>= monotouch)) (&& (== netcoreapp2.1) (>= net461)) (&& (== netcoreapp2.1) (< netcoreapp2.0)) (&& (== netcoreapp2.1) (< netstandard1.1)) (&& (== netcoreapp2.1) (< netstandard2.0)) (&& (== netcoreapp2.1) (>= xamarinios)) (&& (== netcoreapp2.1) (>= xamarinmac)) (&& (== netcoreapp2.1) (>= xamarintvos)) (&& (== netcoreapp2.1) (>= xamarinwatchos)) (&& (== netcoreapp3.1) (>= monotouch)) (&& (== netcoreapp3.1) (>= net461)) (&& (== netcoreapp3.1) (< netcoreapp2.0)) (&& (== netcoreapp3.1) (< netstandard1.1)) (&& (== netcoreapp3.1) (< netstandard2.0)) (&& (== netcoreapp3.1) (>= xamarinios)) (&& (== netcoreapp3.1) (>= xamarinmac)) (&& (== netcoreapp3.1) (>= xamarintvos)) (&& (== netcoreapp3.1) (>= xamarinwatchos)) (== netstandard2.0)
      System.Numerics.Vectors (>= 4.4) - restriction: || (&& (== net462) (< net45) (>= netstandard2.0)) (&& (== net47) (< net45) (>= netstandard2.0)) (&& (== net472) (< net45)) (&& (== net48) (< net45)) (&& (== netcoreapp2.1) (< netcoreapp2.0)) (&& (== netcoreapp3.1) (< netcoreapp2.0)) (== netstandard2.0)
      System.Numerics.Vectors (>= 4.5) - restriction: || (&& (== net45) (>= net461)) (== net462) (== net47) (== net472) (== net48) (&& (== netcoreapp2.1) (>= net461)) (&& (== netcoreapp3.1) (>= net461)) (&& (== netstandard2.0) (>= net461))
      System.Runtime.CompilerServices.Unsafe (>= 4.5.3) - restriction: || (== net45) (== net462) (== net47) (== net472) (== net48) (&& (== netcoreapp2.1) (>= monotouch)) (&& (== netcoreapp2.1) (>= net461)) (&& (== netcoreapp2.1) (< netcoreapp2.0)) (&& (== netcoreapp2.1) (< netstandard1.1)) (&& (== netcoreapp2.1) (< netstandard2.0)) (&& (== netcoreapp2.1) (>= uap10.1)) (&& (== netcoreapp2.1) (>= xamarinios)) (&& (== netcoreapp2.1) (>= xamarinmac)) (&& (== netcoreapp2.1) (>= xamarintvos)) (&& (== netcoreapp2.1) (>= xamarinwatchos)) (&& (== netcoreapp3.1) (>= monotouch)) (&& (== netcoreapp3.1) (>= net461)) (&& (== netcoreapp3.1) (< netcoreapp2.0)) (&& (== netcoreapp3.1) (< netcoreapp2.1)) (&& (== netcoreapp3.1) (< netstandard1.1)) (&& (== netcoreapp3.1) (< netstandard2.0)) (&& (== netcoreapp3.1) (>= uap10.1)) (&& (== netcoreapp3.1) (>= xamarinios)) (&& (== netcoreapp3.1) (>= xamarinmac)) (&& (== netcoreapp3.1) (>= xamarintvos)) (&& (== netcoreapp3.1) (>= xamarinwatchos)) (== netstandard2.0)
    System.Net.Http (4.3.4) - restriction: || (&& (== net45) (>= netcoreapp2.0)) (&& (== net462) (>= netcoreapp2.0)) (&& (== net47) (>= netcoreapp2.0)) (&& (== net472) (>= netcoreapp2.0)) (&& (== net48) (>= netcoreapp2.0)) (== netcoreapp2.1) (== netcoreapp3.1) (&& (== netstandard2.0) (>= netcoreapp2.0))
      Microsoft.NETCore.Platforms (>= 1.1.1) - restriction: || (&& (== net462) (< net45)) (&& (== net47) (< net45)) (&& (== net472) (< net45)) (&& (== net48) (< net45)) (== netcoreapp2.1) (== netcoreapp3.1) (== netstandard2.0)
      runtime.native.System (>= 4.3) - restriction: || (&& (== net462) (< net45) (>= netstandard1.6)) (&& (== net47) (< net45) (>= netstandard1.6)) (&& (== net472) (< net45)) (&& (== net48) (< net45)) (== netcoreapp2.1) (== netcoreapp3.1) (== netstandard2.0)
      runtime.native.System.Net.Http (>= 4.3) - restriction: || (&& (== net462) (< net45) (>= netstandard1.6)) (&& (== net47) (< net45) (>= netstandard1.6)) (&& (== net472) (< net45)) (&& (== net48) (< net45)) (== netcoreapp2.1) (== netcoreapp3.1) (== netstandard2.0)
      runtime.native.System.Security.Cryptography.OpenSsl (>= 4.3.2) - restriction: || (&& (== net462) (< net45) (>= netstandard1.6)) (&& (== net47) (< net45) (>= netstandard1.6)) (&& (== net472) (< net45)) (&& (== net48) (< net45)) (== netcoreapp2.1) (== netcoreapp3.1) (== netstandard2.0)
      System.Collections (>= 4.3) - restriction: || (&& (== net462) (< net45)) (&& (== net47) (< net45)) (&& (== net472) (< net45)) (&& (== net48) (< net45)) (== netcoreapp2.1) (== netcoreapp3.1) (== netstandard2.0)
      System.Diagnostics.Debug (>= 4.3) - restriction: || (&& (== net462) (< net45)) (&& (== net47) (< net45)) (&& (== net472) (< net45)) (&& (== net48) (< net45)) (== netcoreapp2.1) (== netcoreapp3.1) (== netstandard2.0)
      System.Diagnostics.DiagnosticSource (>= 4.3) - restriction: || (&& (== net462) (< net45)) (&& (== net47) (< net45)) (&& (== net472) (< net45)) (&& (== net48) (< net45)) (== netcoreapp2.1) (== netcoreapp3.1) (== netstandard2.0)
      System.Diagnostics.Tracing (>= 4.3) - restriction: || (&& (== net462) (< net45)) (&& (== net47) (< net45)) (&& (== net472) (< net45)) (&& (== net48) (< net45)) (== netcoreapp2.1) (== netcoreapp3.1) (== netstandard2.0)
      System.Globalization (>= 4.3) - restriction: || (&& (== net462) (< net45)) (&& (== net47) (< net45)) (&& (== net472) (< net45)) (&& (== net48) (< net45)) (== netcoreapp2.1) (== netcoreapp3.1) (== netstandard2.0)
      System.Globalization.Extensions (>= 4.3) - restriction: || (&& (== net462) (< net45) (>= netstandard1.6)) (&& (== net47) (< net45) (>= netstandard1.6)) (&& (== net472) (< net45)) (&& (== net48) (< net45)) (== netcoreapp2.1) (== netcoreapp3.1) (== netstandard2.0)
      System.IO (>= 4.3) - restriction: || (&& (== net462) (< net45)) (&& (== net47) (< net45)) (&& (== net472) (< net45)) (&& (== net48) (< net45)) (== netcoreapp2.1) (== netcoreapp3.1) (== netstandard2.0)
      System.IO.FileSystem (>= 4.3) - restriction: || (&& (== net462) (< net45) (>= netstandard1.6)) (&& (== net47) (< net45) (>= netstandard1.6)) (&& (== net472) (< net45)) (&& (== net48) (< net45)) (== netcoreapp2.1) (== netcoreapp3.1) (== netstandard2.0)
      System.Net.Primitives (>= 4.3) - restriction: || (&& (== net462) (< net45)) (&& (== net47) (< net45)) (&& (== net472) (< net45)) (&& (== net48) (< net45)) (== netcoreapp2.1) (== netcoreapp3.1) (== netstandard2.0)
      System.Resources.ResourceManager (>= 4.3) - restriction: || (&& (== net462) (< net45)) (&& (== net47) (< net45)) (&& (== net472) (< net45)) (&& (== net48) (< net45)) (== netcoreapp2.1) (== netcoreapp3.1) (== netstandard2.0)
      System.Runtime (>= 4.3) - restriction: || (&& (== net462) (< net45)) (&& (== net47) (< net45)) (&& (== net472) (< net45)) (&& (== net48) (< net45)) (== netcoreapp2.1) (== netcoreapp3.1) (== netstandard2.0)
      System.Runtime.Extensions (>= 4.3) - restriction: || (&& (== net462) (< net45)) (&& (== net47) (< net45)) (&& (== net472) (< net45)) (&& (== net48) (< net45)) (== netcoreapp2.1) (== netcoreapp3.1) (== netstandard2.0)
      System.Runtime.Handles (>= 4.3) - restriction: || (&& (== net462) (< net45)) (&& (== net47) (< net45)) (&& (== net472) (< net45)) (&& (== net48) (< net45)) (== netcoreapp2.1) (== netcoreapp3.1) (== netstandard2.0)
      System.Runtime.InteropServices (>= 4.3) - restriction: || (&& (== net462) (< net45)) (&& (== net47) (< net45)) (&& (== net472) (< net45)) (&& (== net48) (< net45)) (== netcoreapp2.1) (== netcoreapp3.1) (== netstandard2.0)
      System.Security.Cryptography.Algorithms (>= 4.3) - restriction: || (&& (== net462) (< net45) (>= netstandard1.6)) (&& (== net47) (< net45) (>= netstandard1.6)) (&& (== net472) (< net45)) (&& (== net48) (< net45)) (== netcoreapp2.1) (== netcoreapp3.1) (== netstandard2.0)
      System.Security.Cryptography.Encoding (>= 4.3) - restriction: || (&& (== net462) (< net45)) (&& (== net47) (< net45)) (&& (== net472) (< net45)) (&& (== net48) (< net45)) (== netcoreapp2.1) (== netcoreapp3.1) (== netstandard2.0)
      System.Security.Cryptography.OpenSsl (>= 4.3) - restriction: || (&& (== net462) (< net45) (>= netstandard1.6)) (&& (== net47) (< net45) (>= netstandard1.6)) (&& (== net472) (< net45)) (&& (== net48) (< net45)) (== netcoreapp2.1) (== netcoreapp3.1) (== netstandard2.0)
      System.Security.Cryptography.Primitives (>= 4.3) - restriction: || (&& (== net462) (< net45) (>= netstandard1.6)) (&& (== net47) (< net45) (>= netstandard1.6)) (&& (== net472) (< net45)) (&& (== net48) (< net45)) (== netcoreapp2.1) (== netcoreapp3.1) (== netstandard2.0)
      System.Security.Cryptography.X509Certificates (>= 4.3) - restriction: || (&& (== net45) (>= net46)) (== net462) (== net47) (== net472) (== net48) (== netcoreapp2.1) (== netcoreapp3.1) (== netstandard2.0)
      System.Text.Encoding (>= 4.3) - restriction: || (&& (== net462) (< net45)) (&& (== net47) (< net45)) (&& (== net472) (< net45)) (&& (== net48) (< net45)) (== netcoreapp2.1) (== netcoreapp3.1) (== netstandard2.0)
      System.Threading (>= 4.3) - restriction: || (&& (== net462) (< net45)) (&& (== net47) (< net45)) (&& (== net472) (< net45)) (&& (== net48) (< net45)) (== netcoreapp2.1) (== netcoreapp3.1) (== netstandard2.0)
      System.Threading.Tasks (>= 4.3) - restriction: || (&& (== net462) (< net45)) (&& (== net47) (< net45)) (&& (== net472) (< net45)) (&& (== net48) (< net45)) (== netcoreapp2.1) (== netcoreapp3.1) (== netstandard2.0)
    System.Net.Http.WinHttpHandler (6.0.1) - restriction: || (&& (== net45) (>= netcoreapp2.0)) (&& (== net462) (>= netcoreapp2.0)) (&& (== net47) (>= netcoreapp2.0)) (&& (== net472) (>= netcoreapp2.0)) (&& (== net48) (>= netcoreapp2.0)) (== netcoreapp2.1) (== netcoreapp3.1) (&& (== netstandard2.0) (>= netcoreapp2.0))
      System.Buffers (>= 4.5.1) - restriction: || (&& (== net45) (>= net461)) (&& (== net45) (>= netstandard2.0)) (== net462) (== net47) (== net472) (== net48) (== netcoreapp2.1) (&& (== netcoreapp3.1) (>= net461)) (&& (== netcoreapp3.1) (< netstandard2.1)) (== netstandard2.0)
      System.Memory (>= 4.5.4) - restriction: || (&& (== net45) (>= net461)) (&& (== net45) (>= netstandard2.0)) (== net462) (== net47) (== net472) (== net48) (== netcoreapp2.1) (&& (== netcoreapp3.1) (>= net461)) (&& (== netcoreapp3.1) (< netstandard2.1)) (== netstandard2.0)
    System.Net.Primitives (4.3.1) - restriction: || (&& (== net45) (>= netcoreapp2.0)) (&& (== net462) (>= netcoreapp2.0)) (&& (== net47) (>= netcoreapp2.0)) (&& (== net472) (>= netcoreapp2.0)) (&& (== net48) (>= netcoreapp2.0)) (== netcoreapp2.1) (== netcoreapp3.1) (&& (== netstandard2.0) (>= netcoreapp2.0))
      Microsoft.NETCore.Platforms (>= 1.1.1) - restriction: || (&& (== net45) (< netstandard1.1)) (&& (== net462) (< net45)) (&& (== net462) (< netstandard1.1)) (&& (== net47) (< net45)) (&& (== net47) (< netstandard1.1)) (&& (== net472) (< net45)) (&& (== net472) (< netstandard1.1)) (&& (== net48) (< net45)) (&& (== net48) (< netstandard1.1)) (== netcoreapp2.1) (== netcoreapp3.1) (== netstandard2.0)
      Microsoft.NETCore.Targets (>= 1.1.3) - restriction: || (&& (== net45) (< netstandard1.1)) (&& (== net462) (< net45)) (&& (== net462) (< netstandard1.1)) (&& (== net47) (< net45)) (&& (== net47) (< netstandard1.1)) (&& (== net472) (< net45)) (&& (== net472) (< netstandard1.1)) (&& (== net48) (< net45)) (&& (== net48) (< netstandard1.1)) (== netcoreapp2.1) (== netcoreapp3.1) (== netstandard2.0)
      System.Runtime (>= 4.3.1) - restriction: || (&& (== net45) (< netstandard1.1)) (&& (== net462) (< net45)) (&& (== net462) (< netstandard1.1)) (&& (== net47) (< net45)) (&& (== net47) (< netstandard1.1)) (&& (== net472) (< net45)) (&& (== net472) (< netstandard1.1)) (&& (== net48) (< net45)) (&& (== net48) (< netstandard1.1)) (== netcoreapp2.1) (== netcoreapp3.1) (== netstandard2.0)
      System.Runtime.Handles (>= 4.3) - restriction: || (&& (== net462) (< net45)) (&& (== net47) (< net45)) (&& (== net472) (< net45)) (&& (== net48) (< net45)) (== netcoreapp2.1) (== netcoreapp3.1) (== netstandard2.0)
    System.Numerics.Vectors (4.5) - restriction: || (&& (== net45) (== netcoreapp2.1)) (&& (== net45) (== netcoreapp3.1)) (&& (== net45) (>= net461) (>= netstandard2.0)) (&& (== net462) (== netcoreapp2.1)) (&& (== net462) (== netcoreapp3.1)) (&& (== net462) (>= netstandard2.0)) (&& (== net47) (== netcoreapp2.1)) (&& (== net47) (== netcoreapp3.1)) (&& (== net47) (>= netstandard2.0)) (== net472) (== net48) (&& (== netcoreapp2.1) (>= net461)) (&& (== netcoreapp2.1) (< netcoreapp2.0)) (&& (== netcoreapp3.1) (>= net461)) (&& (== netcoreapp3.1) (< netcoreapp2.0)) (== netstandard2.0)
    System.Reactive (5.0)
      System.Runtime.InteropServices.WindowsRuntime (>= 4.3) - restriction: || (&& (== net45) (>= netstandard2.0)) (&& (== net462) (>= netstandard2.0)) (&& (== net47) (>= netstandard2.0)) (&& (== net48) (< net472)) (== netcoreapp2.1) (== netstandard2.0)
      System.Threading.Tasks.Extensions (>= 4.5.4) - restriction: || (&& (== net45) (>= net472)) (&& (== net45) (>= netstandard2.0)) (&& (== net45) (>= uap10.1)) (&& (== net462) (>= net472)) (&& (== net462) (>= netstandard2.0)) (&& (== net462) (>= uap10.1)) (&& (== net47) (>= net472)) (&& (== net47) (>= netstandard2.0)) (&& (== net47) (>= uap10.1)) (== net472) (== net48) (== netcoreapp2.1) (&& (== netcoreapp3.1) (>= net472)) (&& (== netcoreapp3.1) (>= uap10.1)) (== netstandard2.0)
    System.Reflection (4.3) - restriction: || (&& (== net45) (>= netcoreapp2.0)) (&& (== net462) (< net45)) (&& (== net462) (>= netcoreapp2.0)) (&& (== net47) (< net45)) (&& (== net47) (>= netcoreapp2.0)) (&& (== net472) (< net45)) (&& (== net472) (>= netcoreapp2.0)) (&& (== net48) (< net45)) (&& (== net48) (>= netcoreapp2.0)) (== netcoreapp2.1) (== netcoreapp3.1) (== netstandard2.0)
      Microsoft.NETCore.Platforms (>= 1.1) - restriction: || (&& (== net462) (< net45)) (&& (== net47) (< net45)) (&& (== net472) (< net45)) (&& (== net48) (< net45)) (== netcoreapp2.1) (== netcoreapp3.1) (== netstandard2.0)
      Microsoft.NETCore.Targets (>= 1.1) - restriction: || (&& (== net462) (< net45)) (&& (== net47) (< net45)) (&& (== net472) (< net45)) (&& (== net48) (< net45)) (== netcoreapp2.1) (== netcoreapp3.1) (== netstandard2.0)
      System.IO (>= 4.3) - restriction: || (&& (== net462) (< net45)) (&& (== net47) (< net45)) (&& (== net472) (< net45)) (&& (== net48) (< net45)) (== netcoreapp2.1) (== netcoreapp3.1) (== netstandard2.0)
      System.Reflection.Primitives (>= 4.3) - restriction: || (&& (== net462) (< net45)) (&& (== net47) (< net45)) (&& (== net472) (< net45)) (&& (== net48) (< net45)) (== netcoreapp2.1) (== netcoreapp3.1) (== netstandard2.0)
      System.Runtime (>= 4.3) - restriction: || (&& (== net462) (< net45)) (&& (== net47) (< net45)) (&& (== net472) (< net45)) (&& (== net48) (< net45)) (== netcoreapp2.1) (== netcoreapp3.1) (== netstandard2.0)
    System.Reflection.Emit (4.7) - restriction: || (&& (== net45) (>= netstandard2.0)) (&& (== net462) (>= netstandard2.0)) (&& (== net47) (>= netstandard2.0)) (== net472) (== net48) (== netcoreapp2.1) (== netcoreapp3.1) (== netstandard2.0)
      System.Reflection.Emit.ILGeneration (>= 4.7) - restriction: || (&& (== net45) (< netstandard1.1)) (&& (== net45) (>= uap10.1)) (&& (== net45) (>= wpa81)) (&& (== net462) (< net45)) (&& (== net462) (< netstandard1.1)) (&& (== net462) (>= uap10.1)) (&& (== net462) (>= wpa81)) (&& (== net47) (< net45)) (&& (== net47) (< netstandard1.1)) (&& (== net47) (>= uap10.1)) (&& (== net47) (>= wpa81)) (&& (== net472) (< net45)) (&& (== net472) (< netstandard1.1)) (&& (== net472) (< netstandard2.0) (>= wpa81)) (&& (== net472) (>= uap10.1)) (&& (== net48) (< net45)) (&& (== net48) (< netstandard1.1)) (&& (== net48) (< netstandard2.0) (>= wpa81)) (&& (== net48) (>= uap10.1)) (&& (== netcoreapp2.1) (< netcoreapp2.0)) (&& (== netcoreapp2.1) (< netstandard1.1)) (&& (== netcoreapp2.1) (< netstandard2.0)) (&& (== netcoreapp2.1) (>= uap10.1)) (&& (== netcoreapp3.1) (< netcoreapp2.0) (< netstandard2.1)) (&& (== netcoreapp3.1) (< netstandard1.1)) (&& (== netcoreapp3.1) (< netstandard2.0)) (&& (== netcoreapp3.1) (>= uap10.1)) (== netstandard2.0)
    System.Reflection.Emit.ILGeneration (4.7) - restriction: || (&& (== net45) (== net472) (>= wpa81)) (&& (== net45) (== net48) (>= wpa81)) (&& (== net45) (== netcoreapp2.1)) (&& (== net45) (== netcoreapp3.1)) (&& (== net45) (< netstandard1.1) (>= netstandard2.0)) (&& (== net45) (>= netstandard2.0) (>= uap10.1)) (&& (== net45) (>= netstandard2.0) (>= wpa81)) (&& (== net462) (== net472) (>= wpa81)) (&& (== net462) (== net48) (>= wpa81)) (&& (== net462) (== netcoreapp2.1)) (&& (== net462) (== netcoreapp3.1)) (&& (== net462) (< net45) (>= netstandard2.0)) (&& (== net462) (< netstandard1.1) (>= netstandard2.0)) (&& (== net462) (>= netstandard2.0) (>= uap10.1)) (&& (== net462) (>= netstandard2.0) (>= wpa81)) (&& (== net47) (== net472) (>= wpa81)) (&& (== net47) (== net48) (>= wpa81)) (&& (== net47) (== netcoreapp2.1)) (&& (== net47) (== netcoreapp3.1)) (&& (== net47) (< net45) (>= netstandard2.0)) (&& (== net47) (< netstandard1.1) (>= netstandard2.0)) (&& (== net47) (>= netstandard2.0) (>= uap10.1)) (&& (== net47) (>= netstandard2.0) (>= wpa81)) (&& (== net472) (== netcoreapp2.1)) (&& (== net472) (== netcoreapp3.1)) (&& (== net472) (< net45)) (&& (== net472) (< netstandard1.1)) (&& (== net472) (< netstandard2.0) (>= wpa81)) (&& (== net472) (>= uap10.1)) (&& (== net48) (== netcoreapp2.1)) (&& (== net48) (== netcoreapp3.1)) (&& (== net48) (< net45)) (&& (== net48) (< netstandard1.1)) (&& (== net48) (< netstandard2.0) (>= wpa81)) (&& (== net48) (>= uap10.1)) (&& (== netcoreapp2.1) (< netcoreapp2.0)) (&& (== netcoreapp2.1) (< netstandard1.1)) (&& (== netcoreapp2.1) (< netstandard2.0)) (&& (== netcoreapp2.1) (>= uap10.1)) (&& (== netcoreapp3.1) (< netcoreapp2.0) (< netstandard2.1)) (&& (== netcoreapp3.1) (< netstandard1.1)) (&& (== netcoreapp3.1) (< netstandard2.0)) (&& (== netcoreapp3.1) (>= uap10.1)) (== netstandard2.0)
    System.Reflection.Metadata (6.0.1) - restriction: || (&& (== net45) (>= netcoreapp1.0)) (&& (== net45) (>= netcoreapp2.1)) (&& (== net462) (>= netcoreapp1.0)) (&& (== net462) (>= netcoreapp2.1)) (&& (== net47) (>= netcoreapp1.0)) (&& (== net47) (>= netcoreapp2.1)) (&& (== net472) (>= netcoreapp1.0)) (&& (== net472) (>= netcoreapp2.1)) (&& (== net48) (>= netcoreapp1.0)) (&& (== net48) (>= netcoreapp2.1)) (== netcoreapp2.1) (== netcoreapp3.1) (&& (== netstandard2.0) (>= netcoreapp1.0)) (&& (== netstandard2.0) (>= netcoreapp2.1))
      System.Collections.Immutable (>= 6.0) - restriction: || (&& (== net45) (>= net461)) (&& (== net45) (>= netstandard2.0)) (== net462) (== net47) (== net472) (== net48) (== netcoreapp2.1) (== netcoreapp3.1) (== netstandard2.0)
    System.Reflection.Primitives (4.3) - restriction: || (&& (== net462) (< net45)) (&& (== net462) (>= netcoreapp1.1)) (&& (== net47) (< net45)) (&& (== net47) (>= netcoreapp1.1)) (&& (== net472) (< net45)) (&& (== net472) (>= netcoreapp1.1)) (&& (== net48) (< net45)) (&& (== net48) (>= netcoreapp1.1)) (== netcoreapp2.1) (== netcoreapp3.1) (== netstandard2.0)
      Microsoft.NETCore.Platforms (>= 1.1) - restriction: || (&& (== net462) (< net45)) (&& (== net47) (< net45)) (&& (== net472) (< net45)) (&& (== net48) (< net45)) (== netcoreapp2.1) (== netcoreapp3.1) (== netstandard2.0)
      Microsoft.NETCore.Targets (>= 1.1) - restriction: || (&& (== net462) (< net45)) (&& (== net47) (< net45)) (&& (== net472) (< net45)) (&& (== net48) (< net45)) (== netcoreapp2.1) (== netcoreapp3.1) (== netstandard2.0)
      System.Runtime (>= 4.3) - restriction: || (&& (== net462) (< net45)) (&& (== net47) (< net45)) (&& (== net472) (< net45)) (&& (== net48) (< net45)) (== netcoreapp2.1) (== netcoreapp3.1) (== netstandard2.0)
    System.Resources.ResourceManager (4.3) - restriction: || (&& (== net45) (>= netcoreapp2.0)) (&& (== net462) (< net45)) (&& (== net462) (>= netcoreapp2.0)) (&& (== net47) (< net45)) (&& (== net47) (>= netcoreapp2.0)) (&& (== net472) (< net45)) (&& (== net472) (>= netcoreapp2.0)) (&& (== net48) (< net45)) (&& (== net48) (>= netcoreapp2.0)) (== netcoreapp2.1) (== netcoreapp3.1) (== netstandard2.0)
      Microsoft.NETCore.Platforms (>= 1.1) - restriction: || (&& (== net462) (< net45)) (&& (== net47) (< net45)) (&& (== net472) (< net45)) (&& (== net48) (< net45)) (== netcoreapp2.1) (== netcoreapp3.1) (== netstandard2.0)
      Microsoft.NETCore.Targets (>= 1.1) - restriction: || (&& (== net462) (< net45)) (&& (== net47) (< net45)) (&& (== net472) (< net45)) (&& (== net48) (< net45)) (== netcoreapp2.1) (== netcoreapp3.1) (== netstandard2.0)
      System.Globalization (>= 4.3) - restriction: || (&& (== net462) (< net45)) (&& (== net47) (< net45)) (&& (== net472) (< net45)) (&& (== net48) (< net45)) (== netcoreapp2.1) (== netcoreapp3.1) (== netstandard2.0)
      System.Reflection (>= 4.3) - restriction: || (&& (== net462) (< net45)) (&& (== net47) (< net45)) (&& (== net472) (< net45)) (&& (== net48) (< net45)) (== netcoreapp2.1) (== netcoreapp3.1) (== netstandard2.0)
      System.Runtime (>= 4.3) - restriction: || (&& (== net462) (< net45)) (&& (== net47) (< net45)) (&& (== net472) (< net45)) (&& (== net48) (< net45)) (== netcoreapp2.1) (== netcoreapp3.1) (== netstandard2.0)
    System.Runtime (4.3.1) - restriction: || (&& (== net45) (>= netcoreapp2.0)) (&& (== net462) (< net45)) (&& (== net462) (>= netcoreapp2.0)) (&& (== net47) (< net45)) (&& (== net47) (>= netcoreapp2.0)) (&& (== net472) (< net45)) (&& (== net472) (>= netcoreapp2.0)) (&& (== net48) (< net45)) (&& (== net48) (>= netcoreapp2.0)) (== netcoreapp2.1) (== netcoreapp3.1) (== netstandard2.0)
      Microsoft.NETCore.Platforms (>= 1.1.1) - restriction: || (&& (== net462) (< net45)) (&& (== net47) (< net45)) (&& (== net472) (< net45)) (&& (== net48) (< net45)) (== netcoreapp2.1) (== netcoreapp3.1) (== netstandard2.0)
      Microsoft.NETCore.Targets (>= 1.1.3) - restriction: || (&& (== net462) (< net45)) (&& (== net47) (< net45)) (&& (== net472) (< net45)) (&& (== net48) (< net45)) (== netcoreapp2.1) (== netcoreapp3.1) (== netstandard2.0)
    System.Runtime.CompilerServices.Unsafe (6.0) - restriction: || (&& (== net45) (>= net472)) (&& (== net45) (>= netcoreapp2.0)) (&& (== net45) (>= netstandard2.0)) (&& (== net45) (>= uap10.1)) (&& (== net462) (>= net472)) (&& (== net462) (>= netcoreapp2.0)) (&& (== net462) (>= netstandard2.0)) (&& (== net462) (>= uap10.1)) (&& (== net47) (>= net472)) (&& (== net47) (>= netcoreapp2.0)) (&& (== net47) (>= netstandard2.0)) (&& (== net47) (>= uap10.1)) (== net472) (== net48) (== netcoreapp2.1) (== netcoreapp3.1) (== netstandard2.0)
    System.Runtime.Extensions (4.3.1) - restriction: || (&& (== net45) (>= netcoreapp2.0)) (&& (== net462) (< net45)) (&& (== net462) (>= netcoreapp2.0)) (&& (== net47) (< net45)) (&& (== net47) (>= netcoreapp2.0)) (&& (== net472) (< net45)) (&& (== net472) (>= netcoreapp2.0)) (&& (== net48) (< net45)) (&& (== net48) (>= netcoreapp2.0)) (== netcoreapp2.1) (== netcoreapp3.1) (== netstandard2.0)
      Microsoft.NETCore.Platforms (>= 1.1.1) - restriction: || (&& (== net462) (< net45)) (&& (== net47) (< net45)) (&& (== net472) (< net45)) (&& (== net48) (< net45)) (== netcoreapp2.1) (== netcoreapp3.1) (== netstandard2.0)
      Microsoft.NETCore.Targets (>= 1.1.3) - restriction: || (&& (== net462) (< net45)) (&& (== net47) (< net45)) (&& (== net472) (< net45)) (&& (== net48) (< net45)) (== netcoreapp2.1) (== netcoreapp3.1) (== netstandard2.0)
      System.Runtime (>= 4.3.1) - restriction: || (&& (== net462) (< net45)) (&& (== net47) (< net45)) (&& (== net472) (< net45)) (&& (== net48) (< net45)) (== netcoreapp2.1) (== netcoreapp3.1) (== netstandard2.0)
    System.Runtime.Handles (4.3) - restriction: || (&& (== net45) (>= netcoreapp2.0)) (&& (== net462) (< net45)) (&& (== net462) (>= netcoreapp2.0)) (&& (== net47) (< net45)) (&& (== net47) (>= netcoreapp2.0)) (&& (== net472) (< net45)) (&& (== net472) (>= netcoreapp2.0)) (&& (== net48) (< net45)) (&& (== net48) (>= netcoreapp2.0)) (== netcoreapp2.1) (== netcoreapp3.1) (== netstandard2.0)
      Microsoft.NETCore.Platforms (>= 1.1) - restriction: || (&& (== net45) (>= netstandard1.3)) (&& (== net462) (< net46)) (&& (== net47) (< net46)) (&& (== net472) (< net46)) (&& (== net48) (< net46)) (== netcoreapp2.1) (== netcoreapp3.1) (== netstandard2.0)
      Microsoft.NETCore.Targets (>= 1.1) - restriction: || (&& (== net45) (>= netstandard1.3)) (&& (== net462) (< net46)) (&& (== net47) (< net46)) (&& (== net472) (< net46)) (&& (== net48) (< net46)) (== netcoreapp2.1) (== netcoreapp3.1) (== netstandard2.0)
      System.Runtime (>= 4.3) - restriction: || (&& (== net45) (>= netstandard1.3)) (&& (== net462) (< net46)) (&& (== net47) (< net46)) (&& (== net472) (< net46)) (&& (== net48) (< net46)) (== netcoreapp2.1) (== netcoreapp3.1) (== netstandard2.0)
    System.Runtime.InteropServices (4.3) - restriction: || (&& (== net45) (>= netcoreapp2.0)) (&& (== net462) (< net45)) (&& (== net462) (>= netcoreapp2.0)) (&& (== net47) (< net45)) (&& (== net47) (>= netcoreapp2.0)) (&& (== net472) (< net45)) (&& (== net472) (>= netcoreapp2.0)) (&& (== net48) (< net45)) (&& (== net48) (>= netcoreapp2.0)) (== netcoreapp2.1) (== netcoreapp3.1) (== netstandard2.0)
      Microsoft.NETCore.Platforms (>= 1.1) - restriction: || (&& (== net45) (>= netcoreapp1.1)) (&& (== net462) (< net45)) (&& (== net462) (>= netcoreapp1.1)) (&& (== net47) (< net45)) (&& (== net47) (>= netcoreapp1.1)) (&& (== net472) (< net45)) (&& (== net472) (>= netcoreapp1.1)) (&& (== net48) (< net45)) (&& (== net48) (>= netcoreapp1.1)) (== netcoreapp2.1) (== netcoreapp3.1) (== netstandard2.0)
      Microsoft.NETCore.Targets (>= 1.1) - restriction: || (&& (== net45) (>= netcoreapp1.1)) (&& (== net462) (< net45)) (&& (== net462) (>= netcoreapp1.1)) (&& (== net47) (< net45)) (&& (== net47) (>= netcoreapp1.1)) (&& (== net472) (< net45)) (&& (== net472) (>= netcoreapp1.1)) (&& (== net48) (< net45)) (&& (== net48) (>= netcoreapp1.1)) (== netcoreapp2.1) (== netcoreapp3.1) (== netstandard2.0)
      System.Reflection (>= 4.3) - restriction: || (&& (== net45) (>= netcoreapp1.1)) (&& (== net462) (< net45)) (&& (== net462) (>= netcoreapp1.1)) (&& (== net47) (< net45)) (&& (== net47) (>= netcoreapp1.1)) (&& (== net472) (< net45)) (&& (== net472) (>= netcoreapp1.1)) (&& (== net48) (< net45)) (&& (== net48) (>= netcoreapp1.1)) (== netcoreapp2.1) (== netcoreapp3.1) (== netstandard2.0)
      System.Reflection.Primitives (>= 4.3) - restriction: || (&& (== net45) (>= netcoreapp1.1)) (&& (== net462) (< net45)) (&& (== net462) (>= netcoreapp1.1)) (&& (== net47) (< net45)) (&& (== net47) (>= netcoreapp1.1)) (&& (== net472) (< net45)) (&& (== net472) (>= netcoreapp1.1)) (&& (== net48) (< net45)) (&& (== net48) (>= netcoreapp1.1)) (== netcoreapp2.1) (== netcoreapp3.1) (== netstandard2.0)
      System.Runtime (>= 4.3) - restriction: || (&& (== net45) (>= net462)) (&& (== net45) (>= netcoreapp1.1)) (== net462) (== net47) (== net472) (== net48) (== netcoreapp2.1) (== netcoreapp3.1) (== netstandard2.0)
      System.Runtime.Handles (>= 4.3) - restriction: || (&& (== net45) (>= netcoreapp1.1)) (&& (== net462) (< net45)) (&& (== net462) (>= netcoreapp1.1)) (&& (== net47) (< net45)) (&& (== net47) (>= netcoreapp1.1)) (&& (== net472) (< net45)) (&& (== net472) (>= netcoreapp1.1)) (&& (== net48) (< net45)) (&& (== net48) (>= netcoreapp1.1)) (== netcoreapp2.1) (== netcoreapp3.1) (== netstandard2.0)
    System.Runtime.InteropServices.WindowsRuntime (4.3) - restriction: || (&& (== net45) (== net472)) (&& (== net45) (== net48)) (&& (== net45) (== netcoreapp3.1)) (&& (== net45) (>= netstandard2.0)) (&& (== net462) (== net472)) (&& (== net462) (== net48)) (&& (== net462) (== netcoreapp3.1)) (&& (== net462) (>= netstandard2.0)) (&& (== net47) (== net472)) (&& (== net47) (== net48)) (&& (== net47) (== netcoreapp3.1)) (&& (== net47) (>= netstandard2.0)) (&& (== net48) (== netcoreapp3.1)) (&& (== net48) (< net472)) (== netcoreapp2.1) (== netstandard2.0)
      System.Runtime (>= 4.3) - restriction: || (&& (== net462) (< net45)) (&& (== net47) (< net45)) (&& (== net472) (< net45)) (&& (== net48) (< net45)) (== netcoreapp2.1) (== netcoreapp3.1) (== netstandard2.0)
    System.Runtime.Numerics (4.3) - restriction: || (&& (== net45) (>= netcoreapp2.0)) (&& (== net462) (>= netcoreapp2.0)) (&& (== net47) (>= netcoreapp2.0)) (&& (== net472) (>= netcoreapp2.0)) (&& (== net48) (>= netcoreapp2.0)) (== netcoreapp2.1) (== netcoreapp3.1) (&& (== netstandard2.0) (>= netcoreapp2.0))
      System.Globalization (>= 4.3) - restriction: || (&& (== net462) (< net45)) (&& (== net47) (< net45)) (&& (== net472) (< net45)) (&& (== net48) (< net45)) (== netcoreapp2.1) (== netcoreapp3.1) (== netstandard2.0)
      System.Resources.ResourceManager (>= 4.3) - restriction: || (&& (== net462) (< net45)) (&& (== net47) (< net45)) (&& (== net472) (< net45)) (&& (== net48) (< net45)) (== netcoreapp2.1) (== netcoreapp3.1) (== netstandard2.0)
      System.Runtime (>= 4.3) - restriction: || (&& (== net462) (< net45)) (&& (== net47) (< net45)) (&& (== net472) (< net45)) (&& (== net48) (< net45)) (== netcoreapp2.1) (== netcoreapp3.1) (== netstandard2.0)
      System.Runtime.Extensions (>= 4.3) - restriction: || (&& (== net462) (< net45)) (&& (== net47) (< net45)) (&& (== net472) (< net45)) (&& (== net48) (< net45)) (== netcoreapp2.1) (== netcoreapp3.1) (== netstandard2.0)
    System.Security.AccessControl (6.0) - restriction: || (&& (== net45) (>= net461)) (&& (== net45) (>= netcoreapp3.1)) (&& (== net45) (>= netstandard2.0)) (== net462) (== net47) (== net472) (== net48) (== netcoreapp2.1) (== netcoreapp3.1) (== netstandard2.0)
      System.Security.Principal.Windows (>= 5.0) - restriction: || (&& (== net45) (>= net461)) (&& (== net45) (>= netstandard2.0)) (== net462) (== net47) (== net472) (== net48) (== netcoreapp2.1) (== netcoreapp3.1) (== netstandard2.0)
    System.Security.Cryptography.Algorithms (4.3.1) - restriction: || (&& (== net45) (>= netcoreapp2.0)) (&& (== net462) (>= netcoreapp2.0)) (&& (== net47) (>= netcoreapp2.0)) (&& (== net472) (>= netcoreapp2.0)) (&& (== net48) (>= netcoreapp2.0)) (== netcoreapp2.1) (== netcoreapp3.1) (&& (== netstandard2.0) (>= netcoreapp2.0))
      Microsoft.NETCore.Platforms (>= 1.1) - restriction: || (&& (== net45) (>= netstandard1.6)) (&& (== net462) (< net46) (>= netstandard1.6)) (&& (== net47) (< net46) (>= netstandard1.6)) (&& (== net472) (< net46)) (&& (== net48) (< net46)) (== netcoreapp2.1) (== netcoreapp3.1) (== netstandard2.0)
      runtime.native.System.Security.Cryptography.Apple (>= 4.3.1) - restriction: || (&& (== net45) (>= netstandard1.6)) (&& (== net462) (< net46) (>= netstandard1.6)) (&& (== net47) (< net46) (>= netstandard1.6)) (&& (== net472) (< net46)) (&& (== net48) (< net46)) (== netcoreapp2.1) (== netcoreapp3.1) (== netstandard2.0)
      runtime.native.System.Security.Cryptography.OpenSsl (>= 4.3.2) - restriction: || (&& (== net45) (>= netstandard1.6)) (&& (== net462) (< net46) (>= netstandard1.6)) (&& (== net47) (< net46) (>= netstandard1.6)) (&& (== net472) (< net46)) (&& (== net48) (< net46)) (== netcoreapp2.1) (== netcoreapp3.1) (== netstandard2.0)
      System.Collections (>= 4.3) - restriction: || (&& (== net45) (>= netstandard1.6)) (&& (== net462) (< net46) (>= netstandard1.6)) (&& (== net47) (< net46) (>= netstandard1.6)) (&& (== net472) (< net46)) (&& (== net48) (< net46)) (== netcoreapp2.1) (== netcoreapp3.1) (== netstandard2.0)
      System.IO (>= 4.3) - restriction: || (&& (== net45) (>= net463)) (&& (== net45) (>= netstandard1.3)) (&& (== net45) (>= netstandard1.4)) (&& (== net45) (>= netstandard1.6)) (&& (== net462) (< net46)) (&& (== net462) (>= net463)) (== net47) (== net472) (== net48) (== netcoreapp2.1) (== netcoreapp3.1) (== netstandard2.0)
      System.Resources.ResourceManager (>= 4.3) - restriction: || (&& (== net45) (>= netstandard1.6)) (&& (== net462) (< net46) (>= netstandard1.6)) (&& (== net47) (< net46) (>= netstandard1.6)) (&& (== net472) (< net46)) (&& (== net48) (< net46)) (== netcoreapp2.1) (== netcoreapp3.1) (== netstandard2.0)
      System.Runtime (>= 4.3) - restriction: || (&& (== net45) (>= net463)) (&& (== net45) (>= netstandard1.3)) (&& (== net45) (>= netstandard1.4)) (&& (== net45) (>= netstandard1.6)) (&& (== net462) (< net46)) (&& (== net462) (>= net463)) (== net47) (== net472) (== net48) (== netcoreapp2.1) (== netcoreapp3.1) (== netstandard2.0)
      System.Runtime.Extensions (>= 4.3) - restriction: || (&& (== net45) (>= netstandard1.6)) (&& (== net462) (< net46) (>= netstandard1.6)) (&& (== net47) (< net46) (>= netstandard1.6)) (&& (== net472) (< net46)) (&& (== net48) (< net46)) (== netcoreapp2.1) (== netcoreapp3.1) (== netstandard2.0)
      System.Runtime.Handles (>= 4.3) - restriction: || (&& (== net45) (>= netstandard1.6)) (&& (== net462) (< net46) (>= netstandard1.6)) (&& (== net47) (< net46) (>= netstandard1.6)) (&& (== net472) (< net46)) (&& (== net48) (< net46)) (== netcoreapp2.1) (== netcoreapp3.1) (== netstandard2.0)
      System.Runtime.InteropServices (>= 4.3) - restriction: || (&& (== net45) (>= netstandard1.6)) (&& (== net462) (< net46) (>= netstandard1.6)) (&& (== net47) (< net46) (>= netstandard1.6)) (&& (== net472) (< net46)) (&& (== net48) (< net46)) (== netcoreapp2.1) (== netcoreapp3.1) (== netstandard2.0)
      System.Runtime.Numerics (>= 4.3) - restriction: || (&& (== net45) (>= netstandard1.6)) (&& (== net462) (< net46) (>= netstandard1.6)) (&& (== net47) (< net46) (>= netstandard1.6)) (&& (== net472) (< net46)) (&& (== net48) (< net46)) (== netcoreapp2.1) (== netcoreapp3.1) (== netstandard2.0)
      System.Security.Cryptography.Encoding (>= 4.3) - restriction: || (&& (== net45) (>= net463)) (&& (== net45) (>= netstandard1.6)) (&& (== net462) (< net46) (>= netstandard1.6)) (&& (== net462) (>= net463)) (== net47) (== net472) (== net48) (== netcoreapp2.1) (== netcoreapp3.1) (== netstandard2.0)
      System.Security.Cryptography.Primitives (>= 4.3) - restriction: || (&& (== net45) (>= net46)) (&& (== net45) (>= net461)) (&& (== net45) (>= net463)) (&& (== net45) (>= netstandard1.3)) (&& (== net45) (>= netstandard1.4)) (&& (== net45) (>= netstandard1.6)) (== net462) (== net47) (== net472) (== net48) (== netcoreapp2.1) (== netcoreapp3.1) (== netstandard2.0)
      System.Text.Encoding (>= 4.3) - restriction: || (&& (== net45) (>= netstandard1.6)) (&& (== net462) (< net46) (>= netstandard1.6)) (&& (== net47) (< net46) (>= netstandard1.6)) (&& (== net472) (< net46)) (&& (== net48) (< net46)) (== netcoreapp2.1) (== netcoreapp3.1) (== netstandard2.0)
    System.Security.Cryptography.Cng (5.0) - restriction: || (&& (== net45) (>= net5.0)) (&& (== net45) (>= netcoreapp2.0)) (&& (== net462) (>= net5.0)) (&& (== net462) (>= netcoreapp2.0)) (&& (== net47) (>= net5.0)) (&& (== net47) (>= netcoreapp2.0)) (&& (== net472) (>= net5.0)) (&& (== net472) (>= netcoreapp2.0)) (&& (== net48) (>= net5.0)) (&& (== net48) (>= netcoreapp2.0)) (== netcoreapp2.1) (== netcoreapp3.1) (&& (== netstandard2.0) (>= net5.0)) (&& (== netstandard2.0) (>= netcoreapp2.0))
      System.Formats.Asn1 (>= 5.0) - restriction: || (&& (== net45) (>= netcoreapp3.0)) (&& (== net462) (>= netcoreapp3.0)) (&& (== net47) (>= netcoreapp3.0)) (&& (== net472) (>= netcoreapp3.0)) (&& (== net48) (>= netcoreapp3.0)) (&& (== netcoreapp2.1) (>= netcoreapp3.0)) (== netcoreapp3.1) (&& (== netstandard2.0) (>= netcoreapp3.0))
    System.Security.Cryptography.Csp (4.3) - restriction: || (&& (== net45) (>= netcoreapp2.0)) (&& (== net462) (>= netcoreapp2.0)) (&& (== net47) (>= netcoreapp2.0)) (&& (== net472) (>= netcoreapp2.0)) (&& (== net48) (>= netcoreapp2.0)) (== netcoreapp2.1) (== netcoreapp3.1) (&& (== netstandard2.0) (>= netcoreapp2.0))
      Microsoft.NETCore.Platforms (>= 1.1) - restriction: || (&& (== net45) (>= netstandard1.3)) (&& (== net462) (< net46)) (&& (== net47) (< net46)) (&& (== net472) (< net46)) (&& (== net48) (< net46)) (== netcoreapp2.1) (== netcoreapp3.1) (== netstandard2.0)
      System.IO (>= 4.3) - restriction: || (&& (== net45) (>= netstandard1.3)) (&& (== net462) (< net46)) (&& (== net47) (< net46)) (&& (== net472) (< net46)) (&& (== net48) (< net46)) (== netcoreapp2.1) (== netcoreapp3.1) (== netstandard2.0)
      System.Reflection (>= 4.3) - restriction: || (&& (== net45) (>= netstandard1.3)) (&& (== net462) (< net46)) (&& (== net47) (< net46)) (&& (== net472) (< net46)) (&& (== net48) (< net46)) (== netcoreapp2.1) (== netcoreapp3.1) (== netstandard2.0)
      System.Resources.ResourceManager (>= 4.3) - restriction: || (&& (== net45) (>= netstandard1.3)) (&& (== net462) (< net46)) (&& (== net47) (< net46)) (&& (== net472) (< net46)) (&& (== net48) (< net46)) (== netcoreapp2.1) (== netcoreapp3.1) (== netstandard2.0)
      System.Runtime (>= 4.3) - restriction: || (&& (== net45) (>= netstandard1.3)) (&& (== net462) (< net46)) (&& (== net47) (< net46)) (&& (== net472) (< net46)) (&& (== net48) (< net46)) (== netcoreapp2.1) (== netcoreapp3.1) (== netstandard2.0)
      System.Runtime.Extensions (>= 4.3) - restriction: || (&& (== net45) (>= netstandard1.3)) (&& (== net462) (< net46)) (&& (== net47) (< net46)) (&& (== net472) (< net46)) (&& (== net48) (< net46)) (== netcoreapp2.1) (== netcoreapp3.1) (== netstandard2.0)
      System.Runtime.Handles (>= 4.3) - restriction: || (&& (== net45) (>= netstandard1.3)) (&& (== net462) (< net46)) (&& (== net47) (< net46)) (&& (== net472) (< net46)) (&& (== net48) (< net46)) (== netcoreapp2.1) (== netcoreapp3.1) (== netstandard2.0)
      System.Runtime.InteropServices (>= 4.3) - restriction: || (&& (== net45) (>= netstandard1.3)) (&& (== net462) (< net46)) (&& (== net47) (< net46)) (&& (== net472) (< net46)) (&& (== net48) (< net46)) (== netcoreapp2.1) (== netcoreapp3.1) (== netstandard2.0)
      System.Security.Cryptography.Algorithms (>= 4.3) - restriction: || (&& (== net45) (>= net46)) (&& (== net45) (>= netstandard1.3)) (== net462) (== net47) (== net472) (== net48) (== netcoreapp2.1) (== netcoreapp3.1) (== netstandard2.0)
      System.Security.Cryptography.Encoding (>= 4.3) - restriction: || (&& (== net45) (>= netstandard1.3)) (&& (== net462) (< net46)) (&& (== net47) (< net46)) (&& (== net472) (< net46)) (&& (== net48) (< net46)) (== netcoreapp2.1) (== netcoreapp3.1) (== netstandard2.0)
      System.Security.Cryptography.Primitives (>= 4.3) - restriction: || (&& (== net45) (>= net46)) (&& (== net45) (>= netstandard1.3)) (== net462) (== net47) (== net472) (== net48) (== netcoreapp2.1) (== netcoreapp3.1) (== netstandard2.0)
      System.Text.Encoding (>= 4.3) - restriction: || (&& (== net45) (>= netstandard1.3)) (&& (== net462) (< net46)) (&& (== net47) (< net46)) (&& (== net472) (< net46)) (&& (== net48) (< net46)) (== netcoreapp2.1) (== netcoreapp3.1) (== netstandard2.0)
      System.Threading (>= 4.3) - restriction: || (&& (== net45) (>= netstandard1.3)) (&& (== net462) (< net46)) (&& (== net47) (< net46)) (&& (== net472) (< net46)) (&& (== net48) (< net46)) (== netcoreapp2.1) (== netcoreapp3.1) (== netstandard2.0)
    System.Security.Cryptography.Encoding (4.3) - restriction: || (&& (== net45) (>= netcoreapp2.0)) (&& (== net462) (>= netcoreapp2.0)) (&& (== net47) (>= netcoreapp2.0)) (&& (== net472) (>= netcoreapp2.0)) (&& (== net48) (>= netcoreapp2.0)) (== netcoreapp2.1) (== netcoreapp3.1) (&& (== netstandard2.0) (>= netcoreapp2.0))
      Microsoft.NETCore.Platforms (>= 1.1) - restriction: || (&& (== net45) (>= netstandard1.3)) (&& (== net462) (< net46)) (&& (== net47) (< net46)) (&& (== net472) (< net46)) (&& (== net48) (< net46)) (== netcoreapp2.1) (== netcoreapp3.1) (== netstandard2.0)
      runtime.native.System.Security.Cryptography.OpenSsl (>= 4.3) - restriction: || (&& (== net45) (>= netstandard1.3)) (&& (== net462) (< net46)) (&& (== net47) (< net46)) (&& (== net472) (< net46)) (&& (== net48) (< net46)) (== netcoreapp2.1) (== netcoreapp3.1) (== netstandard2.0)
      System.Collections (>= 4.3) - restriction: || (&& (== net45) (>= netstandard1.3)) (&& (== net462) (< net46)) (&& (== net47) (< net46)) (&& (== net472) (< net46)) (&& (== net48) (< net46)) (== netcoreapp2.1) (== netcoreapp3.1) (== netstandard2.0)
      System.Collections.Concurrent (>= 4.3) - restriction: || (&& (== net45) (>= netstandard1.3)) (&& (== net462) (< net46)) (&& (== net47) (< net46)) (&& (== net472) (< net46)) (&& (== net48) (< net46)) (== netcoreapp2.1) (== netcoreapp3.1) (== netstandard2.0)
      System.Linq (>= 4.3) - restriction: || (&& (== net45) (>= netstandard1.3)) (&& (== net462) (< net46)) (&& (== net47) (< net46)) (&& (== net472) (< net46)) (&& (== net48) (< net46)) (== netcoreapp2.1) (== netcoreapp3.1) (== netstandard2.0)
      System.Resources.ResourceManager (>= 4.3) - restriction: || (&& (== net45) (>= netstandard1.3)) (&& (== net462) (< net46)) (&& (== net47) (< net46)) (&& (== net472) (< net46)) (&& (== net48) (< net46)) (== netcoreapp2.1) (== netcoreapp3.1) (== netstandard2.0)
      System.Runtime (>= 4.3) - restriction: || (&& (== net45) (>= netstandard1.3)) (&& (== net462) (< net46)) (&& (== net47) (< net46)) (&& (== net472) (< net46)) (&& (== net48) (< net46)) (== netcoreapp2.1) (== netcoreapp3.1) (== netstandard2.0)
      System.Runtime.Extensions (>= 4.3) - restriction: || (&& (== net45) (>= netstandard1.3)) (&& (== net462) (< net46)) (&& (== net47) (< net46)) (&& (== net472) (< net46)) (&& (== net48) (< net46)) (== netcoreapp2.1) (== netcoreapp3.1) (== netstandard2.0)
      System.Runtime.Handles (>= 4.3) - restriction: || (&& (== net45) (>= netstandard1.3)) (&& (== net462) (< net46)) (&& (== net47) (< net46)) (&& (== net472) (< net46)) (&& (== net48) (< net46)) (== netcoreapp2.1) (== netcoreapp3.1) (== netstandard2.0)
      System.Runtime.InteropServices (>= 4.3) - restriction: || (&& (== net45) (>= netstandard1.3)) (&& (== net462) (< net46)) (&& (== net47) (< net46)) (&& (== net472) (< net46)) (&& (== net48) (< net46)) (== netcoreapp2.1) (== netcoreapp3.1) (== netstandard2.0)
      System.Security.Cryptography.Primitives (>= 4.3) - restriction: || (&& (== net45) (>= netstandard1.3)) (&& (== net462) (< net46)) (&& (== net47) (< net46)) (&& (== net472) (< net46)) (&& (== net48) (< net46)) (== netcoreapp2.1) (== netcoreapp3.1) (== netstandard2.0)
      System.Text.Encoding (>= 4.3) - restriction: || (&& (== net45) (>= netstandard1.3)) (&& (== net462) (< net46)) (&& (== net47) (< net46)) (&& (== net472) (< net46)) (&& (== net48) (< net46)) (== netcoreapp2.1) (== netcoreapp3.1) (== netstandard2.0)
    System.Security.Cryptography.OpenSsl (5.0) - restriction: || (&& (== net45) (>= netcoreapp2.0)) (&& (== net462) (>= netcoreapp2.0)) (&& (== net47) (>= netcoreapp2.0)) (&& (== net472) (>= netcoreapp2.0)) (&& (== net48) (>= netcoreapp2.0)) (== netcoreapp2.1) (== netcoreapp3.1) (&& (== netstandard2.0) (>= netcoreapp2.0))
      System.Formats.Asn1 (>= 5.0) - restriction: || (&& (== net45) (>= netcoreapp3.0)) (&& (== net462) (>= netcoreapp3.0)) (&& (== net47) (>= netcoreapp3.0)) (&& (== net472) (>= netcoreapp3.0)) (&& (== net48) (>= netcoreapp3.0)) (&& (== netcoreapp2.1) (>= netcoreapp3.0)) (== netcoreapp3.1) (&& (== netstandard2.0) (>= netcoreapp3.0))
    System.Security.Cryptography.Pkcs (6.0.1) - restriction: || (&& (== net45) (>= net5.0)) (&& (== net45) (>= netcoreapp2.0)) (&& (== net462) (>= net5.0)) (&& (== net462) (>= netcoreapp2.0)) (&& (== net47) (>= net5.0)) (&& (== net47) (>= netcoreapp2.0)) (&& (== net472) (>= net5.0)) (&& (== net472) (>= netcoreapp2.0)) (&& (== net48) (>= net5.0)) (&& (== net48) (>= netcoreapp2.0)) (== netcoreapp2.1) (== netcoreapp3.1) (&& (== netstandard2.0) (>= net5.0)) (&& (== netstandard2.0) (>= netcoreapp2.0))
      System.Buffers (>= 4.5.1) - restriction: || (&& (== net45) (>= netstandard2.0)) (&& (== net462) (< net461) (>= netstandard2.0)) (&& (== net47) (< net461) (>= netstandard2.0)) (&& (== net472) (< net461)) (&& (== net48) (< net461)) (== netcoreapp2.1) (&& (== netcoreapp3.1) (< netstandard2.1)) (== netstandard2.0)
      System.Formats.Asn1 (>= 6.0) - restriction: || (&& (== net45) (>= netstandard2.0)) (&& (== net45) (>= netstandard2.1)) (&& (== net462) (< net461) (>= netstandard2.0)) (&& (== net462) (>= netstandard2.1)) (&& (== net47) (< net461) (>= netstandard2.0)) (&& (== net47) (>= netstandard2.1)) (&& (== net472) (< net461)) (&& (== net472) (>= netstandard2.1)) (&& (== net48) (< net461)) (&& (== net48) (>= netstandard2.1)) (== netcoreapp2.1) (== netcoreapp3.1) (== netstandard2.0)
      System.Memory (>= 4.5.4) - restriction: || (&& (== net45) (>= netstandard2.0)) (&& (== net462) (< net461) (>= netstandard2.0)) (&& (== net47) (< net461) (>= netstandard2.0)) (&& (== net472) (< net461)) (&& (== net48) (< net461)) (== netcoreapp2.1) (&& (== netcoreapp3.1) (< netstandard2.1)) (== netstandard2.0)
      System.Security.Cryptography.Cng (>= 5.0) - restriction: || (&& (== net45) (>= netcoreapp3.1)) (&& (== net45) (>= netstandard2.0)) (&& (== net45) (>= netstandard2.1)) (&& (== net462) (< net461) (>= netstandard2.0)) (&& (== net462) (>= netcoreapp3.1)) (&& (== net462) (>= netstandard2.1)) (&& (== net47) (< net461) (>= netstandard2.0)) (&& (== net47) (>= netcoreapp3.1)) (&& (== net47) (>= netstandard2.1)) (&& (== net472) (< net461)) (&& (== net472) (>= netcoreapp3.1)) (&& (== net472) (>= netstandard2.1)) (&& (== net48) (< net461)) (&& (== net48) (>= netcoreapp3.1)) (&& (== net48) (>= netstandard2.1)) (== netcoreapp2.1) (== netcoreapp3.1) (== netstandard2.0)
    System.Security.Cryptography.Primitives (4.3) - restriction: || (&& (== net45) (>= netcoreapp2.0)) (&& (== net462) (>= netcoreapp2.0)) (&& (== net47) (>= netcoreapp2.0)) (&& (== net472) (>= netcoreapp2.0)) (&& (== net48) (>= netcoreapp2.0)) (== netcoreapp2.1) (== netcoreapp3.1) (&& (== netstandard2.0) (>= netcoreapp2.0))
      System.Diagnostics.Debug (>= 4.3) - restriction: || (&& (== net45) (>= netstandard1.3)) (&& (== net462) (< net46)) (&& (== net47) (< net46)) (&& (== net472) (< net46)) (&& (== net48) (< net46)) (== netcoreapp2.1) (== netcoreapp3.1) (== netstandard2.0)
      System.Globalization (>= 4.3) - restriction: || (&& (== net45) (>= netstandard1.3)) (&& (== net462) (< net46)) (&& (== net47) (< net46)) (&& (== net472) (< net46)) (&& (== net48) (< net46)) (== netcoreapp2.1) (== netcoreapp3.1) (== netstandard2.0)
      System.IO (>= 4.3) - restriction: || (&& (== net45) (>= netstandard1.3)) (&& (== net462) (< net46)) (&& (== net47) (< net46)) (&& (== net472) (< net46)) (&& (== net48) (< net46)) (== netcoreapp2.1) (== netcoreapp3.1) (== netstandard2.0)
      System.Resources.ResourceManager (>= 4.3) - restriction: || (&& (== net45) (>= netstandard1.3)) (&& (== net462) (< net46)) (&& (== net47) (< net46)) (&& (== net472) (< net46)) (&& (== net48) (< net46)) (== netcoreapp2.1) (== netcoreapp3.1) (== netstandard2.0)
      System.Runtime (>= 4.3) - restriction: || (&& (== net45) (>= netstandard1.3)) (&& (== net462) (< net46)) (&& (== net47) (< net46)) (&& (== net472) (< net46)) (&& (== net48) (< net46)) (== netcoreapp2.1) (== netcoreapp3.1) (== netstandard2.0)
      System.Threading (>= 4.3) - restriction: || (&& (== net45) (>= netstandard1.3)) (&& (== net462) (< net46)) (&& (== net47) (< net46)) (&& (== net472) (< net46)) (&& (== net48) (< net46)) (== netcoreapp2.1) (== netcoreapp3.1) (== netstandard2.0)
      System.Threading.Tasks (>= 4.3) - restriction: || (&& (== net45) (>= netstandard1.3)) (&& (== net462) (< net46)) (&& (== net47) (< net46)) (&& (== net472) (< net46)) (&& (== net48) (< net46)) (== netcoreapp2.1) (== netcoreapp3.1) (== netstandard2.0)
    System.Security.Cryptography.ProtectedData (6.0) - restriction: || (&& (== net45) (== net472)) (&& (== net45) (== net48)) (&& (== net45) (>= net6.0)) (&& (== net45) (>= netcoreapp2.0)) (&& (== net45) (>= netstandard2.0)) (&& (== net462) (< net461) (>= netstandard2.0)) (&& (== net462) (>= net6.0)) (&& (== net462) (>= netcoreapp2.0)) (&& (== net47) (< net461) (>= netstandard2.0)) (&& (== net47) (>= net6.0)) (&& (== net47) (>= netcoreapp2.0)) (&& (== net472) (< net461)) (&& (== net472) (>= net6.0)) (&& (== net472) (>= netcoreapp2.0)) (&& (== net48) (< net461)) (&& (== net48) (>= net6.0)) (&& (== net48) (>= netcoreapp2.0)) (== netcoreapp2.1) (== netcoreapp3.1) (== netstandard2.0)
      System.Memory (>= 4.5.4) - restriction: || (&& (== net45) (>= netstandard2.0)) (&& (== net462) (< net461) (>= netstandard2.0)) (&& (== net47) (< net461) (>= netstandard2.0)) (&& (== net472) (< net461)) (&& (== net48) (< net461)) (== netcoreapp2.1) (== netcoreapp3.1) (== netstandard2.0)
    System.Security.Cryptography.X509Certificates (4.3.2) - restriction: || (&& (== net45) (>= netcoreapp2.0)) (&& (== net462) (>= netcoreapp2.0)) (&& (== net47) (>= netcoreapp2.0)) (&& (== net472) (>= netcoreapp2.0)) (&& (== net48) (>= netcoreapp2.0)) (== netcoreapp2.1) (== netcoreapp3.1) (&& (== netstandard2.0) (>= netcoreapp2.0))
      Microsoft.NETCore.Platforms (>= 1.1) - restriction: || (&& (== net45) (>= netstandard1.6)) (&& (== net462) (< net46) (>= netstandard1.6)) (&& (== net47) (< net46) (>= netstandard1.6)) (&& (== net472) (< net46)) (&& (== net48) (< net46)) (== netcoreapp2.1) (== netcoreapp3.1) (== netstandard2.0)
      runtime.native.System (>= 4.3) - restriction: || (&& (== net45) (>= netstandard1.6)) (&& (== net462) (< net46) (>= netstandard1.6)) (&& (== net47) (< net46) (>= netstandard1.6)) (&& (== net472) (< net46)) (&& (== net48) (< net46)) (== netcoreapp2.1) (== netcoreapp3.1) (== netstandard2.0)
      runtime.native.System.Net.Http (>= 4.3) - restriction: || (&& (== net45) (>= netstandard1.6)) (&& (== net462) (< net46) (>= netstandard1.6)) (&& (== net47) (< net46) (>= netstandard1.6)) (&& (== net472) (< net46)) (&& (== net48) (< net46)) (== netcoreapp2.1) (== netcoreapp3.1) (== netstandard2.0)
      runtime.native.System.Security.Cryptography.OpenSsl (>= 4.3.2) - restriction: || (&& (== net45) (>= netstandard1.6)) (&& (== net462) (< net46) (>= netstandard1.6)) (&& (== net47) (< net46) (>= netstandard1.6)) (&& (== net472) (< net46)) (&& (== net48) (< net46)) (== netcoreapp2.1) (== netcoreapp3.1) (== netstandard2.0)
      System.Collections (>= 4.3) - restriction: || (&& (== net45) (>= netstandard1.6)) (&& (== net462) (< net46) (>= netstandard1.6)) (&& (== net47) (< net46) (>= netstandard1.6)) (&& (== net472) (< net46)) (&& (== net48) (< net46)) (== netcoreapp2.1) (== netcoreapp3.1) (== netstandard2.0)
      System.Diagnostics.Debug (>= 4.3) - restriction: || (&& (== net45) (>= netstandard1.6)) (&& (== net462) (< net46) (>= netstandard1.6)) (&& (== net47) (< net46) (>= netstandard1.6)) (&& (== net472) (< net46)) (&& (== net48) (< net46)) (== netcoreapp2.1) (== netcoreapp3.1) (== netstandard2.0)
      System.Globalization (>= 4.3) - restriction: || (&& (== net45) (>= netstandard1.6)) (&& (== net462) (< net46) (>= netstandard1.6)) (&& (== net47) (< net46) (>= netstandard1.6)) (&& (== net472) (< net46)) (&& (== net48) (< net46)) (== netcoreapp2.1) (== netcoreapp3.1) (== netstandard2.0)
      System.Globalization.Calendars (>= 4.3) - restriction: || (&& (== net45) (>= netstandard1.6)) (&& (== net462) (< net46) (>= netstandard1.6)) (&& (== net47) (< net46) (>= netstandard1.6)) (&& (== net472) (< net46)) (&& (== net48) (< net46)) (== netcoreapp2.1) (== netcoreapp3.1) (== netstandard2.0)
      System.IO (>= 4.3) - restriction: || (&& (== net45) (>= netstandard1.6)) (&& (== net462) (< net46) (>= netstandard1.6)) (&& (== net47) (< net46) (>= netstandard1.6)) (&& (== net472) (< net46)) (&& (== net48) (< net46)) (== netcoreapp2.1) (== netcoreapp3.1) (== netstandard2.0)
      System.IO.FileSystem (>= 4.3) - restriction: || (&& (== net45) (>= netstandard1.6)) (&& (== net462) (< net46) (>= netstandard1.6)) (&& (== net47) (< net46) (>= netstandard1.6)) (&& (== net472) (< net46)) (&& (== net48) (< net46)) (== netcoreapp2.1) (== netcoreapp3.1) (== netstandard2.0)
      System.IO.FileSystem.Primitives (>= 4.3) - restriction: || (&& (== net45) (>= netstandard1.6)) (&& (== net462) (< net46) (>= netstandard1.6)) (&& (== net47) (< net46) (>= netstandard1.6)) (&& (== net472) (< net46)) (&& (== net48) (< net46)) (== netcoreapp2.1) (== netcoreapp3.1) (== netstandard2.0)
      System.Resources.ResourceManager (>= 4.3) - restriction: || (&& (== net45) (>= netstandard1.6)) (&& (== net462) (< net46) (>= netstandard1.6)) (&& (== net47) (< net46) (>= netstandard1.6)) (&& (== net472) (< net46)) (&& (== net48) (< net46)) (== netcoreapp2.1) (== netcoreapp3.1) (== netstandard2.0)
      System.Runtime (>= 4.3) - restriction: || (&& (== net45) (>= netstandard1.3)) (&& (== net45) (>= netstandard1.4)) (&& (== net45) (>= netstandard1.6)) (&& (== net462) (< net46)) (&& (== net47) (< net46)) (&& (== net472) (< net46)) (&& (== net48) (< net46)) (== netcoreapp2.1) (== netcoreapp3.1) (== netstandard2.0)
      System.Runtime.Extensions (>= 4.3) - restriction: || (&& (== net45) (>= netstandard1.6)) (&& (== net462) (< net46) (>= netstandard1.6)) (&& (== net47) (< net46) (>= netstandard1.6)) (&& (== net472) (< net46)) (&& (== net48) (< net46)) (== netcoreapp2.1) (== netcoreapp3.1) (== netstandard2.0)
      System.Runtime.Handles (>= 4.3) - restriction: || (&& (== net45) (>= netstandard1.3)) (&& (== net45) (>= netstandard1.4)) (&& (== net45) (>= netstandard1.6)) (&& (== net462) (< net46)) (&& (== net47) (< net46)) (&& (== net472) (< net46)) (&& (== net48) (< net46)) (== netcoreapp2.1) (== netcoreapp3.1) (== netstandard2.0)
      System.Runtime.InteropServices (>= 4.3) - restriction: || (&& (== net45) (>= netstandard1.6)) (&& (== net462) (< net46) (>= netstandard1.6)) (&& (== net47) (< net46) (>= netstandard1.6)) (&& (== net472) (< net46)) (&& (== net48) (< net46)) (== netcoreapp2.1) (== netcoreapp3.1) (== netstandard2.0)
      System.Runtime.Numerics (>= 4.3) - restriction: || (&& (== net45) (>= netstandard1.6)) (&& (== net462) (< net46) (>= netstandard1.6)) (&& (== net47) (< net46) (>= netstandard1.6)) (&& (== net472) (< net46)) (&& (== net48) (< net46)) (== netcoreapp2.1) (== netcoreapp3.1) (== netstandard2.0)
      System.Security.Cryptography.Algorithms (>= 4.3) - restriction: || (&& (== net45) (>= net46)) (&& (== net45) (>= net461)) (&& (== net45) (>= netstandard1.3)) (&& (== net45) (>= netstandard1.4)) (&& (== net45) (>= netstandard1.6)) (== net462) (== net47) (== net472) (== net48) (== netcoreapp2.1) (== netcoreapp3.1) (== netstandard2.0)
      System.Security.Cryptography.Cng (>= 4.3) - restriction: || (&& (== net45) (>= netstandard1.6)) (&& (== net462) (< net46) (>= netstandard1.6)) (&& (== net47) (< net46) (>= netstandard1.6)) (&& (== net472) (< net46)) (&& (== net48) (< net46)) (== netcoreapp2.1) (== netcoreapp3.1) (== netstandard2.0)
      System.Security.Cryptography.Csp (>= 4.3) - restriction: || (&& (== net45) (>= netstandard1.6)) (&& (== net462) (< net46) (>= netstandard1.6)) (&& (== net47) (< net46) (>= netstandard1.6)) (&& (== net472) (< net46)) (&& (== net48) (< net46)) (== netcoreapp2.1) (== netcoreapp3.1) (== netstandard2.0)
      System.Security.Cryptography.Encoding (>= 4.3) - restriction: || (&& (== net45) (>= net46)) (&& (== net45) (>= net461)) (&& (== net45) (>= netstandard1.3)) (&& (== net45) (>= netstandard1.4)) (&& (== net45) (>= netstandard1.6)) (== net462) (== net47) (== net472) (== net48) (== netcoreapp2.1) (== netcoreapp3.1) (== netstandard2.0)
      System.Security.Cryptography.OpenSsl (>= 4.3) - restriction: || (&& (== net45) (>= netstandard1.6)) (&& (== net462) (< net46) (>= netstandard1.6)) (&& (== net47) (< net46) (>= netstandard1.6)) (&& (== net472) (< net46)) (&& (== net48) (< net46)) (== netcoreapp2.1) (== netcoreapp3.1) (== netstandard2.0)
      System.Security.Cryptography.Primitives (>= 4.3) - restriction: || (&& (== net45) (>= netstandard1.6)) (&& (== net462) (< net46) (>= netstandard1.6)) (&& (== net47) (< net46) (>= netstandard1.6)) (&& (== net472) (< net46)) (&& (== net48) (< net46)) (== netcoreapp2.1) (== netcoreapp3.1) (== netstandard2.0)
      System.Text.Encoding (>= 4.3) - restriction: || (&& (== net45) (>= netstandard1.6)) (&& (== net462) (< net46) (>= netstandard1.6)) (&& (== net47) (< net46) (>= netstandard1.6)) (&& (== net472) (< net46)) (&& (== net48) (< net46)) (== netcoreapp2.1) (== netcoreapp3.1) (== netstandard2.0)
      System.Threading (>= 4.3) - restriction: || (&& (== net45) (>= netstandard1.6)) (&& (== net462) (< net46) (>= netstandard1.6)) (&& (== net47) (< net46) (>= netstandard1.6)) (&& (== net472) (< net46)) (&& (== net48) (< net46)) (== netcoreapp2.1) (== netcoreapp3.1) (== netstandard2.0)
    System.Security.Permissions (6.0) - restriction: || (&& (== net45) (>= net461)) (&& (== net45) (>= netstandard2.0)) (== net462) (== net47) (== net472) (== net48) (== netcoreapp2.1) (== netcoreapp3.1) (== netstandard2.0)
      System.Security.AccessControl (>= 6.0) - restriction: || (&& (== net45) (>= net461)) (&& (== net45) (>= netstandard2.0)) (== net462) (== net47) (== net472) (== net48) (== netcoreapp2.1) (== netcoreapp3.1) (== netstandard2.0)
      System.Windows.Extensions (>= 6.0) - restriction: || (&& (== net45) (>= netcoreapp3.1)) (&& (== net462) (>= netcoreapp3.1)) (&& (== net47) (>= netcoreapp3.1)) (&& (== net472) (>= netcoreapp3.1)) (&& (== net48) (>= netcoreapp3.1)) (&& (== netcoreapp2.1) (>= netcoreapp3.1)) (== netcoreapp3.1) (&& (== netstandard2.0) (>= netcoreapp3.1))
    System.Security.Principal.Windows (5.0) - restriction: || (&& (== net45) (>= net461)) (&& (== net45) (>= netcoreapp3.1)) (&& (== net45) (>= netstandard2.0)) (== net462) (== net47) (== net472) (== net48) (== netcoreapp2.1) (== netcoreapp3.1) (== netstandard2.0)
    System.Text.Encoding (4.3) - restriction: || (&& (== net45) (>= netcoreapp2.0)) (&& (== net462) (< net45)) (&& (== net462) (>= netcoreapp2.0)) (&& (== net47) (< net45)) (&& (== net47) (>= netcoreapp2.0)) (&& (== net472) (< net45)) (&& (== net472) (>= netcoreapp2.0)) (&& (== net48) (< net45)) (&& (== net48) (>= netcoreapp2.0)) (== netcoreapp2.1) (== netcoreapp3.1) (== netstandard2.0)
      Microsoft.NETCore.Platforms (>= 1.1) - restriction: || (&& (== net462) (< net45)) (&& (== net47) (< net45)) (&& (== net472) (< net45)) (&& (== net48) (< net45)) (== netcoreapp2.1) (== netcoreapp3.1) (== netstandard2.0)
      Microsoft.NETCore.Targets (>= 1.1) - restriction: || (&& (== net462) (< net45)) (&& (== net47) (< net45)) (&& (== net472) (< net45)) (&& (== net48) (< net45)) (== netcoreapp2.1) (== netcoreapp3.1) (== netstandard2.0)
      System.Runtime (>= 4.3) - restriction: || (&& (== net462) (< net45)) (&& (== net47) (< net45)) (&& (== net472) (< net45)) (&& (== net48) (< net45)) (== netcoreapp2.1) (== netcoreapp3.1) (== netstandard2.0)
    System.Text.Encoding.CodePages (6.0) - restriction: || (&& (== net45) (< net40) (>= netstandard2.0)) (&& (== net462) (< net40) (>= netstandard2.0)) (&& (== net47) (< net40) (>= netstandard2.0)) (&& (== net472) (< net40)) (&& (== net48) (< net40)) (== netcoreapp2.1) (== netcoreapp3.1) (== netstandard2.0)
      System.Memory (>= 4.5.4) - restriction: || (&& (== net45) (>= net461)) (&& (== net45) (>= netstandard2.0)) (== net462) (== net47) (== net472) (== net48) (== netcoreapp2.1) (&& (== netcoreapp3.1) (>= net461)) (== netstandard2.0)
      System.Runtime.CompilerServices.Unsafe (>= 6.0) - restriction: || (&& (== net45) (>= net461)) (&& (== net45) (>= netstandard2.0)) (== net462) (== net47) (== net472) (== net48) (== netcoreapp2.1) (== netcoreapp3.1) (== netstandard2.0)
    System.Threading (4.3) - restriction: || (&& (== net45) (>= netcoreapp2.0)) (&& (== net462) (< net45)) (&& (== net462) (>= netcoreapp2.0)) (&& (== net47) (< net45)) (&& (== net47) (>= netcoreapp2.0)) (&& (== net472) (< net45)) (&& (== net472) (>= netcoreapp2.0)) (&& (== net48) (< net45)) (&& (== net48) (>= netcoreapp2.0)) (== netcoreapp2.1) (== netcoreapp3.1) (== netstandard2.0)
      System.Runtime (>= 4.3) - restriction: || (&& (== net462) (< net45)) (&& (== net47) (< net45)) (&& (== net472) (< net45)) (&& (== net48) (< net45)) (== netcoreapp2.1) (== netcoreapp3.1) (== netstandard2.0)
      System.Threading.Tasks (>= 4.3) - restriction: || (&& (== net462) (< net45)) (&& (== net47) (< net45)) (&& (== net472) (< net45)) (&& (== net48) (< net45)) (== netcoreapp2.1) (== netcoreapp3.1) (== netstandard2.0)
    System.Threading.Channels (6.0) - restriction: || (&& (== net45) (>= netstandard2.0)) (&& (== net462) (>= netstandard2.0)) (&& (== net47) (>= netstandard2.0)) (== net472) (== net48) (== netcoreapp2.1) (== netcoreapp3.1) (== netstandard2.0)
      System.Threading.Tasks.Extensions (>= 4.5.4) - restriction: || (&& (== net45) (>= net461)) (&& (== net45) (>= netstandard2.0)) (== net462) (== net47) (== net472) (== net48) (== netcoreapp2.1) (&& (== netcoreapp3.1) (>= net461)) (&& (== netcoreapp3.1) (< netstandard2.1)) (== netstandard2.0)
    System.Threading.Tasks (4.3) - restriction: || (&& (== net45) (>= netcoreapp2.0)) (&& (== net462) (< net45)) (&& (== net462) (>= netcoreapp2.0)) (&& (== net47) (< net45)) (&& (== net47) (>= netcoreapp2.0)) (&& (== net472) (< net45)) (&& (== net472) (>= netcoreapp2.0)) (&& (== net48) (< net45)) (&& (== net48) (>= netcoreapp2.0)) (== netcoreapp2.1) (== netcoreapp3.1) (== netstandard2.0)
      Microsoft.NETCore.Platforms (>= 1.1) - restriction: || (&& (== net462) (< net45)) (&& (== net47) (< net45)) (&& (== net472) (< net45)) (&& (== net48) (< net45)) (== netcoreapp2.1) (== netcoreapp3.1) (== netstandard2.0)
      Microsoft.NETCore.Targets (>= 1.1) - restriction: || (&& (== net462) (< net45)) (&& (== net47) (< net45)) (&& (== net472) (< net45)) (&& (== net48) (< net45)) (== netcoreapp2.1) (== netcoreapp3.1) (== netstandard2.0)
      System.Runtime (>= 4.3) - restriction: || (&& (== net462) (< net45)) (&& (== net47) (< net45)) (&& (== net472) (< net45)) (&& (== net48) (< net45)) (== netcoreapp2.1) (== netcoreapp3.1) (== netstandard2.0)
    System.Threading.Tasks.Extensions (4.5.4) - restriction: || (&& (== net45) (== netcoreapp3.1)) (&& (== net45) (>= net472)) (&& (== net45) (>= netstandard2.0)) (&& (== net45) (>= uap10.1)) (&& (== net462) (== netcoreapp3.1)) (&& (== net462) (>= net472)) (&& (== net462) (>= netstandard2.0)) (&& (== net462) (>= uap10.1)) (&& (== net47) (== netcoreapp3.1)) (&& (== net47) (>= net472)) (&& (== net47) (>= netstandard2.0)) (&& (== net47) (>= uap10.1)) (== net472) (== net48) (== netcoreapp2.1) (&& (== netcoreapp3.1) (>= net472)) (&& (== netcoreapp3.1) (>= uap10.1)) (== netstandard2.0)
      System.Runtime.CompilerServices.Unsafe (>= 4.5.3) - restriction: || (== net45) (== net462) (== net47) (== net472) (== net48) (&& (== netcoreapp2.1) (>= net461)) (&& (== netcoreapp2.1) (< netstandard1.0)) (&& (== netcoreapp2.1) (< netstandard2.0)) (&& (== netcoreapp2.1) (>= wp8)) (&& (== netcoreapp3.1) (>= net461)) (&& (== netcoreapp3.1) (< netcoreapp2.1)) (&& (== netcoreapp3.1) (< netstandard1.0)) (&& (== netcoreapp3.1) (< netstandard2.0)) (&& (== netcoreapp3.1) (>= wp8)) (== netstandard2.0)
    System.ValueTuple (4.5) - restriction: || (== net45) (== net462) (== net47) (== net472) (== net48) (&& (== netcoreapp2.1) (>= net45)) (&& (== netcoreapp2.1) (>= net461)) (&& (== netcoreapp3.1) (>= net45)) (&& (== netcoreapp3.1) (>= net461)) (&& (== netstandard2.0) (>= net45)) (&& (== netstandard2.0) (>= net461))
    System.Windows.Extensions (6.0) - restriction: || (&& (== net45) (>= netcoreapp3.1)) (&& (== net462) (>= netcoreapp3.1)) (&& (== net47) (>= netcoreapp3.1)) (&& (== net472) (>= netcoreapp3.1)) (&& (== net48) (>= netcoreapp3.1)) (&& (== netcoreapp2.1) (>= netcoreapp3.1)) (== netcoreapp3.1) (&& (== netstandard2.0) (>= netcoreapp3.1))
      System.Drawing.Common (>= 6.0) - restriction: || (&& (== net45) (>= netcoreapp3.1)) (&& (== net462) (>= netcoreapp3.1)) (&& (== net47) (>= netcoreapp3.1)) (&& (== net472) (>= netcoreapp3.1)) (&& (== net48) (>= netcoreapp3.1)) (&& (== netcoreapp2.1) (>= netcoreapp3.1)) (== netcoreapp3.1) (&& (== netstandard2.0) (>= netcoreapp3.1))
    xunit (2.4.1)
      xunit.analyzers (>= 0.10)
      xunit.assert (2.4.1)
      xunit.core (2.4.1)
    xunit.abstractions (2.0.3)
    xunit.analyzers (0.10)
    xunit.assert (2.4.1)
      NETStandard.Library (>= 1.6.1) - restriction: || (== net45) (&& (== net462) (< net452)) (&& (== net47) (< net452)) (&& (== net472) (< net452)) (&& (== net48) (< net452)) (== netcoreapp2.1) (== netcoreapp3.1) (== netstandard2.0)
    xunit.core (2.4.1)
      xunit.extensibility.core (2.4.1)
      xunit.extensibility.execution (2.4.1)
    xunit.extensibility.core (2.4.1)
      NETStandard.Library (>= 1.6.1) - restriction: || (== net45) (&& (== net462) (< net452)) (&& (== net47) (< net452)) (&& (== net472) (< net452)) (&& (== net48) (< net452)) (== netcoreapp2.1) (== netcoreapp3.1) (== netstandard2.0)
      xunit.abstractions (>= 2.0.3)
    xunit.extensibility.execution (2.4.1)
      NETStandard.Library (>= 1.6.1) - restriction: || (== net45) (&& (== net462) (< net452)) (&& (== net47) (< net452)) (&& (== net472) (< net452)) (&& (== net48) (< net452)) (== netcoreapp2.1) (== netcoreapp3.1) (== netstandard2.0)
      xunit.extensibility.core (2.4.1)
    xunit.runner.visualstudio (2.4.5)
    YC.QuickGraph (3.7.4)
      DotNet.Contracts
      DotParser (>= 1.0.6)
      FSharp.Core

GROUP FakeBuild
STORAGE: NONE
NUGET
  remote: https://api.nuget.org/v3/index.json
    BlackFox.VsWhere (1.1) - restriction: >= netstandard2.0
      FSharp.Core (>= 4.0.0.1) - restriction: >= net45
      FSharp.Core (>= 4.2.3) - restriction: && (< net45) (>= netstandard2.0)
      Microsoft.Win32.Registry (>= 4.7) - restriction: && (< net45) (>= netstandard2.0)
    Fake.Api.GitHub (5.22)
      FSharp.Core (>= 6.0) - restriction: >= netstandard2.0
      Octokit (>= 0.50) - restriction: >= netstandard2.0
    Fake.Core.CommandLineParsing (5.22) - restriction: >= netstandard2.0
      FParsec (>= 1.1.1) - restriction: >= netstandard2.0
      FSharp.Core (>= 6.0) - restriction: >= netstandard2.0
    Fake.Core.Context (5.22) - restriction: >= netstandard2.0
      FSharp.Core (>= 6.0) - restriction: >= netstandard2.0
    Fake.Core.Environment (5.22) - restriction: >= netstandard2.0
      FSharp.Core (>= 6.0) - restriction: >= netstandard2.0
    Fake.Core.FakeVar (5.22) - restriction: >= netstandard2.0
      Fake.Core.Context (>= 5.22) - restriction: >= netstandard2.0
      FSharp.Core (>= 6.0) - restriction: >= netstandard2.0
    Fake.Core.Process (5.22) - restriction: >= netstandard2.0
      Fake.Core.Environment (>= 5.22) - restriction: >= netstandard2.0
      Fake.Core.FakeVar (>= 5.22) - restriction: >= netstandard2.0
      Fake.Core.String (>= 5.22) - restriction: >= netstandard2.0
      Fake.Core.Trace (>= 5.22) - restriction: >= netstandard2.0
      Fake.IO.FileSystem (>= 5.22) - restriction: >= netstandard2.0
      FSharp.Core (>= 6.0) - restriction: >= netstandard2.0
      System.Collections.Immutable (>= 5.0) - restriction: >= netstandard2.0
    Fake.Core.ReleaseNotes (5.22)
      Fake.Core.SemVer (>= 5.22) - restriction: >= netstandard2.0
      Fake.Core.String (>= 5.22) - restriction: >= netstandard2.0
      FSharp.Core (>= 6.0) - restriction: >= netstandard2.0
    Fake.Core.SemVer (5.22) - restriction: >= netstandard2.0
      FSharp.Core (>= 6.0) - restriction: >= netstandard2.0
    Fake.Core.String (5.22) - restriction: >= netstandard2.0
      FSharp.Core (>= 6.0) - restriction: >= netstandard2.0
    Fake.Core.Target (5.22)
      Fake.Core.CommandLineParsing (>= 5.22) - restriction: >= netstandard2.0
      Fake.Core.Context (>= 5.22) - restriction: >= netstandard2.0
      Fake.Core.Environment (>= 5.22) - restriction: >= netstandard2.0
      Fake.Core.FakeVar (>= 5.22) - restriction: >= netstandard2.0
      Fake.Core.Process (>= 5.22) - restriction: >= netstandard2.0
      Fake.Core.String (>= 5.22) - restriction: >= netstandard2.0
      Fake.Core.Trace (>= 5.22) - restriction: >= netstandard2.0
      FSharp.Control.Reactive (>= 5.0.2) - restriction: >= netstandard2.0
      FSharp.Core (>= 6.0) - restriction: >= netstandard2.0
    Fake.Core.Tasks (5.22) - restriction: >= netstandard2.0
      Fake.Core.Trace (>= 5.22) - restriction: >= netstandard2.0
      FSharp.Core (>= 6.0) - restriction: >= netstandard2.0
    Fake.Core.Trace (5.22) - restriction: >= netstandard2.0
      Fake.Core.Environment (>= 5.22) - restriction: >= netstandard2.0
      Fake.Core.FakeVar (>= 5.22) - restriction: >= netstandard2.0
      FSharp.Core (>= 6.0) - restriction: >= netstandard2.0
    Fake.Core.Xml (5.22) - restriction: >= netstandard2.0
      Fake.Core.String (>= 5.22) - restriction: >= netstandard2.0
      FSharp.Core (>= 6.0) - restriction: >= netstandard2.0
    Fake.DotNet.AssemblyInfoFile (5.22)
      Fake.Core.Environment (>= 5.22) - restriction: >= netstandard2.0
      Fake.Core.String (>= 5.22) - restriction: >= netstandard2.0
      Fake.Core.Trace (>= 5.22) - restriction: >= netstandard2.0
      Fake.IO.FileSystem (>= 5.22) - restriction: >= netstandard2.0
      FSharp.Core (>= 6.0) - restriction: >= netstandard2.0
    Fake.DotNet.Cli (5.22)
      Fake.Core.Environment (>= 5.22) - restriction: >= netstandard2.0
      Fake.Core.Process (>= 5.22) - restriction: >= netstandard2.0
      Fake.Core.String (>= 5.22) - restriction: >= netstandard2.0
      Fake.Core.Trace (>= 5.22) - restriction: >= netstandard2.0
      Fake.DotNet.MSBuild (>= 5.22) - restriction: >= netstandard2.0
      Fake.DotNet.NuGet (>= 5.22) - restriction: >= netstandard2.0
      Fake.IO.FileSystem (>= 5.22) - restriction: >= netstandard2.0
      FSharp.Core (>= 6.0) - restriction: >= netstandard2.0
      Mono.Posix.NETStandard (>= 1.0) - restriction: >= netstandard2.0
      Newtonsoft.Json (>= 13.0.1) - restriction: >= netstandard2.0
    Fake.DotNet.FSFormatting (5.22)
      Fake.Core.Process (>= 5.22) - restriction: >= netstandard2.0
      Fake.DotNet.Cli (>= 5.22) - restriction: >= netstandard2.0
      Fake.IO.FileSystem (>= 5.22) - restriction: >= netstandard2.0
      FSharp.Core (>= 6.0) - restriction: >= netstandard2.0
    Fake.DotNet.MSBuild (5.22)
      BlackFox.VsWhere (>= 1.1) - restriction: >= netstandard2.0
      Fake.Core.Environment (>= 5.22) - restriction: >= netstandard2.0
      Fake.Core.Process (>= 5.22) - restriction: >= netstandard2.0
      Fake.Core.String (>= 5.22) - restriction: >= netstandard2.0
      Fake.Core.Trace (>= 5.22) - restriction: >= netstandard2.0
      Fake.IO.FileSystem (>= 5.22) - restriction: >= netstandard2.0
      FSharp.Core (>= 6.0) - restriction: >= netstandard2.0
      MSBuild.StructuredLogger (>= 2.1.545) - restriction: >= netstandard2.0
    Fake.DotNet.NuGet (5.22) - restriction: >= netstandard2.0
      Fake.Core.Environment (>= 5.22) - restriction: >= netstandard2.0
      Fake.Core.Process (>= 5.22) - restriction: >= netstandard2.0
      Fake.Core.SemVer (>= 5.22) - restriction: >= netstandard2.0
      Fake.Core.String (>= 5.22) - restriction: >= netstandard2.0
      Fake.Core.Tasks (>= 5.22) - restriction: >= netstandard2.0
      Fake.Core.Trace (>= 5.22) - restriction: >= netstandard2.0
      Fake.Core.Xml (>= 5.22) - restriction: >= netstandard2.0
      Fake.IO.FileSystem (>= 5.22) - restriction: >= netstandard2.0
      Fake.Net.Http (>= 5.22) - restriction: >= netstandard2.0
      FSharp.Core (>= 6.0) - restriction: >= netstandard2.0
      Newtonsoft.Json (>= 13.0.1) - restriction: >= netstandard2.0
      NuGet.Protocol (>= 5.11) - restriction: >= netstandard2.0
    Fake.DotNet.Paket (5.22)
      Fake.Core.Process (>= 5.22) - restriction: >= netstandard2.0
      Fake.Core.String (>= 5.22) - restriction: >= netstandard2.0
      Fake.Core.Trace (>= 5.22) - restriction: >= netstandard2.0
      Fake.DotNet.Cli (>= 5.22) - restriction: >= netstandard2.0
      Fake.IO.FileSystem (>= 5.22) - restriction: >= netstandard2.0
      FSharp.Core (>= 6.0) - restriction: >= netstandard2.0
    Fake.DotNet.Testing.Expecto (5.22)
      Fake.Core.Process (>= 5.22) - restriction: >= netstandard2.0
      Fake.Core.String (>= 5.22) - restriction: >= netstandard2.0
      Fake.Core.Trace (>= 5.22) - restriction: >= netstandard2.0
      Fake.IO.FileSystem (>= 5.22) - restriction: >= netstandard2.0
      Fake.Testing.Common (>= 5.22) - restriction: >= netstandard2.0
      FSharp.Core (>= 6.0) - restriction: >= netstandard2.0
    Fake.IO.FileSystem (5.22)
      Fake.Core.String (>= 5.22) - restriction: >= netstandard2.0
      FSharp.Core (>= 6.0) - restriction: >= netstandard2.0
    Fake.Net.Http (5.22) - restriction: >= netstandard2.0
      Fake.Core.Trace (>= 5.22) - restriction: >= netstandard2.0
      FSharp.Core (>= 6.0) - restriction: >= netstandard2.0
    Fake.Testing.Common (5.22) - restriction: >= netstandard2.0
      Fake.Core.Trace (>= 5.22) - restriction: >= netstandard2.0
      FSharp.Core (>= 6.0) - restriction: >= netstandard2.0
    Fake.Tools.Git (5.22)
      Fake.Core.Environment (>= 5.22) - restriction: >= netstandard2.0
      Fake.Core.Process (>= 5.22) - restriction: >= netstandard2.0
      Fake.Core.SemVer (>= 5.22) - restriction: >= netstandard2.0
      Fake.Core.String (>= 5.22) - restriction: >= netstandard2.0
      Fake.Core.Trace (>= 5.22) - restriction: >= netstandard2.0
      Fake.IO.FileSystem (>= 5.22) - restriction: >= netstandard2.0
      FSharp.Core (>= 6.0) - restriction: >= netstandard2.0
    FParsec (1.1.1) - restriction: >= netstandard2.0
      FSharp.Core (>= 4.3.4) - restriction: || (>= net45) (>= netstandard2.0)
      System.ValueTuple (>= 4.4) - restriction: >= net45
    FSharp.Control.Reactive (5.0.5) - restriction: >= netstandard2.0
      FSharp.Core (>= 4.7.2) - restriction: >= netstandard2.0
      System.Reactive (>= 5.0 < 6.0) - restriction: >= netstandard2.0
    FSharp.Core (6.0.5) - restriction: >= netstandard2.0
    Microsoft.Bcl.AsyncInterfaces (6.0) - restriction: || (&& (>= net461) (>= net6.0)) (>= net472) (&& (>= net6.0) (< netcoreapp3.1))
      System.Threading.Tasks.Extensions (>= 4.5.4) - restriction: || (>= net461) (&& (>= netstandard2.0) (< netstandard2.1))
    Microsoft.Build (17.2) - restriction: >= netstandard2.0
      Microsoft.Build.Framework (>= 17.2) - restriction: || (>= net472) (>= net6.0)
      Microsoft.IO.Redist (>= 6.0) - restriction: >= net472
      Microsoft.NET.StringTools (>= 1.0) - restriction: || (>= net472) (>= net6.0)
      Microsoft.Win32.Registry (>= 4.3) - restriction: >= net6.0
      System.Collections.Immutable (>= 5.0) - restriction: || (>= net472) (>= net6.0)
      System.Configuration.ConfigurationManager (>= 4.7) - restriction: || (>= net472) (>= net6.0)
      System.Memory (>= 4.5.4) - restriction: >= net472
      System.Reflection.Metadata (>= 1.6) - restriction: >= net6.0
      System.Security.Principal.Windows (>= 4.7) - restriction: >= net6.0
      System.Text.Encoding.CodePages (>= 4.0.1) - restriction: >= net6.0
      System.Text.Json (>= 6.0) - restriction: || (>= net472) (>= net6.0)
      System.Threading.Tasks.Dataflow (>= 6.0) - restriction: || (>= net472) (>= net6.0)
    Microsoft.Build.Framework (17.2) - restriction: >= netstandard2.0
      Microsoft.Win32.Registry (>= 4.3) - restriction: || (&& (< net472) (>= netstandard2.0)) (>= net6.0)
      System.Runtime.CompilerServices.Unsafe (>= 6.0) - restriction: >= net472
      System.Security.Permissions (>= 4.7) - restriction: || (&& (< net472) (>= netstandard2.0)) (>= net6.0)
    Microsoft.Build.Tasks.Core (17.2) - restriction: >= netstandard2.0
      Microsoft.Build.Framework (>= 17.2) - restriction: >= netstandard2.0
      Microsoft.Build.Utilities.Core (>= 17.2) - restriction: >= netstandard2.0
      Microsoft.IO.Redist (>= 6.0) - restriction: >= net472
      Microsoft.NET.StringTools (>= 1.0) - restriction: >= netstandard2.0
      Microsoft.Win32.Registry (>= 4.3) - restriction: || (&& (< net472) (>= netstandard2.0)) (>= net6.0)
      System.CodeDom (>= 4.4) - restriction: || (&& (< net472) (>= netstandard2.0)) (>= net6.0)
      System.Collections.Immutable (>= 5.0) - restriction: >= netstandard2.0
      System.Reflection.Metadata (>= 1.6) - restriction: || (&& (< net472) (>= netstandard2.0)) (>= net6.0)
      System.Resources.Extensions (>= 4.6) - restriction: >= netstandard2.0
      System.Security.Cryptography.Pkcs (>= 4.7) - restriction: || (&& (< net472) (>= netstandard2.0)) (>= net6.0)
      System.Security.Cryptography.Xml (>= 4.7) - restriction: || (&& (< net472) (>= netstandard2.0)) (>= net6.0)
      System.Security.Permissions (>= 4.7) - restriction: || (&& (< net472) (>= netstandard2.0)) (>= net6.0)
      System.Threading.Tasks.Dataflow (>= 6.0) - restriction: >= netstandard2.0
    Microsoft.Build.Utilities.Core (17.2) - restriction: >= netstandard2.0
      Microsoft.Build.Framework (>= 17.2) - restriction: >= netstandard2.0
      Microsoft.IO.Redist (>= 6.0) - restriction: >= net472
      Microsoft.NET.StringTools (>= 1.0) - restriction: >= netstandard2.0
      Microsoft.Win32.Registry (>= 4.3) - restriction: || (&& (< net472) (>= netstandard2.0)) (>= net6.0)
      System.Collections.Immutable (>= 5.0) - restriction: >= netstandard2.0
      System.Configuration.ConfigurationManager (>= 4.7) - restriction: >= netstandard2.0
      System.Security.Permissions (>= 4.7) - restriction: && (< net472) (< net6.0) (>= netstandard2.0)
      System.Text.Encoding.CodePages (>= 4.0.1) - restriction: && (< net472) (< net6.0) (>= netstandard2.0)
    Microsoft.IO.Redist (6.0) - restriction: >= net472
      System.Buffers (>= 4.5.1) - restriction: >= net472
      System.Memory (>= 4.5.4) - restriction: >= net472
    Microsoft.NET.StringTools (1.0) - restriction: >= netstandard2.0
      System.Memory (>= 4.5.4) - restriction: >= netstandard2.0
      System.Runtime.CompilerServices.Unsafe (>= 5.0) - restriction: >= netstandard2.0
    Microsoft.NETCore.Platforms (6.0.4) - restriction: || (&& (< monoandroid) (< net45) (< netcoreapp3.1) (>= netstandard2.0) (< win8) (< wpa81) (< xamarinios) (< xamarinmac) (< xamarintvos) (< xamarinwatchos)) (&& (< monoandroid) (< net45) (< netstandard1.2) (>= netstandard2.0) (< win8)) (&& (< monoandroid) (< net45) (< netstandard1.3) (>= netstandard2.0) (< win8) (< wpa81)) (&& (< monoandroid) (< net45) (< netstandard1.5) (>= netstandard2.0) (< win8) (< wpa81)) (&& (< monoandroid) (>= net5.0) (< netcoreapp2.1) (< netstandard2.1) (< xamarintvos) (< xamarinwatchos)) (&& (>= net461) (>= netcoreapp2.0)) (&& (>= net461) (>= netcoreapp2.1)) (&& (>= netcoreapp2.0) (< netcoreapp2.1)) (&& (>= netcoreapp2.1) (< netcoreapp3.0))
    Microsoft.NETCore.Targets (5.0) - restriction: || (&& (< monoandroid) (< net45) (< netcoreapp3.1) (>= netstandard2.0) (< win8) (< wpa81) (< xamarinios) (< xamarinmac) (< xamarintvos) (< xamarinwatchos)) (&& (< monoandroid) (< net45) (< netstandard1.2) (>= netstandard2.0) (< win8)) (&& (< monoandroid) (< net45) (< netstandard1.3) (>= netstandard2.0) (< win8) (< wpa81)) (&& (< monoandroid) (< net45) (< netstandard1.5) (>= netstandard2.0) (< win8) (< wpa81))
    Microsoft.Win32.Registry (5.0) - restriction: || (&& (< net45) (>= netstandard2.0)) (&& (< net472) (>= netstandard2.0)) (>= net6.0)
      System.Buffers (>= 4.5.1) - restriction: || (&& (>= monoandroid) (< netstandard1.3)) (>= monotouch) (&& (< net46) (< netcoreapp2.0) (>= netstandard2.0)) (>= xamarinios) (>= xamarinmac) (>= xamarintvos) (>= xamarinwatchos)
      System.Memory (>= 4.5.4) - restriction: || (&& (< monoandroid) (>= netcoreapp2.0) (< netcoreapp2.1) (< xamarinios) (< xamarinmac) (< xamarintvos) (< xamarinwatchos)) (&& (< net46) (< netcoreapp2.0) (>= netstandard2.0) (< xamarinios) (< xamarinmac) (< xamarintvos) (< xamarinwatchos)) (>= uap10.1)
      System.Security.AccessControl (>= 5.0) - restriction: || (&& (>= monoandroid) (< netstandard1.3)) (&& (< monoandroid) (>= netcoreapp2.0)) (>= monotouch) (&& (< net46) (< netcoreapp2.0) (>= netstandard2.0)) (>= net461) (>= netcoreapp2.1) (>= uap10.1) (>= xamarinios) (>= xamarinmac) (>= xamarintvos) (>= xamarinwatchos)
      System.Security.Principal.Windows (>= 5.0) - restriction: || (&& (>= monoandroid) (< netstandard1.3)) (&& (< monoandroid) (>= netcoreapp2.0)) (>= monotouch) (&& (< net46) (< netcoreapp2.0) (>= netstandard2.0)) (>= net461) (>= netcoreapp2.1) (>= uap10.1) (>= xamarinios) (>= xamarinmac) (>= xamarintvos) (>= xamarinwatchos)
    Microsoft.Win32.SystemEvents (6.0.1) - restriction: >= netcoreapp3.1
    Mono.Posix.NETStandard (1.0) - restriction: >= netstandard2.0
    MSBuild.StructuredLogger (2.1.669) - restriction: >= netstandard2.0
      Microsoft.Build (>= 16.10) - restriction: >= netstandard2.0
      Microsoft.Build.Framework (>= 16.10) - restriction: >= netstandard2.0
      Microsoft.Build.Tasks.Core (>= 16.10) - restriction: >= netstandard2.0
      Microsoft.Build.Utilities.Core (>= 16.10) - restriction: >= netstandard2.0
    Newtonsoft.Json (13.0.1) - restriction: >= netstandard2.0
    NuGet.Common (6.2.1) - restriction: >= netstandard2.0
      NuGet.Frameworks (>= 6.2.1) - restriction: || (>= net45) (>= netstandard2.0)
    NuGet.Configuration (6.2.1) - restriction: >= netstandard2.0
      NuGet.Common (>= 6.2.1) - restriction: || (>= net45) (>= netstandard2.0)
      System.Security.Cryptography.ProtectedData (>= 4.4) - restriction: && (< net45) (>= netstandard2.0)
    NuGet.Frameworks (6.2.1) - restriction: >= netstandard2.0
    NuGet.Packaging (6.2.1) - restriction: >= netstandard2.0
      Newtonsoft.Json (>= 13.0.1) - restriction: >= netstandard2.0
      NuGet.Configuration (>= 6.2.1) - restriction: >= netstandard2.0
      NuGet.Versioning (>= 6.2.1) - restriction: >= netstandard2.0
      System.Security.Cryptography.Cng (>= 5.0) - restriction: || (&& (< net472) (>= netstandard2.0)) (>= net5.0)
      System.Security.Cryptography.Pkcs (>= 5.0) - restriction: || (&& (< net472) (>= netstandard2.0)) (>= net5.0)
    NuGet.Protocol (6.2.1) - restriction: >= netstandard2.0
      NuGet.Packaging (>= 6.2.1) - restriction: >= netstandard2.0
    NuGet.Versioning (6.2.1) - restriction: >= netstandard2.0
    Octokit (0.52) - restriction: >= netstandard2.0
    System.Buffers (4.5.1) - restriction: || (&& (>= monoandroid) (< netstandard1.3) (>= netstandard2.0)) (&& (>= monotouch) (>= netstandard2.0)) (&& (< net45) (< netcoreapp2.0) (>= netstandard2.0)) (&& (>= net461) (>= netstandard2.1)) (&& (< net461) (< net6.0) (>= netstandard2.0)) (&& (< net461) (>= netstandard2.0) (< netstandard2.1)) (>= net472) (&& (>= net6.0) (< netstandard2.1)) (&& (< net6.0) (>= netstandard2.1)) (&& (>= netstandard2.0) (>= xamarintvos)) (&& (>= netstandard2.0) (>= xamarinwatchos)) (>= xamarinios) (>= xamarinmac)
    System.CodeDom (6.0) - restriction: || (&& (< net472) (>= netstandard2.0)) (>= net6.0)
    System.Collections.Immutable (6.0) - restriction: >= netstandard2.0
      System.Memory (>= 4.5.4) - restriction: || (>= net461) (&& (< net6.0) (>= netstandard2.0))
      System.Runtime.CompilerServices.Unsafe (>= 6.0) - restriction: || (>= net461) (>= netstandard2.0)
    System.Configuration.ConfigurationManager (6.0) - restriction: >= netstandard2.0
      System.Security.Cryptography.ProtectedData (>= 6.0) - restriction: || (&& (< net461) (>= netstandard2.0)) (>= net6.0)
      System.Security.Permissions (>= 6.0) - restriction: || (>= net461) (>= netstandard2.0)
    System.Drawing.Common (6.0) - restriction: >= netcoreapp3.1
      Microsoft.Win32.SystemEvents (>= 6.0) - restriction: >= netcoreapp3.1
    System.Formats.Asn1 (6.0) - restriction: || (&& (< net461) (>= netstandard2.0)) (&& (>= net5.0) (< xamarinios) (< xamarinmac) (< xamarintvos) (< xamarinwatchos)) (&& (>= netcoreapp3.0) (< xamarinios) (< xamarinmac) (< xamarintvos) (< xamarinwatchos)) (>= netstandard2.1)
      System.Buffers (>= 4.5.1) - restriction: || (>= net461) (&& (< net6.0) (>= netstandard2.0))
      System.Memory (>= 4.5.4) - restriction: || (>= net461) (&& (< net6.0) (>= netstandard2.0))
    System.IO (4.3) - restriction: || (&& (< monoandroid) (< net46) (< netstandard1.4) (>= netstandard2.0)) (&& (< monoandroid) (< net46) (< netstandard1.6) (>= netstandard2.0)) (&& (< monoandroid) (>= net5.0) (< netstandard1.4)) (&& (< monoandroid) (>= net5.0) (< netstandard1.6)) (&& (< monoandroid) (>= net5.0) (< netstandard2.0) (< xamarintvos) (< xamarinwatchos)) (&& (>= net46) (>= net5.0) (< netstandard1.4)) (&& (< net46) (>= net461) (< netstandard1.4) (>= netstandard2.0)) (&& (< net46) (>= net461) (< netstandard1.6) (>= netstandard2.0)) (&& (< net46) (>= net462) (< netstandard1.4) (>= netstandard2.0)) (&& (< net46) (>= net462) (< netstandard1.6) (>= netstandard2.0)) (&& (< net46) (>= net47) (>= netstandard2.0)) (&& (>= net461) (>= net5.0) (< netstandard1.4)) (&& (>= net461) (>= net5.0) (< netstandard1.6)) (&& (>= net462) (>= net5.0) (< netstandard1.4)) (&& (>= net462) (>= net5.0) (< netstandard1.6)) (&& (>= net463) (>= net5.0) (< netstandard1.4)) (&& (>= net463) (>= net5.0) (< netstandard1.6)) (&& (>= net463) (>= net5.0) (< netstandard2.0)) (&& (>= net463) (< netstandard1.4) (>= netstandard2.0)) (&& (>= net463) (< netstandard1.6) (>= netstandard2.0)) (&& (>= net47) (< net472) (>= netstandard2.0)) (&& (>= net47) (>= net5.0))
    System.Memory (4.5.5) - restriction: || (&& (< monoandroid) (>= netcoreapp2.0) (< netcoreapp2.1) (< xamarinios) (< xamarinmac) (< xamarintvos) (< xamarinwatchos)) (&& (>= net6.0) (< netstandard2.1)) (>= netstandard2.0)
      System.Buffers (>= 4.5.1) - restriction: || (&& (>= monoandroid) (< netstandard1.1)) (&& (< monoandroid) (< net45) (>= netstandard1.1) (< netstandard2.0) (< win8) (< wpa81)) (&& (< monoandroid) (< netstandard1.1) (>= portable-net45+win8+wpa81) (< win8)) (>= monotouch) (&& (>= net45) (< netstandard2.0)) (&& (< net45) (< netcoreapp2.0) (>= netstandard2.0)) (>= net461) (&& (< netstandard1.1) (>= win8)) (&& (< netstandard2.0) (< uap10.1) (>= wpa81)) (>= xamarinios) (>= xamarinmac) (>= xamarintvos) (>= xamarinwatchos)
      System.Numerics.Vectors (>= 4.5) - restriction: >= net461
      System.Runtime.CompilerServices.Unsafe (>= 4.5.3) - restriction: || (&& (>= monoandroid) (< netstandard1.1)) (&& (< monoandroid) (< net45) (>= netstandard1.1) (< netstandard2.0) (< win8) (< wpa81)) (&& (< monoandroid) (>= netcoreapp2.0) (< netcoreapp2.1)) (&& (< monoandroid) (< netstandard1.1) (>= portable-net45+win8+wpa81) (< win8)) (>= monotouch) (&& (>= net45) (< netstandard2.0)) (&& (< net45) (< netcoreapp2.0) (>= netstandard2.0)) (>= net461) (&& (< netstandard1.1) (>= win8)) (&& (< netstandard2.0) (>= wpa81)) (>= uap10.1) (>= xamarinios) (>= xamarinmac) (>= xamarintvos) (>= xamarinwatchos)
    System.Numerics.Vectors (4.5) - restriction: || (&& (>= net461) (>= net6.0)) (>= net472) (&& (>= net6.0) (< netcoreapp3.1))
    System.Reactive (5.0) - restriction: >= netstandard2.0
      System.Runtime.InteropServices.WindowsRuntime (>= 4.3) - restriction: && (< net472) (< netcoreapp3.1) (>= netstandard2.0)
      System.Threading.Tasks.Extensions (>= 4.5.4) - restriction: || (>= net472) (&& (< netcoreapp3.1) (>= netstandard2.0)) (>= uap10.1)
    System.Reflection.Metadata (6.0.1) - restriction: || (&& (< net472) (>= netstandard2.0)) (>= net6.0)
      System.Collections.Immutable (>= 6.0) - restriction: || (>= net461) (>= netstandard2.0)
    System.Resources.Extensions (6.0) - restriction: >= netstandard2.0
      System.Memory (>= 4.5.4) - restriction: || (>= net461) (&& (< net6.0) (>= netstandard2.0))
    System.Runtime (4.3.1) - restriction: || (&& (< monoandroid) (< net45) (< netcoreapp3.1) (>= netstandard2.0) (< win8) (< wpa81) (< xamarinios) (< xamarinmac) (< xamarintvos) (< xamarinwatchos)) (&& (< monoandroid) (< net46) (< netstandard1.4) (>= netstandard2.0)) (&& (< monoandroid) (< net46) (< netstandard1.6) (>= netstandard2.0)) (&& (< monoandroid) (>= net5.0) (< netstandard1.4)) (&& (< monoandroid) (>= net5.0) (< netstandard1.6)) (&& (< monoandroid) (>= net5.0) (< netstandard2.0) (< xamarintvos) (< xamarinwatchos)) (&& (>= net46) (>= net5.0) (< netstandard1.4)) (&& (< net46) (>= net461) (< netstandard1.4) (>= netstandard2.0)) (&& (< net46) (>= net461) (< netstandard1.6) (>= netstandard2.0)) (&& (< net46) (>= net462) (< netstandard1.4) (>= netstandard2.0)) (&& (< net46) (>= net462) (< netstandard1.6) (>= netstandard2.0)) (&& (< net46) (>= net47) (>= netstandard2.0)) (&& (>= net461) (>= net5.0) (< netstandard1.4)) (&& (>= net461) (>= net5.0) (< netstandard1.6)) (&& (>= net462) (>= net5.0) (< netstandard1.4)) (&& (>= net462) (>= net5.0) (< netstandard1.6)) (&& (>= net463) (>= net5.0) (< netstandard1.4)) (&& (>= net463) (>= net5.0) (< netstandard1.6)) (&& (>= net463) (>= net5.0) (< netstandard2.0)) (&& (>= net463) (< netstandard1.4) (>= netstandard2.0)) (&& (>= net463) (< netstandard1.6) (>= netstandard2.0)) (&& (>= net47) (< net472) (>= netstandard2.0)) (&& (>= net47) (>= net5.0))
      Microsoft.NETCore.Platforms (>= 1.1.1) - restriction: || (&& (< monoandroid) (< net45) (>= netstandard1.0) (< netstandard1.2) (< win8) (< wp8)) (&& (< monoandroid) (< net45) (>= netstandard1.2) (< netstandard1.3) (< win8) (< wpa81)) (&& (< monoandroid) (< net45) (>= netstandard1.3) (< netstandard1.5) (< win8) (< wpa81)) (&& (< monotouch) (< net45) (>= netstandard1.5) (< win8) (< wpa81) (< xamarinios) (< xamarinmac) (< xamarintvos) (< xamarinwatchos))
      Microsoft.NETCore.Targets (>= 1.1.3) - restriction: || (&& (< monoandroid) (< net45) (>= netstandard1.0) (< netstandard1.2) (< win8) (< wp8)) (&& (< monoandroid) (< net45) (>= netstandard1.2) (< netstandard1.3) (< win8) (< wpa81)) (&& (< monoandroid) (< net45) (>= netstandard1.3) (< netstandard1.5) (< win8) (< wpa81)) (&& (< monotouch) (< net45) (>= netstandard1.5) (< win8) (< wpa81) (< xamarinios) (< xamarinmac) (< xamarintvos) (< xamarinwatchos))
    System.Runtime.CompilerServices.Unsafe (6.0) - restriction: >= netstandard2.0
    System.Runtime.InteropServices.WindowsRuntime (4.3) - restriction: && (< net472) (< netcoreapp3.1) (>= netstandard2.0)
      System.Runtime (>= 4.3) - restriction: && (< monoandroid) (< monotouch) (< net45) (>= netstandard1.0) (< win8) (< wp8) (< wpa81) (< xamarinios) (< xamarinmac) (< xamarintvos) (< xamarinwatchos)
    System.Security.AccessControl (6.0) - restriction: || (&& (< monoandroid) (>= netcoreapp2.0)) (>= net461) (>= netstandard2.0)
      System.Security.Principal.Windows (>= 5.0) - restriction: || (>= net461) (&& (< net6.0) (>= netstandard2.0))
    System.Security.Cryptography.Algorithms (4.3.1) - restriction: || (&& (< monoandroid) (< net46) (< netstandard1.4) (>= netstandard2.0)) (&& (< monoandroid) (< net46) (< netstandard1.6) (>= netstandard2.0)) (&& (< monoandroid) (>= net5.0) (< netstandard1.4)) (&& (< monoandroid) (>= net5.0) (< netstandard1.6)) (&& (< monoandroid) (>= net5.0) (< netstandard2.0) (< xamarintvos) (< xamarinwatchos)) (&& (>= net46) (>= net5.0) (< netstandard1.4)) (&& (>= net46) (< netstandard1.4) (>= netstandard2.0)) (&& (>= net461) (< net462) (< netstandard1.6) (>= netstandard2.0)) (&& (>= net461) (>= net5.0) (< netstandard1.6)) (&& (>= net462) (>= net5.0) (< netstandard1.6)) (&& (>= net462) (< netstandard1.6) (>= netstandard2.0)) (&& (>= net47) (< net472) (>= netstandard2.0)) (&& (>= net47) (>= net5.0))
      System.IO (>= 4.3) - restriction: || (&& (< monoandroid) (< net46) (>= netstandard1.3) (< netstandard1.4)) (&& (< monoandroid) (< net46) (>= netstandard1.4) (< netstandard1.6)) (&& (< monotouch) (< net46) (>= netstandard1.6) (< xamarinios) (< xamarinmac) (< xamarintvos) (< xamarinwatchos)) (>= net463)
      System.Runtime (>= 4.3) - restriction: || (&& (< monoandroid) (< net46) (>= netstandard1.3) (< netstandard1.4)) (&& (< monoandroid) (< net46) (>= netstandard1.4) (< netstandard1.6)) (&& (< monotouch) (< net46) (>= netstandard1.6) (< xamarinios) (< xamarinmac) (< xamarintvos) (< xamarinwatchos)) (>= net463)
      System.Security.Cryptography.Encoding (>= 4.3) - restriction: || (&& (< monotouch) (< net46) (>= netstandard1.6) (< xamarinios) (< xamarinmac) (< xamarintvos) (< xamarinwatchos)) (>= net463)
      System.Security.Cryptography.Primitives (>= 4.3) - restriction: || (&& (< monoandroid) (< net46) (>= netstandard1.3) (< netstandard1.4)) (&& (< monoandroid) (< net46) (>= netstandard1.4) (< netstandard1.6)) (&& (< monotouch) (< net46) (>= netstandard1.6) (< xamarinios) (< xamarinmac) (< xamarintvos) (< xamarinwatchos)) (&& (>= net46) (< netstandard1.4)) (&& (>= net461) (< netstandard1.6)) (>= net463)
    System.Security.Cryptography.Cng (5.0) - restriction: || (&& (< net461) (>= netstandard2.0) (< netstandard2.1)) (&& (< net472) (>= netstandard2.0)) (>= net5.0) (&& (>= net6.0) (< netcoreapp3.1)) (&& (>= net6.0) (< netstandard2.1)) (&& (< net6.0) (>= netcoreapp3.1)) (&& (< netcoreapp3.1) (>= netstandard2.1))
      Microsoft.NETCore.Platforms (>= 5.0) - restriction: && (< monoandroid) (>= netcoreapp2.0) (< netcoreapp2.1) (< netstandard2.1) (< xamarintvos) (< xamarinwatchos)
      System.Formats.Asn1 (>= 5.0) - restriction: && (>= netcoreapp3.0) (< xamarinios) (< xamarinmac) (< xamarintvos) (< xamarinwatchos)
      System.Security.Cryptography.Algorithms (>= 4.3.1) - restriction: || (&& (< monoandroid) (< monotouch) (< net46) (>= netstandard1.6) (< netstandard2.0) (< xamarintvos) (< xamarinwatchos)) (&& (< monoandroid) (< net46) (>= netstandard1.3) (< netstandard1.4)) (&& (< monoandroid) (< net46) (>= netstandard1.4) (< netstandard1.6) (< uap10.1)) (&& (>= net46) (< netstandard1.4)) (&& (>= net461) (< net462) (< netstandard1.6)) (&& (>= net462) (< netstandard1.6)) (>= net47)
    System.Security.Cryptography.Encoding (4.3) - restriction: || (&& (< monoandroid) (< net46) (< netstandard1.4) (>= netstandard2.0)) (&& (< monoandroid) (< net46) (< netstandard1.6) (>= netstandard2.0)) (&& (< monoandroid) (>= net5.0) (< netstandard1.4)) (&& (< monoandroid) (>= net5.0) (< netstandard1.6)) (&& (< monoandroid) (>= net5.0) (< netstandard2.0) (< xamarintvos) (< xamarinwatchos)) (&& (>= net46) (>= net5.0) (< netstandard1.4)) (&& (< net46) (>= net461) (< netstandard1.6) (>= netstandard2.0)) (&& (< net46) (>= net462) (< netstandard1.6) (>= netstandard2.0)) (&& (< net46) (>= net47) (>= netstandard2.0)) (&& (>= net461) (>= net5.0) (< netstandard1.6)) (&& (>= net462) (>= net5.0) (< netstandard1.6)) (&& (>= net463) (>= net5.0) (< netstandard1.4)) (&& (>= net463) (>= net5.0) (< netstandard1.6)) (&& (>= net463) (>= net5.0) (< netstandard2.0)) (&& (>= net463) (< netstandard1.4) (>= netstandard2.0)) (&& (>= net463) (< netstandard1.6) (>= netstandard2.0)) (&& (>= net47) (< net472) (>= netstandard2.0)) (&& (>= net47) (>= net5.0))
    System.Security.Cryptography.Pkcs (6.0.1) - restriction: || (&& (< net461) (>= netstandard2.0)) (&& (< net472) (>= netstandard2.0)) (>= net5.0)
      System.Buffers (>= 4.5.1) - restriction: && (< net461) (>= netstandard2.0) (< netstandard2.1)
      System.Formats.Asn1 (>= 6.0) - restriction: || (&& (< net461) (>= netstandard2.0)) (>= netstandard2.1)
      System.Memory (>= 4.5.4) - restriction: && (< net461) (>= netstandard2.0) (< netstandard2.1)
      System.Security.Cryptography.Cng (>= 5.0) - restriction: || (&& (< net461) (>= netstandard2.0) (< netstandard2.1)) (&& (< net6.0) (>= netcoreapp3.1)) (&& (< netcoreapp3.1) (>= netstandard2.1))
    System.Security.Cryptography.Primitives (4.3) - restriction: || (&& (< monoandroid) (< net46) (< netstandard1.4) (>= netstandard2.0)) (&& (< monoandroid) (< net46) (< netstandard1.6) (>= netstandard2.0)) (&& (< monoandroid) (>= net5.0) (< netstandard1.4)) (&& (< monoandroid) (>= net5.0) (< netstandard1.6)) (&& (< monoandroid) (>= net5.0) (< netstandard2.0) (< xamarintvos) (< xamarinwatchos)) (&& (>= net46) (>= net5.0) (< netstandard1.4)) (&& (>= net46) (< netstandard1.4) (>= netstandard2.0)) (&& (< net46) (>= net461) (< netstandard1.6) (>= netstandard2.0)) (&& (< net46) (>= net47) (>= netstandard2.0)) (&& (>= net461) (< net462) (< netstandard1.6) (>= netstandard2.0)) (&& (>= net461) (>= net5.0) (< netstandard1.4)) (&& (>= net461) (>= net5.0) (< netstandard1.6)) (&& (>= net461) (< netstandard1.4) (>= netstandard2.0)) (&& (>= net462) (>= net5.0) (< netstandard1.4)) (&& (>= net462) (>= net5.0) (< netstandard1.6)) (&& (>= net462) (< netstandard1.4) (>= netstandard2.0)) (&& (>= net462) (< netstandard1.6) (>= netstandard2.0)) (&& (>= net463) (>= net5.0) (< netstandard1.4)) (&& (>= net463) (>= net5.0) (< netstandard1.6)) (&& (>= net463) (>= net5.0) (< netstandard2.0)) (&& (>= net463) (< netstandard1.4) (>= netstandard2.0)) (&& (>= net463) (< netstandard1.6) (>= netstandard2.0)) (&& (>= net47) (< net472) (>= netstandard2.0)) (&& (>= net47) (>= net5.0)) (&& (>= net47) (< netstandard1.4) (>= netstandard2.0)) (&& (>= net47) (< netstandard1.6) (>= netstandard2.0))
    System.Security.Cryptography.ProtectedData (6.0) - restriction: || (&& (< net45) (>= netstandard2.0)) (&& (< net461) (>= net472)) (>= net6.0)
    System.Security.Cryptography.Xml (6.0) - restriction: || (&& (< net472) (>= netstandard2.0)) (>= net6.0)
      System.Memory (>= 4.5.4) - restriction: && (< net461) (< net6.0) (>= netstandard2.0)
      System.Security.AccessControl (>= 6.0) - restriction: || (>= net461) (>= netstandard2.0)
      System.Security.Cryptography.Pkcs (>= 6.0) - restriction: || (&& (< net461) (>= netstandard2.0)) (>= net6.0)
    System.Security.Permissions (6.0)
      System.Security.AccessControl (>= 6.0) - restriction: || (>= net461) (>= netstandard2.0)
      System.Windows.Extensions (>= 6.0) - restriction: >= netcoreapp3.1
    System.Security.Principal.Windows (5.0) - restriction: || (&& (< monoandroid) (>= netcoreapp2.0)) (>= net461) (>= netstandard2.0)
      Microsoft.NETCore.Platforms (>= 5.0) - restriction: || (&& (>= netcoreapp2.0) (< netcoreapp2.1)) (&& (>= netcoreapp2.1) (< netcoreapp3.0))
    System.Text.Encoding.CodePages (6.0) - restriction: || (&& (< net472) (>= netstandard2.0)) (>= net6.0)
      System.Runtime.CompilerServices.Unsafe (>= 6.0) - restriction: || (>= net461) (>= netstandard2.0)
    System.Text.Encodings.Web (6.0) - restriction: || (>= net472) (>= net6.0)
      System.Buffers (>= 4.5.1) - restriction: || (>= net461) (&& (< netcoreapp3.1) (>= netstandard2.0))
      System.Memory (>= 4.5.4) - restriction: || (>= net461) (&& (< netcoreapp3.1) (>= netstandard2.0))
      System.Runtime.CompilerServices.Unsafe (>= 6.0) - restriction: || (>= net461) (>= netstandard2.0)
    System.Text.Json (6.0.5) - restriction: || (>= net472) (>= net6.0)
      Microsoft.Bcl.AsyncInterfaces (>= 6.0) - restriction: || (>= net461) (&& (< netcoreapp3.1) (>= netstandard2.0))
      System.Buffers (>= 4.5.1) - restriction: || (>= net461) (&& (< netcoreapp3.1) (>= netstandard2.0))
      System.Memory (>= 4.5.4) - restriction: || (>= net461) (&& (< netcoreapp3.1) (>= netstandard2.0))
      System.Numerics.Vectors (>= 4.5) - restriction: || (>= net461) (&& (< netcoreapp3.1) (>= netstandard2.0))
      System.Runtime.CompilerServices.Unsafe (>= 6.0) - restriction: || (>= net461) (>= netstandard2.0)
      System.Text.Encodings.Web (>= 6.0) - restriction: || (>= net461) (>= netstandard2.0)
      System.Threading.Tasks.Extensions (>= 4.5.4) - restriction: || (>= net461) (&& (< netcoreapp3.1) (>= netstandard2.0))
      System.ValueTuple (>= 4.5) - restriction: >= net461
    System.Threading.Tasks.Dataflow (6.0) - restriction: >= netstandard2.0
    System.Threading.Tasks.Extensions (4.5.4) - restriction: || (&& (>= net461) (>= net6.0)) (>= net472) (&& (>= net6.0) (< netcoreapp3.1)) (&& (< netcoreapp3.1) (>= netstandard2.0)) (&& (>= netstandard2.0) (>= uap10.1))
      System.Runtime.CompilerServices.Unsafe (>= 4.5.3) - restriction: || (&& (< monoandroid) (< monotouch) (< net45) (>= netstandard1.0) (< netstandard2.0) (< win8) (< wpa81) (< xamarintvos) (< xamarinwatchos)) (&& (< monoandroid) (< netstandard1.0) (>= portable-net45+win8+wp8+wpa81) (< win8)) (&& (>= net45) (< netstandard2.0)) (&& (< net45) (< netcoreapp2.1) (>= netstandard2.0) (< xamarinios) (< xamarinmac) (< xamarintvos) (< xamarinwatchos)) (>= net461) (&& (< netstandard1.0) (>= win8)) (&& (< netstandard2.0) (>= wpa81)) (>= wp8)
    System.ValueTuple (4.5) - restriction: || (&& (>= net45) (>= netstandard2.0)) (&& (>= net461) (>= net6.0)) (>= net472)
    System.Windows.Extensions (6.0) - restriction: >= netcoreapp3.1
      System.Drawing.Common (>= 6.0) - restriction: >= netcoreapp3.1

GROUP Formatting
NUGET
  remote: https://www.nuget.org/api/v2
    FSharp.Compiler.Service (41.0.4) - restriction: >= netstandard2.1
      FSharp.Core (6.0.4) - restriction: >= netstandard2.0
      Microsoft.Build.Framework (>= 17.0) - restriction: >= netstandard2.0
      Microsoft.Build.Tasks.Core (>= 17.0) - restriction: >= netstandard2.0
      Microsoft.Build.Utilities.Core (>= 17.0) - restriction: >= netstandard2.0
      System.Buffers (>= 4.5.1) - restriction: >= netstandard2.0
      System.Collections.Immutable (>= 5.0) - restriction: >= netstandard2.0
      System.Diagnostics.Process (>= 4.3) - restriction: >= netstandard2.0
      System.Diagnostics.TraceSource (>= 4.3) - restriction: >= netstandard2.0
      System.Linq.Expressions (>= 4.3) - restriction: >= netstandard2.0
      System.Linq.Queryable (>= 4.3) - restriction: >= netstandard2.0
      System.Memory (>= 4.5.4) - restriction: >= netstandard2.0
      System.Net.Requests (>= 4.3) - restriction: >= netstandard2.0
      System.Net.Security (>= 4.3.1) - restriction: >= netstandard2.0
      System.Reflection.Emit (>= 4.3) - restriction: >= netstandard2.0
      System.Reflection.Metadata (>= 5.0) - restriction: >= netstandard2.0
      System.Reflection.TypeExtensions (>= 4.3) - restriction: >= netstandard2.0
      System.Runtime (>= 4.3) - restriction: >= netstandard2.0
      System.Runtime.CompilerServices.Unsafe (>= 6.0) - restriction: >= netstandard2.0
      System.Runtime.InteropServices (>= 4.3) - restriction: >= netstandard2.0
      System.Runtime.Loader (>= 4.3) - restriction: >= netstandard2.0
      System.Security.Claims (>= 4.3) - restriction: >= netstandard2.0
      System.Security.Cryptography.Algorithms (>= 4.3) - restriction: >= netstandard2.0
      System.Security.Principal (>= 4.3) - restriction: >= netstandard2.0
      System.Threading.Tasks.Parallel (>= 4.3) - restriction: >= netstandard2.0
      System.Threading.Thread (>= 4.3) - restriction: >= netstandard2.0
      System.Threading.ThreadPool (>= 4.3) - restriction: >= netstandard2.0
    FSharp.Core (6.0.4) - restriction: >= netstandard2.1
    FSharp.Formatting (15.0.1)
      FSharp.Compiler.Service (41.0.4) - restriction: >= netstandard2.1
    FSharp.Formatting.CommandTool (11.5.1)
    Microsoft.Build.Framework (17.2) - restriction: >= netstandard2.1
      Microsoft.Win32.Registry (>= 4.3) - restriction: || (&& (< net472) (>= netstandard2.0)) (>= net6.0)
      System.Security.Permissions (>= 4.7) - restriction: || (&& (< net472) (>= netstandard2.0)) (>= net6.0)
    Microsoft.Build.Tasks.Core (17.2) - restriction: >= netstandard2.1
      Microsoft.Build.Framework (>= 17.2) - restriction: >= netstandard2.0
      Microsoft.Build.Utilities.Core (>= 17.2) - restriction: >= netstandard2.0
      Microsoft.NET.StringTools (>= 1.0) - restriction: >= netstandard2.0
      Microsoft.Win32.Registry (>= 4.3) - restriction: || (&& (< net472) (>= netstandard2.0)) (>= net6.0)
      System.CodeDom (>= 4.4) - restriction: || (&& (< net472) (>= netstandard2.0)) (>= net6.0)
      System.Collections.Immutable (>= 5.0) - restriction: >= netstandard2.0
      System.Reflection.Metadata (>= 1.6) - restriction: || (&& (< net472) (>= netstandard2.0)) (>= net6.0)
      System.Resources.Extensions (>= 4.6) - restriction: >= netstandard2.0
      System.Security.Cryptography.Pkcs (>= 4.7) - restriction: || (&& (< net472) (>= netstandard2.0)) (>= net6.0)
      System.Security.Cryptography.Xml (>= 4.7) - restriction: || (&& (< net472) (>= netstandard2.0)) (>= net6.0)
      System.Security.Permissions (>= 4.7) - restriction: || (&& (< net472) (>= netstandard2.0)) (>= net6.0)
      System.Threading.Tasks.Dataflow (>= 6.0) - restriction: >= netstandard2.0
    Microsoft.Build.Utilities.Core (17.2) - restriction: >= netstandard2.1
      Microsoft.Build.Framework (>= 17.2) - restriction: >= netstandard2.0
      Microsoft.NET.StringTools (>= 1.0) - restriction: >= netstandard2.0
      Microsoft.Win32.Registry (>= 4.3) - restriction: || (&& (< net472) (>= netstandard2.0)) (>= net6.0)
      System.Collections.Immutable (>= 5.0) - restriction: >= netstandard2.0
      System.Configuration.ConfigurationManager (>= 4.7) - restriction: >= netstandard2.0
      System.Security.Permissions (>= 4.7) - restriction: && (< net472) (< net6.0) (>= netstandard2.0)
      System.Text.Encoding.CodePages (>= 4.0.1) - restriction: && (< net472) (< net6.0) (>= netstandard2.0)
    Microsoft.NET.StringTools (1.0) - restriction: >= netstandard2.1
      System.Memory (>= 4.5.4) - restriction: >= netstandard2.0
      System.Runtime.CompilerServices.Unsafe (>= 5.0) - restriction: >= netstandard2.0
    Microsoft.NETCore.Platforms (6.0.4) - restriction: || (&& (< monoandroid) (< netstandard1.2) (>= netstandard2.1)) (&& (< monoandroid) (< netstandard1.3) (>= netstandard2.1)) (&& (< monoandroid) (< netstandard1.5) (>= netstandard2.1)) (&& (>= netstandard2.1) (< xamarinios) (< xamarinmac) (< xamarintvos) (< xamarinwatchos))
    Microsoft.NETCore.Targets (5.0) - restriction: || (&& (< monoandroid) (< netstandard1.2) (>= netstandard2.1)) (&& (< monoandroid) (< netstandard1.3) (>= netstandard2.1)) (&& (< monoandroid) (< netstandard1.5) (>= netstandard2.1)) (&& (>= netstandard2.1) (< xamarinios) (< xamarinmac) (< xamarintvos) (< xamarinwatchos))
    Microsoft.Win32.Primitives (4.3) - restriction: || (&& (< monoandroid) (< netstandard1.6) (>= netstandard2.1)) (&& (>= netstandard2.1) (< xamarinios) (< xamarinmac) (< xamarintvos) (< xamarinwatchos))
      Microsoft.NETCore.Platforms (>= 1.1) - restriction: && (< monoandroid) (< monotouch) (< net46) (>= netstandard1.3) (< xamarinios) (< xamarinmac) (< xamarintvos) (< xamarinwatchos)
      Microsoft.NETCore.Targets (>= 1.1) - restriction: && (< monoandroid) (< monotouch) (< net46) (>= netstandard1.3) (< xamarinios) (< xamarinmac) (< xamarintvos) (< xamarinwatchos)
      System.Runtime (>= 4.3) - restriction: && (< monoandroid) (< monotouch) (< net46) (>= netstandard1.3) (< xamarinios) (< xamarinmac) (< xamarintvos) (< xamarinwatchos)
    Microsoft.Win32.Registry (5.0) - restriction: >= netstandard2.1
      System.Buffers (>= 4.5.1) - restriction: || (&& (>= monoandroid) (< netstandard1.3)) (>= monotouch) (&& (< net46) (< netcoreapp2.0) (>= netstandard2.0)) (>= xamarinios) (>= xamarinmac) (>= xamarintvos) (>= xamarinwatchos)
      System.Memory (>= 4.5.4) - restriction: || (&& (< monoandroid) (>= netcoreapp2.0) (< netcoreapp2.1) (< xamarinios) (< xamarinmac) (< xamarintvos) (< xamarinwatchos)) (&& (< net46) (< netcoreapp2.0) (>= netstandard2.0) (< xamarinios) (< xamarinmac) (< xamarintvos) (< xamarinwatchos)) (>= uap10.1)
      System.Security.AccessControl (>= 5.0) - restriction: || (&& (>= monoandroid) (< netstandard1.3)) (&& (< monoandroid) (>= netcoreapp2.0)) (>= monotouch) (&& (< net46) (< netcoreapp2.0) (>= netstandard2.0)) (>= net461) (>= netcoreapp2.1) (>= uap10.1) (>= xamarinios) (>= xamarinmac) (>= xamarintvos) (>= xamarinwatchos)
      System.Security.Principal.Windows (>= 5.0) - restriction: || (&& (>= monoandroid) (< netstandard1.3)) (&& (< monoandroid) (>= netcoreapp2.0)) (>= monotouch) (&& (< net46) (< netcoreapp2.0) (>= netstandard2.0)) (>= net461) (>= netcoreapp2.1) (>= uap10.1) (>= xamarinios) (>= xamarinmac) (>= xamarintvos) (>= xamarinwatchos)
    Microsoft.Win32.SystemEvents (6.0.1) - restriction: >= netcoreapp3.1
    runtime.debian.8-x64.runtime.native.System.Security.Cryptography.OpenSsl (4.3.3) - restriction: && (>= netstandard2.1) (< xamarinios) (< xamarinmac) (< xamarintvos) (< xamarinwatchos)
    runtime.debian.9-x64.runtime.native.System.Security.Cryptography.OpenSsl (4.3.3) - restriction: && (>= netstandard2.1) (< xamarinios) (< xamarinmac) (< xamarintvos) (< xamarinwatchos)
    runtime.fedora.23-x64.runtime.native.System.Security.Cryptography.OpenSsl (4.3.3) - restriction: && (>= netstandard2.1) (< xamarinios) (< xamarinmac) (< xamarintvos) (< xamarinwatchos)
    runtime.fedora.24-x64.runtime.native.System.Security.Cryptography.OpenSsl (4.3.3) - restriction: && (>= netstandard2.1) (< xamarinios) (< xamarinmac) (< xamarintvos) (< xamarinwatchos)
    runtime.fedora.27-x64.runtime.native.System.Security.Cryptography.OpenSsl (4.3.3) - restriction: && (>= netstandard2.1) (< xamarinios) (< xamarinmac) (< xamarintvos) (< xamarinwatchos)
    runtime.fedora.28-x64.runtime.native.System.Security.Cryptography.OpenSsl (4.3.3) - restriction: && (>= netstandard2.1) (< xamarinios) (< xamarinmac) (< xamarintvos) (< xamarinwatchos)
    runtime.native.System (4.3.1) - restriction: && (>= netstandard2.1) (< xamarinios) (< xamarinmac) (< xamarintvos) (< xamarinwatchos)
      Microsoft.NETCore.Platforms (>= 1.1.1)
      Microsoft.NETCore.Targets (>= 1.1.3)
    runtime.native.System.Net.Http (4.3.1) - restriction: || (&& (< monoandroid) (< netstandard1.6) (>= netstandard2.1)) (&& (>= net46) (>= netstandard2.1)) (&& (>= netstandard2.1) (< xamarinios) (< xamarinmac) (< xamarintvos) (< xamarinwatchos))
      Microsoft.NETCore.Platforms (>= 1.1.1)
      Microsoft.NETCore.Targets (>= 1.1.3)
    runtime.native.System.Net.Security (4.3.1) - restriction: && (>= netstandard2.1) (< xamarinios) (< xamarinmac) (< xamarintvos) (< xamarinwatchos)
      Microsoft.NETCore.Platforms (>= 1.1.1)
      Microsoft.NETCore.Targets (>= 1.1.3)
    runtime.native.System.Security.Cryptography.Apple (4.3.1) - restriction: && (>= netstandard2.1) (< xamarinios) (< xamarinmac) (< xamarintvos) (< xamarinwatchos)
      runtime.osx.10.10-x64.runtime.native.System.Security.Cryptography.Apple (>= 4.3.1)
    runtime.native.System.Security.Cryptography.OpenSsl (4.3.3) - restriction: && (>= netstandard2.1) (< xamarinios) (< xamarinmac) (< xamarintvos) (< xamarinwatchos)
      runtime.debian.8-x64.runtime.native.System.Security.Cryptography.OpenSsl (>= 4.3.3)
      runtime.debian.9-x64.runtime.native.System.Security.Cryptography.OpenSsl (>= 4.3.3)
      runtime.fedora.23-x64.runtime.native.System.Security.Cryptography.OpenSsl (>= 4.3.3)
      runtime.fedora.24-x64.runtime.native.System.Security.Cryptography.OpenSsl (>= 4.3.3)
      runtime.fedora.27-x64.runtime.native.System.Security.Cryptography.OpenSsl (>= 4.3.3)
      runtime.fedora.28-x64.runtime.native.System.Security.Cryptography.OpenSsl (>= 4.3.3)
      runtime.opensuse.13.2-x64.runtime.native.System.Security.Cryptography.OpenSsl (>= 4.3.3)
      runtime.opensuse.42.1-x64.runtime.native.System.Security.Cryptography.OpenSsl (>= 4.3.3)
      runtime.opensuse.42.3-x64.runtime.native.System.Security.Cryptography.OpenSsl (>= 4.3.3)
      runtime.osx.10.10-x64.runtime.native.System.Security.Cryptography.OpenSsl (>= 4.3.3)
      runtime.rhel.7-x64.runtime.native.System.Security.Cryptography.OpenSsl (>= 4.3.3)
      runtime.ubuntu.14.04-x64.runtime.native.System.Security.Cryptography.OpenSsl (>= 4.3.3)
      runtime.ubuntu.16.04-x64.runtime.native.System.Security.Cryptography.OpenSsl (>= 4.3.3)
      runtime.ubuntu.16.10-x64.runtime.native.System.Security.Cryptography.OpenSsl (>= 4.3.3)
      runtime.ubuntu.18.04-x64.runtime.native.System.Security.Cryptography.OpenSsl (>= 4.3.3)
    runtime.opensuse.13.2-x64.runtime.native.System.Security.Cryptography.OpenSsl (4.3.3) - restriction: && (>= netstandard2.1) (< xamarinios) (< xamarinmac) (< xamarintvos) (< xamarinwatchos)
    runtime.opensuse.42.1-x64.runtime.native.System.Security.Cryptography.OpenSsl (4.3.3) - restriction: && (>= netstandard2.1) (< xamarinios) (< xamarinmac) (< xamarintvos) (< xamarinwatchos)
    runtime.opensuse.42.3-x64.runtime.native.System.Security.Cryptography.OpenSsl (4.3.3) - restriction: && (>= netstandard2.1) (< xamarinios) (< xamarinmac) (< xamarintvos) (< xamarinwatchos)
    runtime.osx.10.10-x64.runtime.native.System.Security.Cryptography.Apple (4.3.1) - restriction: && (>= netstandard2.1) (< xamarinios) (< xamarinmac) (< xamarintvos) (< xamarinwatchos)
    runtime.osx.10.10-x64.runtime.native.System.Security.Cryptography.OpenSsl (4.3.3) - restriction: && (>= netstandard2.1) (< xamarinios) (< xamarinmac) (< xamarintvos) (< xamarinwatchos)
    runtime.rhel.7-x64.runtime.native.System.Security.Cryptography.OpenSsl (4.3.3) - restriction: && (>= netstandard2.1) (< xamarinios) (< xamarinmac) (< xamarintvos) (< xamarinwatchos)
    runtime.ubuntu.14.04-x64.runtime.native.System.Security.Cryptography.OpenSsl (4.3.3) - restriction: && (>= netstandard2.1) (< xamarinios) (< xamarinmac) (< xamarintvos) (< xamarinwatchos)
    runtime.ubuntu.16.04-x64.runtime.native.System.Security.Cryptography.OpenSsl (4.3.3) - restriction: && (>= netstandard2.1) (< xamarinios) (< xamarinmac) (< xamarintvos) (< xamarinwatchos)
    runtime.ubuntu.16.10-x64.runtime.native.System.Security.Cryptography.OpenSsl (4.3.3) - restriction: && (>= netstandard2.1) (< xamarinios) (< xamarinmac) (< xamarintvos) (< xamarinwatchos)
    runtime.ubuntu.18.04-x64.runtime.native.System.Security.Cryptography.OpenSsl (4.3.3) - restriction: && (>= netstandard2.1) (< xamarinios) (< xamarinmac) (< xamarintvos) (< xamarinwatchos)
    System.Buffers (4.5.1) - restriction: >= netstandard2.1
    System.CodeDom (6.0) - restriction: >= netstandard2.1
    System.Collections (4.3) - restriction: || (&& (< monoandroid) (< netstandard1.6) (>= netstandard2.1)) (&& (>= netstandard2.1) (< xamarinios) (< xamarinmac) (< xamarintvos) (< xamarinwatchos))
      Microsoft.NETCore.Platforms (>= 1.1) - restriction: || (&& (< monoandroid) (< monotouch) (< net45) (>= netstandard1.3) (< win8) (< wpa81) (< xamarinios) (< xamarinmac) (< xamarintvos) (< xamarinwatchos)) (&& (< monoandroid) (< net45) (>= netstandard1.0) (< netstandard1.3) (< win8) (< wp8) (< wpa81))
      Microsoft.NETCore.Targets (>= 1.1) - restriction: || (&& (< monoandroid) (< monotouch) (< net45) (>= netstandard1.3) (< win8) (< wpa81) (< xamarinios) (< xamarinmac) (< xamarintvos) (< xamarinwatchos)) (&& (< monoandroid) (< net45) (>= netstandard1.0) (< netstandard1.3) (< win8) (< wp8) (< wpa81))
      System.Runtime (>= 4.3) - restriction: || (&& (< monoandroid) (< monotouch) (< net45) (>= netstandard1.3) (< win8) (< wpa81) (< xamarinios) (< xamarinmac) (< xamarintvos) (< xamarinwatchos)) (&& (< monoandroid) (< net45) (>= netstandard1.0) (< netstandard1.3) (< win8) (< wp8) (< wpa81))
    System.Collections.Concurrent (4.3) - restriction: || (&& (< monoandroid) (< netstandard1.3) (>= netstandard2.1)) (&& (< monoandroid) (< netstandard1.6) (>= netstandard2.1)) (&& (>= netstandard2.1) (< xamarinios) (< xamarinmac) (< xamarintvos) (< xamarinwatchos))
      System.Collections (>= 4.3) - restriction: && (< monoandroid) (< monotouch) (< net45) (>= netstandard1.3) (< win8) (< wpa81) (< xamarinios) (< xamarinmac) (< xamarintvos) (< xamarinwatchos)
      System.Diagnostics.Debug (>= 4.3) - restriction: && (< monoandroid) (< monotouch) (< net45) (>= netstandard1.3) (< win8) (< wpa81) (< xamarinios) (< xamarinmac) (< xamarintvos) (< xamarinwatchos)
      System.Diagnostics.Tracing (>= 4.3) - restriction: && (< monoandroid) (< monotouch) (< net45) (>= netstandard1.3) (< win8) (< wpa81) (< xamarinios) (< xamarinmac) (< xamarintvos) (< xamarinwatchos)
      System.Globalization (>= 4.3) - restriction: && (< monoandroid) (< monotouch) (< net45) (>= netstandard1.3) (< win8) (< wpa81) (< xamarinios) (< xamarinmac) (< xamarintvos) (< xamarinwatchos)
      System.Reflection (>= 4.3) - restriction: && (< monoandroid) (< monotouch) (< net45) (>= netstandard1.3) (< win8) (< wpa81) (< xamarinios) (< xamarinmac) (< xamarintvos) (< xamarinwatchos)
      System.Resources.ResourceManager (>= 4.3) - restriction: && (< monoandroid) (< monotouch) (< net45) (>= netstandard1.3) (< win8) (< wpa81) (< xamarinios) (< xamarinmac) (< xamarintvos) (< xamarinwatchos)
      System.Runtime (>= 4.3) - restriction: || (&& (< monoandroid) (< monotouch) (< net45) (>= netstandard1.3) (< win8) (< wpa81) (< xamarinios) (< xamarinmac) (< xamarintvos) (< xamarinwatchos)) (&& (< monoandroid) (< net45) (>= netstandard1.1) (< netstandard1.3) (< win8) (< wpa81))
      System.Runtime.Extensions (>= 4.3) - restriction: && (< monoandroid) (< monotouch) (< net45) (>= netstandard1.3) (< win8) (< wpa81) (< xamarinios) (< xamarinmac) (< xamarintvos) (< xamarinwatchos)
      System.Threading (>= 4.3) - restriction: && (< monoandroid) (< monotouch) (< net45) (>= netstandard1.3) (< win8) (< wpa81) (< xamarinios) (< xamarinmac) (< xamarintvos) (< xamarinwatchos)
      System.Threading.Tasks (>= 4.3) - restriction: || (&& (< monoandroid) (< monotouch) (< net45) (>= netstandard1.3) (< win8) (< wpa81) (< xamarinios) (< xamarinmac) (< xamarintvos) (< xamarinwatchos)) (&& (< monoandroid) (< net45) (>= netstandard1.1) (< netstandard1.3) (< win8) (< wpa81))
    System.Collections.Immutable (6.0) - restriction: >= netstandard2.1
      System.Memory (>= 4.5.4) - restriction: || (>= net461) (&& (< net6.0) (>= netstandard2.0))
      System.Runtime.CompilerServices.Unsafe (>= 6.0) - restriction: || (>= net461) (>= netstandard2.0)
    System.Configuration.ConfigurationManager (6.0) - restriction: >= netstandard2.1
      System.Security.Cryptography.ProtectedData (>= 6.0) - restriction: || (&& (< net461) (>= netstandard2.0)) (>= net6.0)
      System.Security.Permissions (>= 6.0) - restriction: || (>= net461) (>= netstandard2.0)
    System.Diagnostics.Debug (4.3) - restriction: && (>= netstandard2.1) (< xamarinios) (< xamarinmac) (< xamarintvos) (< xamarinwatchos)
      Microsoft.NETCore.Platforms (>= 1.1) - restriction: || (&& (< monoandroid) (< monotouch) (< net45) (>= netstandard1.3) (< win8) (< wpa81) (< xamarinios) (< xamarinmac) (< xamarintvos) (< xamarinwatchos)) (&& (< monoandroid) (< net45) (>= netstandard1.0) (< netstandard1.3) (< win8) (< wp8) (< wpa81))
      Microsoft.NETCore.Targets (>= 1.1) - restriction: || (&& (< monoandroid) (< monotouch) (< net45) (>= netstandard1.3) (< win8) (< wpa81) (< xamarinios) (< xamarinmac) (< xamarintvos) (< xamarinwatchos)) (&& (< monoandroid) (< net45) (>= netstandard1.0) (< netstandard1.3) (< win8) (< wp8) (< wpa81))
      System.Runtime (>= 4.3) - restriction: || (&& (< monoandroid) (< monotouch) (< net45) (>= netstandard1.3) (< win8) (< wpa81) (< xamarinios) (< xamarinmac) (< xamarintvos) (< xamarinwatchos)) (&& (< monoandroid) (< net45) (>= netstandard1.0) (< netstandard1.3) (< win8) (< wp8) (< wpa81))
    System.Diagnostics.DiagnosticSource (6.0) - restriction: || (&& (< monoandroid) (< netstandard1.6) (>= netstandard2.1)) (&& (< monoandroid) (>= netstandard2.1) (< xamarinios) (< xamarinmac) (< xamarintvos) (< xamarinwatchos))
      System.Memory (>= 4.5.4) - restriction: || (>= net461) (&& (< net5.0) (>= netstandard2.0))
      System.Runtime.CompilerServices.Unsafe (>= 6.0) - restriction: || (>= net461) (>= netstandard2.0)
    System.Diagnostics.Process (4.3) - restriction: >= netstandard2.1
      Microsoft.NETCore.Platforms (>= 1.1) - restriction: && (< monotouch) (< net46) (>= netstandard1.4) (< xamarinios) (< xamarinmac) (< xamarintvos) (< xamarinwatchos)
      Microsoft.Win32.Primitives (>= 4.3) - restriction: && (< monotouch) (< net46) (>= netstandard1.4) (< xamarinios) (< xamarinmac) (< xamarintvos) (< xamarinwatchos)
      Microsoft.Win32.Registry (>= 4.3) - restriction: && (< monotouch) (< net46) (>= netstandard1.4) (< xamarinios) (< xamarinmac) (< xamarintvos) (< xamarinwatchos)
      runtime.native.System (>= 4.3) - restriction: && (< monotouch) (< net46) (>= netstandard1.4) (< xamarinios) (< xamarinmac) (< xamarintvos) (< xamarinwatchos)
      System.Collections (>= 4.3) - restriction: && (< monotouch) (< net46) (>= netstandard1.4) (< xamarinios) (< xamarinmac) (< xamarintvos) (< xamarinwatchos)
      System.Diagnostics.Debug (>= 4.3) - restriction: && (< monotouch) (< net46) (>= netstandard1.4) (< xamarinios) (< xamarinmac) (< xamarintvos) (< xamarinwatchos)
      System.Globalization (>= 4.3) - restriction: && (< monotouch) (< net46) (>= netstandard1.4) (< xamarinios) (< xamarinmac) (< xamarintvos) (< xamarinwatchos)
      System.IO (>= 4.3) - restriction: || (&& (< monoandroid) (< net46) (>= netstandard1.3) (< netstandard1.4)) (&& (< monotouch) (< net46) (>= netstandard1.4) (< xamarinios) (< xamarinmac) (< xamarintvos) (< xamarinwatchos))
      System.IO.FileSystem (>= 4.3) - restriction: && (< monotouch) (< net46) (>= netstandard1.4) (< xamarinios) (< xamarinmac) (< xamarintvos) (< xamarinwatchos)
      System.IO.FileSystem.Primitives (>= 4.3) - restriction: && (< monotouch) (< net46) (>= netstandard1.4) (< xamarinios) (< xamarinmac) (< xamarintvos) (< xamarinwatchos)
      System.Resources.ResourceManager (>= 4.3) - restriction: && (< monotouch) (< net46) (>= netstandard1.4) (< xamarinios) (< xamarinmac) (< xamarintvos) (< xamarinwatchos)
      System.Runtime (>= 4.3) - restriction: || (&& (< monoandroid) (< net46) (>= netstandard1.3) (< netstandard1.4)) (&& (< monotouch) (< net46) (>= netstandard1.4) (< xamarinios) (< xamarinmac) (< xamarintvos) (< xamarinwatchos))
      System.Runtime.Extensions (>= 4.3) - restriction: && (< monotouch) (< net46) (>= netstandard1.4) (< xamarinios) (< xamarinmac) (< xamarintvos) (< xamarinwatchos)
      System.Runtime.Handles (>= 4.3) - restriction: || (&& (< monoandroid) (< net46) (>= netstandard1.3) (< netstandard1.4)) (&& (< monotouch) (< net46) (>= netstandard1.4) (< xamarinios) (< xamarinmac) (< xamarintvos) (< xamarinwatchos))
      System.Runtime.InteropServices (>= 4.3) - restriction: && (< monotouch) (< net46) (>= netstandard1.4) (< xamarinios) (< xamarinmac) (< xamarintvos) (< xamarinwatchos)
      System.Text.Encoding (>= 4.3) - restriction: || (&& (< monoandroid) (< net46) (>= netstandard1.3) (< netstandard1.4)) (&& (< monotouch) (< net46) (>= netstandard1.4) (< xamarinios) (< xamarinmac) (< xamarintvos) (< xamarinwatchos))
      System.Text.Encoding.Extensions (>= 4.3) - restriction: && (< monotouch) (< net46) (>= netstandard1.4) (< xamarinios) (< xamarinmac) (< xamarintvos) (< xamarinwatchos)
      System.Threading (>= 4.3) - restriction: && (< monotouch) (< net46) (>= netstandard1.4) (< xamarinios) (< xamarinmac) (< xamarintvos) (< xamarinwatchos)
      System.Threading.Tasks (>= 4.3) - restriction: && (< monotouch) (< net46) (>= netstandard1.4) (< xamarinios) (< xamarinmac) (< xamarintvos) (< xamarinwatchos)
      System.Threading.Thread (>= 4.3) - restriction: && (< monotouch) (< net46) (>= netstandard1.4) (< xamarinios) (< xamarinmac) (< xamarintvos) (< xamarinwatchos)
      System.Threading.ThreadPool (>= 4.3) - restriction: && (< monotouch) (< net46) (>= netstandard1.4) (< xamarinios) (< xamarinmac) (< xamarintvos) (< xamarinwatchos)
    System.Diagnostics.TraceSource (4.3) - restriction: >= netstandard2.1
      Microsoft.NETCore.Platforms (>= 1.1) - restriction: && (< monoandroid) (< monotouch) (< net46) (>= netstandard1.3) (< xamarinios) (< xamarinmac) (< xamarintvos) (< xamarinwatchos)
      runtime.native.System (>= 4.3) - restriction: && (< monoandroid) (< monotouch) (< net46) (>= netstandard1.3) (< xamarinios) (< xamarinmac) (< xamarintvos) (< xamarinwatchos)
      System.Collections (>= 4.3) - restriction: && (< monoandroid) (< monotouch) (< net46) (>= netstandard1.3) (< xamarinios) (< xamarinmac) (< xamarintvos) (< xamarinwatchos)
      System.Diagnostics.Debug (>= 4.3) - restriction: && (< monoandroid) (< monotouch) (< net46) (>= netstandard1.3) (< xamarinios) (< xamarinmac) (< xamarintvos) (< xamarinwatchos)
      System.Globalization (>= 4.3) - restriction: && (< monoandroid) (< monotouch) (< net46) (>= netstandard1.3) (< xamarinios) (< xamarinmac) (< xamarintvos) (< xamarinwatchos)
      System.Resources.ResourceManager (>= 4.3) - restriction: && (< monoandroid) (< monotouch) (< net46) (>= netstandard1.3) (< xamarinios) (< xamarinmac) (< xamarintvos) (< xamarinwatchos)
      System.Runtime (>= 4.3) - restriction: && (< monoandroid) (< monotouch) (< net46) (>= netstandard1.3) (< xamarinios) (< xamarinmac) (< xamarintvos) (< xamarinwatchos)
      System.Runtime.Extensions (>= 4.3) - restriction: && (< monoandroid) (< monotouch) (< net46) (>= netstandard1.3) (< xamarinios) (< xamarinmac) (< xamarintvos) (< xamarinwatchos)
      System.Threading (>= 4.3) - restriction: && (< monoandroid) (< monotouch) (< net46) (>= netstandard1.3) (< xamarinios) (< xamarinmac) (< xamarintvos) (< xamarinwatchos)
    System.Diagnostics.Tracing (4.3) - restriction: || (&& (< monoandroid) (< netstandard1.6) (>= netstandard2.1)) (&& (>= netstandard2.1) (< xamarinios) (< xamarinmac) (< xamarintvos) (< xamarinwatchos))
      Microsoft.NETCore.Platforms (>= 1.1) - restriction: || (&& (< monoandroid) (< net45) (>= netstandard1.1) (< netstandard1.2) (< win8)) (&& (< monoandroid) (< net45) (>= netstandard1.2) (< netstandard1.3) (< win8) (< wpa81)) (&& (< monoandroid) (< net45) (>= netstandard1.3) (< netstandard1.5) (< win8) (< wpa81)) (&& (< monotouch) (< net45) (>= netstandard1.5) (< win8) (< wpa81) (< xamarinios) (< xamarinmac) (< xamarintvos) (< xamarinwatchos))
      Microsoft.NETCore.Targets (>= 1.1) - restriction: || (&& (< monoandroid) (< net45) (>= netstandard1.1) (< netstandard1.2) (< win8)) (&& (< monoandroid) (< net45) (>= netstandard1.2) (< netstandard1.3) (< win8) (< wpa81)) (&& (< monoandroid) (< net45) (>= netstandard1.3) (< netstandard1.5) (< win8) (< wpa81)) (&& (< monotouch) (< net45) (>= netstandard1.5) (< win8) (< wpa81) (< xamarinios) (< xamarinmac) (< xamarintvos) (< xamarinwatchos))
      System.Runtime (>= 4.3) - restriction: || (&& (< monoandroid) (< net45) (>= netstandard1.1) (< netstandard1.2) (< win8)) (&& (< monoandroid) (< net45) (>= netstandard1.2) (< netstandard1.3) (< win8) (< wpa81)) (&& (< monoandroid) (< net45) (>= netstandard1.3) (< netstandard1.5) (< win8) (< wpa81)) (&& (< monotouch) (< net45) (>= netstandard1.5) (< win8) (< wpa81) (< xamarinios) (< xamarinmac) (< xamarintvos) (< xamarinwatchos))
    System.Drawing.Common (6.0) - restriction: >= netcoreapp3.1
      Microsoft.Win32.SystemEvents (>= 6.0) - restriction: >= netcoreapp3.1
    System.Formats.Asn1 (6.0) - restriction: || (&& (< net6.0) (>= netcoreapp3.1) (< xamarinios) (< xamarinmac) (< xamarintvos) (< xamarinwatchos)) (&& (>= netcoreapp3.0) (< xamarinios) (< xamarinmac) (< xamarintvos) (< xamarinwatchos)) (>= netstandard2.1)
      System.Buffers (>= 4.5.1) - restriction: || (>= net461) (&& (< net6.0) (>= netstandard2.0))
      System.Memory (>= 4.5.4) - restriction: || (>= net461) (&& (< net6.0) (>= netstandard2.0))
    System.Globalization (4.3) - restriction: || (&& (< monoandroid) (< netstandard1.6) (>= netstandard2.1)) (&& (>= netstandard2.1) (< xamarinios) (< xamarinmac) (< xamarintvos) (< xamarinwatchos))
      Microsoft.NETCore.Platforms (>= 1.1) - restriction: || (&& (< monoandroid) (< monotouch) (< net45) (>= netstandard1.3) (< win8) (< wpa81) (< xamarinios) (< xamarinmac) (< xamarintvos) (< xamarinwatchos)) (&& (< monoandroid) (< net45) (>= netstandard1.0) (< netstandard1.3) (< win8) (< wp8) (< wpa81))
      Microsoft.NETCore.Targets (>= 1.1) - restriction: || (&& (< monoandroid) (< monotouch) (< net45) (>= netstandard1.3) (< win8) (< wpa81) (< xamarinios) (< xamarinmac) (< xamarintvos) (< xamarinwatchos)) (&& (< monoandroid) (< net45) (>= netstandard1.0) (< netstandard1.3) (< win8) (< wp8) (< wpa81))
      System.Runtime (>= 4.3) - restriction: || (&& (< monoandroid) (< monotouch) (< net45) (>= netstandard1.3) (< win8) (< wpa81) (< xamarinios) (< xamarinmac) (< xamarintvos) (< xamarinwatchos)) (&& (< monoandroid) (< net45) (>= netstandard1.0) (< netstandard1.3) (< win8) (< wp8) (< wpa81))
    System.Globalization.Calendars (4.3) - restriction: || (&& (< monoandroid) (< netstandard1.6) (>= netstandard2.1)) (&& (>= net46) (>= netstandard2.1)) (&& (>= netstandard2.1) (< xamarinios) (< xamarinmac) (< xamarintvos) (< xamarinwatchos))
      Microsoft.NETCore.Platforms (>= 1.1) - restriction: && (< monoandroid) (< monotouch) (< net46) (>= netstandard1.3) (< xamarinios) (< xamarinmac) (< xamarintvos) (< xamarinwatchos)
      Microsoft.NETCore.Targets (>= 1.1) - restriction: && (< monoandroid) (< monotouch) (< net46) (>= netstandard1.3) (< xamarinios) (< xamarinmac) (< xamarintvos) (< xamarinwatchos)
      System.Globalization (>= 4.3) - restriction: && (< monoandroid) (< monotouch) (< net46) (>= netstandard1.3) (< xamarinios) (< xamarinmac) (< xamarintvos) (< xamarinwatchos)
      System.Runtime (>= 4.3) - restriction: && (< monoandroid) (< monotouch) (< net46) (>= netstandard1.3) (< xamarinios) (< xamarinmac) (< xamarintvos) (< xamarinwatchos)
    System.Globalization.Extensions (4.3) - restriction: && (>= netstandard2.1) (< xamarinios) (< xamarinmac) (< xamarintvos) (< xamarinwatchos)
      Microsoft.NETCore.Platforms (>= 1.1) - restriction: && (< monoandroid) (< monotouch) (< net46) (>= netstandard1.3) (< xamarinios) (< xamarinmac) (< xamarintvos) (< xamarinwatchos)
      System.Globalization (>= 4.3) - restriction: && (< monoandroid) (< monotouch) (< net46) (>= netstandard1.3) (< xamarinios) (< xamarinmac) (< xamarintvos) (< xamarinwatchos)
      System.Resources.ResourceManager (>= 4.3) - restriction: && (< monoandroid) (< monotouch) (< net46) (>= netstandard1.3) (< xamarinios) (< xamarinmac) (< xamarintvos) (< xamarinwatchos)
      System.Runtime (>= 4.3) - restriction: && (< monoandroid) (< monotouch) (< net46) (>= netstandard1.3) (< xamarinios) (< xamarinmac) (< xamarintvos) (< xamarinwatchos)
      System.Runtime.Extensions (>= 4.3) - restriction: && (< monoandroid) (< monotouch) (< net46) (>= netstandard1.3) (< xamarinios) (< xamarinmac) (< xamarintvos) (< xamarinwatchos)
      System.Runtime.InteropServices (>= 4.3) - restriction: && (< monoandroid) (< monotouch) (< net46) (>= netstandard1.3) (< xamarinios) (< xamarinmac) (< xamarintvos) (< xamarinwatchos)
    System.IO (4.3) - restriction: || (&& (< monoandroid) (< netstandard1.1) (>= netstandard2.1)) (&& (< monoandroid) (< netstandard1.3) (>= netstandard2.1)) (&& (< monoandroid) (< netstandard1.6) (>= netstandard2.1)) (&& (>= netstandard2.1) (< xamarinios) (< xamarinmac) (< xamarintvos) (< xamarinwatchos))
      Microsoft.NETCore.Platforms (>= 1.1) - restriction: || (&& (< monoandroid) (< net45) (>= netstandard1.0) (< netstandard1.3) (< win8) (< wp8) (< wpa81)) (&& (< monoandroid) (< net45) (>= netstandard1.3) (< netstandard1.5) (< win8) (< wpa81)) (&& (< monotouch) (< net45) (>= netstandard1.5) (< win8) (< wpa81) (< xamarinios) (< xamarinmac) (< xamarintvos) (< xamarinwatchos))
      Microsoft.NETCore.Targets (>= 1.1) - restriction: || (&& (< monoandroid) (< net45) (>= netstandard1.0) (< netstandard1.3) (< win8) (< wp8) (< wpa81)) (&& (< monoandroid) (< net45) (>= netstandard1.3) (< netstandard1.5) (< win8) (< wpa81)) (&& (< monotouch) (< net45) (>= netstandard1.5) (< win8) (< wpa81) (< xamarinios) (< xamarinmac) (< xamarintvos) (< xamarinwatchos))
      System.Runtime (>= 4.3) - restriction: || (&& (< monoandroid) (< net45) (>= netstandard1.0) (< netstandard1.3) (< win8) (< wp8) (< wpa81)) (&& (< monoandroid) (< net45) (>= netstandard1.3) (< netstandard1.5) (< win8) (< wpa81)) (&& (< monotouch) (< net45) (>= netstandard1.5) (< win8) (< wpa81) (< xamarinios) (< xamarinmac) (< xamarintvos) (< xamarinwatchos))
      System.Text.Encoding (>= 4.3) - restriction: || (&& (< monoandroid) (< net45) (>= netstandard1.0) (< netstandard1.3) (< win8) (< wp8) (< wpa81)) (&& (< monoandroid) (< net45) (>= netstandard1.3) (< netstandard1.5) (< win8) (< wpa81)) (&& (< monotouch) (< net45) (>= netstandard1.5) (< win8) (< wpa81) (< xamarinios) (< xamarinmac) (< xamarintvos) (< xamarinwatchos))
      System.Threading.Tasks (>= 4.3) - restriction: || (&& (< monoandroid) (< net45) (>= netstandard1.0) (< netstandard1.3) (< win8) (< wp8) (< wpa81)) (&& (< monoandroid) (< net45) (>= netstandard1.3) (< netstandard1.5) (< win8) (< wpa81)) (&& (< monotouch) (< net45) (>= netstandard1.5) (< win8) (< wpa81) (< xamarinios) (< xamarinmac) (< xamarintvos) (< xamarinwatchos))
    System.IO.FileSystem (4.3) - restriction: && (>= netstandard2.1) (< xamarinios) (< xamarinmac) (< xamarintvos) (< xamarinwatchos)
      Microsoft.NETCore.Platforms (>= 1.1) - restriction: && (< monoandroid) (< monotouch) (< net46) (>= netstandard1.3) (< xamarinios) (< xamarinmac) (< xamarintvos) (< xamarinwatchos)
      Microsoft.NETCore.Targets (>= 1.1) - restriction: && (< monoandroid) (< monotouch) (< net46) (>= netstandard1.3) (< xamarinios) (< xamarinmac) (< xamarintvos) (< xamarinwatchos)
      System.IO (>= 4.3) - restriction: && (< monoandroid) (< monotouch) (< net46) (>= netstandard1.3) (< xamarinios) (< xamarinmac) (< xamarintvos) (< xamarinwatchos)
      System.IO.FileSystem.Primitives (>= 4.3) - restriction: || (&& (< monoandroid) (< monotouch) (>= netstandard1.3) (< xamarinios) (< xamarinmac) (< xamarintvos) (< xamarinwatchos)) (>= net46)
      System.Runtime (>= 4.3) - restriction: && (< monoandroid) (< monotouch) (< net46) (>= netstandard1.3) (< xamarinios) (< xamarinmac) (< xamarintvos) (< xamarinwatchos)
      System.Runtime.Handles (>= 4.3) - restriction: && (< monoandroid) (< monotouch) (< net46) (>= netstandard1.3) (< xamarinios) (< xamarinmac) (< xamarintvos) (< xamarinwatchos)
      System.Text.Encoding (>= 4.3) - restriction: && (< monoandroid) (< monotouch) (< net46) (>= netstandard1.3) (< xamarinios) (< xamarinmac) (< xamarintvos) (< xamarinwatchos)
      System.Threading.Tasks (>= 4.3) - restriction: && (< monoandroid) (< monotouch) (< net46) (>= netstandard1.3) (< xamarinios) (< xamarinmac) (< xamarintvos) (< xamarinwatchos)
    System.IO.FileSystem.Primitives (4.3) - restriction: || (&& (>= net46) (>= netstandard2.1)) (&& (>= netstandard2.1) (< xamarinios) (< xamarinmac) (< xamarintvos) (< xamarinwatchos))
      System.Runtime (>= 4.3) - restriction: && (< monoandroid) (< monotouch) (< net46) (>= netstandard1.3) (< xamarinios) (< xamarinmac) (< xamarintvos) (< xamarinwatchos)
    System.Linq (4.3) - restriction: || (&& (< monoandroid) (< netstandard1.3) (>= netstandard2.1)) (&& (>= netstandard2.1) (< xamarinios) (< xamarinmac) (< xamarintvos) (< xamarinwatchos))
      System.Collections (>= 4.3) - restriction: || (&& (< monoandroid) (< net45) (>= netstandard1.0) (< netstandard1.6) (< win8) (< wp8) (< wpa81)) (&& (< monotouch) (< net45) (>= netstandard1.6) (< xamarinios) (< xamarinmac) (< xamarintvos) (< xamarinwatchos))
      System.Diagnostics.Debug (>= 4.3) - restriction: && (< monotouch) (< net45) (>= netstandard1.6) (< xamarinios) (< xamarinmac) (< xamarintvos) (< xamarinwatchos)
      System.Resources.ResourceManager (>= 4.3) - restriction: && (< monotouch) (< net45) (>= netstandard1.6) (< xamarinios) (< xamarinmac) (< xamarintvos) (< xamarinwatchos)
      System.Runtime (>= 4.3) - restriction: || (&& (< monoandroid) (< net45) (>= netstandard1.0) (< netstandard1.6) (< win8) (< wp8) (< wpa81)) (&& (< monotouch) (< net45) (>= netstandard1.6) (< xamarinios) (< xamarinmac) (< xamarintvos) (< xamarinwatchos))
      System.Runtime.Extensions (>= 4.3) - restriction: && (< monotouch) (< net45) (>= netstandard1.6) (< xamarinios) (< xamarinmac) (< xamarintvos) (< xamarinwatchos)
    System.Linq.Expressions (4.3) - restriction: >= netstandard2.1
      System.Collections (>= 4.3) - restriction: && (< monotouch) (< net45) (>= netstandard1.6) (< xamarinios) (< xamarinmac) (< xamarintvos) (< xamarinwatchos)
      System.Diagnostics.Debug (>= 4.3) - restriction: && (< monotouch) (< net45) (>= netstandard1.6) (< xamarinios) (< xamarinmac) (< xamarintvos) (< xamarinwatchos)
      System.Globalization (>= 4.3) - restriction: && (< monotouch) (< net45) (>= netstandard1.6) (< xamarinios) (< xamarinmac) (< xamarintvos) (< xamarinwatchos)
      System.IO (>= 4.3) - restriction: && (< monotouch) (< net45) (>= netstandard1.6) (< xamarinios) (< xamarinmac) (< xamarintvos) (< xamarinwatchos)
      System.Linq (>= 4.3) - restriction: && (< monotouch) (< net45) (>= netstandard1.6) (< xamarinios) (< xamarinmac) (< xamarintvos) (< xamarinwatchos)
      System.ObjectModel (>= 4.3) - restriction: && (< monotouch) (< net45) (>= netstandard1.6) (< xamarinios) (< xamarinmac) (< xamarintvos) (< xamarinwatchos)
      System.Reflection (>= 4.3) - restriction: || (&& (< monoandroid) (< net45) (>= netstandard1.0) (< netstandard1.3) (< win8) (< wp8) (< wpa81)) (&& (< monoandroid) (< net45) (>= netstandard1.3) (< netstandard1.6) (< win8) (< wpa81)) (&& (< monotouch) (< net45) (>= netstandard1.6) (< xamarinios) (< xamarinmac) (< xamarintvos) (< xamarinwatchos))
      System.Reflection.Emit (>= 4.3) - restriction: && (< monotouch) (< net45) (>= netstandard1.6) (< xamarinios) (< xamarinmac) (< xamarintvos) (< xamarinwatchos)
      System.Reflection.Emit.ILGeneration (>= 4.3) - restriction: && (< monotouch) (< net45) (>= netstandard1.6) (< xamarinios) (< xamarinmac) (< xamarintvos) (< xamarinwatchos)
      System.Reflection.Emit.Lightweight (>= 4.3) - restriction: && (< monotouch) (< net45) (>= netstandard1.6) (< xamarinios) (< xamarinmac) (< xamarintvos) (< xamarinwatchos)
      System.Reflection.Extensions (>= 4.3) - restriction: && (< monotouch) (< net45) (>= netstandard1.6) (< xamarinios) (< xamarinmac) (< xamarintvos) (< xamarinwatchos)
      System.Reflection.Primitives (>= 4.3) - restriction: && (< monotouch) (< net45) (>= netstandard1.6) (< xamarinios) (< xamarinmac) (< xamarintvos) (< xamarinwatchos)
      System.Reflection.TypeExtensions (>= 4.3) - restriction: && (< monotouch) (< net45) (>= netstandard1.6) (< xamarinios) (< xamarinmac) (< xamarintvos) (< xamarinwatchos)
      System.Resources.ResourceManager (>= 4.3) - restriction: && (< monotouch) (< net45) (>= netstandard1.6) (< xamarinios) (< xamarinmac) (< xamarintvos) (< xamarinwatchos)
      System.Runtime (>= 4.3) - restriction: || (&& (< monoandroid) (< net45) (>= netstandard1.0) (< netstandard1.3) (< win8) (< wp8) (< wpa81)) (&& (< monoandroid) (< net45) (>= netstandard1.3) (< netstandard1.6) (< win8) (< wpa81)) (&& (< monotouch) (< net45) (>= netstandard1.6) (< xamarinios) (< xamarinmac) (< xamarintvos) (< xamarinwatchos))
      System.Runtime.Extensions (>= 4.3) - restriction: && (< monotouch) (< net45) (>= netstandard1.6) (< xamarinios) (< xamarinmac) (< xamarintvos) (< xamarinwatchos)
      System.Threading (>= 4.3) - restriction: && (< monotouch) (< net45) (>= netstandard1.6) (< xamarinios) (< xamarinmac) (< xamarintvos) (< xamarinwatchos)
    System.Linq.Queryable (4.3) - restriction: >= netstandard2.1
      System.Collections (>= 4.3) - restriction: && (< monoandroid) (< monotouch) (< net45) (>= netstandard1.3) (< win8) (< wpa81) (< xamarinios) (< xamarinmac) (< xamarintvos) (< xamarinwatchos)
      System.Diagnostics.Debug (>= 4.3) - restriction: && (< monoandroid) (< monotouch) (< net45) (>= netstandard1.3) (< win8) (< wpa81) (< xamarinios) (< xamarinmac) (< xamarintvos) (< xamarinwatchos)
      System.Linq (>= 4.3) - restriction: || (&& (< monoandroid) (< monotouch) (< net45) (>= netstandard1.3) (< win8) (< wpa81) (< xamarinios) (< xamarinmac) (< xamarintvos) (< xamarinwatchos)) (&& (< monoandroid) (< net45) (>= netstandard1.0) (< netstandard1.3) (< win8) (< wp8) (< wpa81))
      System.Linq.Expressions (>= 4.3) - restriction: || (&& (< monoandroid) (< monotouch) (< net45) (>= netstandard1.3) (< win8) (< wpa81) (< xamarinios) (< xamarinmac) (< xamarintvos) (< xamarinwatchos)) (&& (< monoandroid) (< net45) (>= netstandard1.0) (< netstandard1.3) (< win8) (< wp8) (< wpa81))
      System.Reflection (>= 4.3) - restriction: && (< monoandroid) (< monotouch) (< net45) (>= netstandard1.3) (< win8) (< wpa81) (< xamarinios) (< xamarinmac) (< xamarintvos) (< xamarinwatchos)
      System.Reflection.Extensions (>= 4.3) - restriction: && (< monoandroid) (< monotouch) (< net45) (>= netstandard1.3) (< win8) (< wpa81) (< xamarinios) (< xamarinmac) (< xamarintvos) (< xamarinwatchos)
      System.Resources.ResourceManager (>= 4.3) - restriction: && (< monoandroid) (< monotouch) (< net45) (>= netstandard1.3) (< win8) (< wpa81) (< xamarinios) (< xamarinmac) (< xamarintvos) (< xamarinwatchos)
      System.Runtime (>= 4.3) - restriction: || (&& (< monoandroid) (< monotouch) (< net45) (>= netstandard1.3) (< win8) (< wpa81) (< xamarinios) (< xamarinmac) (< xamarintvos) (< xamarinwatchos)) (&& (< monoandroid) (< net45) (>= netstandard1.0) (< netstandard1.3) (< win8) (< wp8) (< wpa81))
    System.Memory (4.5.5) - restriction: >= netstandard2.1
      System.Buffers (>= 4.5.1) - restriction: || (&& (>= monoandroid) (< netstandard1.1)) (&& (< monoandroid) (< net45) (>= netstandard1.1) (< netstandard2.0) (< win8) (< wpa81)) (&& (< monoandroid) (< netstandard1.1) (>= portable-net45+win8+wpa81) (< win8)) (>= monotouch) (&& (>= net45) (< netstandard2.0)) (&& (< net45) (< netcoreapp2.0) (>= netstandard2.0)) (>= net461) (&& (< netstandard1.1) (>= win8)) (&& (< netstandard2.0) (< uap10.1) (>= wpa81)) (>= xamarinios) (>= xamarinmac) (>= xamarintvos) (>= xamarinwatchos)
      System.Numerics.Vectors (>= 4.4) - restriction: && (< net45) (< netcoreapp2.0) (>= netstandard2.0) (< xamarinios) (< xamarinmac) (< xamarintvos) (< xamarinwatchos)
      System.Runtime.CompilerServices.Unsafe (>= 4.5.3) - restriction: || (&& (>= monoandroid) (< netstandard1.1)) (&& (< monoandroid) (< net45) (>= netstandard1.1) (< netstandard2.0) (< win8) (< wpa81)) (&& (< monoandroid) (>= netcoreapp2.0) (< netcoreapp2.1)) (&& (< monoandroid) (< netstandard1.1) (>= portable-net45+win8+wpa81) (< win8)) (>= monotouch) (&& (>= net45) (< netstandard2.0)) (&& (< net45) (< netcoreapp2.0) (>= netstandard2.0)) (>= net461) (&& (< netstandard1.1) (>= win8)) (&& (< netstandard2.0) (>= wpa81)) (>= uap10.1) (>= xamarinios) (>= xamarinmac) (>= xamarintvos) (>= xamarinwatchos)
    System.Net.Http (4.3.4) - restriction: && (< monoandroid) (>= netstandard2.1) (< xamarinios) (< xamarinmac) (< xamarintvos) (< xamarinwatchos)
      Microsoft.NETCore.Platforms (>= 1.1.1) - restriction: || (&& (< monoandroid) (< net45) (>= netstandard1.3) (< netstandard1.6) (< win8) (< wpa81)) (&& (< monotouch) (< net45) (>= netstandard1.6) (< xamarinios) (< xamarinmac) (< xamarintvos) (< xamarinwatchos))
      runtime.native.System (>= 4.3) - restriction: && (< monotouch) (< net45) (>= netstandard1.6) (< xamarinios) (< xamarinmac) (< xamarintvos) (< xamarinwatchos)
      runtime.native.System.Net.Http (>= 4.3) - restriction: && (< monotouch) (< net45) (>= netstandard1.6) (< xamarinios) (< xamarinmac) (< xamarintvos) (< xamarinwatchos)
      runtime.native.System.Security.Cryptography.OpenSsl (>= 4.3.2) - restriction: && (< monotouch) (< net45) (>= netstandard1.6) (< xamarinios) (< xamarinmac) (< xamarintvos) (< xamarinwatchos)
      System.Collections (>= 4.3) - restriction: || (&& (< monoandroid) (< net45) (>= netstandard1.3) (< netstandard1.6) (< win8) (< wpa81)) (&& (< monotouch) (< net45) (>= netstandard1.6) (< xamarinios) (< xamarinmac) (< xamarintvos) (< xamarinwatchos))
      System.Diagnostics.Debug (>= 4.3) - restriction: || (&& (< monoandroid) (< net45) (>= netstandard1.3) (< netstandard1.6) (< win8) (< wpa81)) (&& (< monotouch) (< net45) (>= netstandard1.6) (< xamarinios) (< xamarinmac) (< xamarintvos) (< xamarinwatchos))
      System.Diagnostics.DiagnosticSource (>= 4.3) - restriction: || (&& (< monoandroid) (< net45) (>= netstandard1.3) (< netstandard1.6) (< win8) (< wpa81)) (&& (< monotouch) (< net45) (>= netstandard1.6) (< xamarinios) (< xamarinmac) (< xamarintvos) (< xamarinwatchos))
      System.Diagnostics.Tracing (>= 4.3) - restriction: || (&& (< monoandroid) (< net45) (>= netstandard1.3) (< netstandard1.6) (< win8) (< wpa81)) (&& (< monotouch) (< net45) (>= netstandard1.6) (< xamarinios) (< xamarinmac) (< xamarintvos) (< xamarinwatchos))
      System.Globalization (>= 4.3) - restriction: || (&& (< monoandroid) (< net45) (>= netstandard1.3) (< netstandard1.6) (< win8) (< wpa81)) (&& (< monotouch) (< net45) (>= netstandard1.6) (< xamarinios) (< xamarinmac) (< xamarintvos) (< xamarinwatchos))
      System.Globalization.Extensions (>= 4.3) - restriction: && (< monotouch) (< net45) (>= netstandard1.6) (< xamarinios) (< xamarinmac) (< xamarintvos) (< xamarinwatchos)
      System.IO (>= 4.3) - restriction: || (&& (< monoandroid) (< net45) (>= netstandard1.1) (< netstandard1.3) (< win8) (< wpa81)) (&& (< monoandroid) (< net45) (>= netstandard1.3) (< netstandard1.6) (< win8) (< wpa81)) (&& (< monotouch) (< net45) (>= netstandard1.6) (< xamarinios) (< xamarinmac) (< xamarintvos) (< xamarinwatchos))
      System.IO.FileSystem (>= 4.3) - restriction: && (< monotouch) (< net45) (>= netstandard1.6) (< xamarinios) (< xamarinmac) (< xamarintvos) (< xamarinwatchos)
      System.Net.Primitives (>= 4.3) - restriction: || (&& (< monoandroid) (< net45) (>= netstandard1.1) (< netstandard1.3) (< win8) (< wpa81)) (&& (< monoandroid) (< net45) (>= netstandard1.3) (< netstandard1.6) (< win8) (< wpa81)) (&& (< monotouch) (< net45) (>= netstandard1.6) (< xamarinios) (< xamarinmac) (< xamarintvos) (< xamarinwatchos))
      System.Resources.ResourceManager (>= 4.3) - restriction: || (&& (< monoandroid) (< net45) (>= netstandard1.3) (< netstandard1.6) (< win8) (< wpa81)) (&& (< monotouch) (< net45) (>= netstandard1.6) (< xamarinios) (< xamarinmac) (< xamarintvos) (< xamarinwatchos))
      System.Runtime (>= 4.3) - restriction: || (&& (< monoandroid) (< net45) (>= netstandard1.1) (< netstandard1.3) (< win8) (< wpa81)) (&& (< monoandroid) (< net45) (>= netstandard1.3) (< netstandard1.6) (< win8) (< wpa81)) (&& (< monotouch) (< net45) (>= netstandard1.6) (< xamarinios) (< xamarinmac) (< xamarintvos) (< xamarinwatchos))
      System.Runtime.Extensions (>= 4.3) - restriction: || (&& (< monoandroid) (< net45) (>= netstandard1.3) (< netstandard1.6) (< win8) (< wpa81)) (&& (< monotouch) (< net45) (>= netstandard1.6) (< xamarinios) (< xamarinmac) (< xamarintvos) (< xamarinwatchos))
      System.Runtime.Handles (>= 4.3) - restriction: || (&& (< monoandroid) (< net45) (>= netstandard1.3) (< netstandard1.6) (< win8) (< wpa81)) (&& (< monotouch) (< net45) (>= netstandard1.6) (< xamarinios) (< xamarinmac) (< xamarintvos) (< xamarinwatchos))
      System.Runtime.InteropServices (>= 4.3) - restriction: || (&& (< monoandroid) (< net45) (>= netstandard1.3) (< netstandard1.6) (< win8) (< wpa81)) (&& (< monotouch) (< net45) (>= netstandard1.6) (< xamarinios) (< xamarinmac) (< xamarintvos) (< xamarinwatchos))
      System.Security.Cryptography.Algorithms (>= 4.3) - restriction: && (< monotouch) (< net45) (>= netstandard1.6) (< xamarinios) (< xamarinmac) (< xamarintvos) (< xamarinwatchos)
      System.Security.Cryptography.Encoding (>= 4.3) - restriction: || (&& (< monoandroid) (< net45) (>= netstandard1.3) (< netstandard1.6) (< win8) (< wpa81)) (&& (< monotouch) (< net45) (>= netstandard1.6) (< xamarinios) (< xamarinmac) (< xamarintvos) (< xamarinwatchos))
      System.Security.Cryptography.OpenSsl (>= 4.3) - restriction: && (< monotouch) (< net45) (>= netstandard1.6) (< xamarinios) (< xamarinmac) (< xamarintvos) (< xamarinwatchos)
      System.Security.Cryptography.Primitives (>= 4.3) - restriction: && (< monotouch) (< net45) (>= netstandard1.6) (< xamarinios) (< xamarinmac) (< xamarintvos) (< xamarinwatchos)
      System.Security.Cryptography.X509Certificates (>= 4.3) - restriction: || (&& (< monoandroid) (< net45) (>= netstandard1.3) (< netstandard1.6) (< win8) (< wpa81)) (&& (< monotouch) (< net45) (>= netstandard1.6) (< xamarinios) (< xamarinmac) (< xamarintvos) (< xamarinwatchos)) (>= net46)
      System.Text.Encoding (>= 4.3) - restriction: || (&& (< monoandroid) (< net45) (>= netstandard1.1) (< netstandard1.3) (< win8) (< wpa81)) (&& (< monoandroid) (< net45) (>= netstandard1.3) (< netstandard1.6) (< win8) (< wpa81)) (&& (< monotouch) (< net45) (>= netstandard1.6) (< xamarinios) (< xamarinmac) (< xamarintvos) (< xamarinwatchos))
      System.Threading (>= 4.3) - restriction: || (&& (< monoandroid) (< net45) (>= netstandard1.3) (< netstandard1.6) (< win8) (< wpa81)) (&& (< monotouch) (< net45) (>= netstandard1.6) (< xamarinios) (< xamarinmac) (< xamarintvos) (< xamarinwatchos))
      System.Threading.Tasks (>= 4.3) - restriction: || (&& (< monoandroid) (< net45) (>= netstandard1.1) (< netstandard1.3) (< win8) (< wpa81)) (&& (< monoandroid) (< net45) (>= netstandard1.3) (< netstandard1.6) (< win8) (< wpa81)) (&& (< monotouch) (< net45) (>= netstandard1.6) (< xamarinios) (< xamarinmac) (< xamarintvos) (< xamarinwatchos))
    System.Net.Primitives (4.3.1) - restriction: || (&& (< monoandroid) (< netstandard1.1) (>= netstandard2.1)) (&& (< monoandroid) (< netstandard1.3) (>= netstandard2.1)) (&& (< monoandroid) (< netstandard1.6) (>= netstandard2.1)) (&& (>= netstandard2.1) (< xamarinios) (< xamarinmac) (< xamarintvos) (< xamarinwatchos))
      Microsoft.NETCore.Platforms (>= 1.1.1) - restriction: || (&& (< monoandroid) (< monotouch) (< net45) (>= netstandard1.3) (< win8) (< wpa81) (< xamarinios) (< xamarinmac) (< xamarintvos) (< xamarinwatchos)) (&& (< monoandroid) (< net45) (>= netstandard1.1) (< netstandard1.3) (< win8) (< wpa81)) (&& (< monoandroid) (>= netstandard1.0) (< netstandard1.1) (< win8) (< wp8))
      Microsoft.NETCore.Targets (>= 1.1.3) - restriction: || (&& (< monoandroid) (< monotouch) (< net45) (>= netstandard1.3) (< win8) (< wpa81) (< xamarinios) (< xamarinmac) (< xamarintvos) (< xamarinwatchos)) (&& (< monoandroid) (< net45) (>= netstandard1.1) (< netstandard1.3) (< win8) (< wpa81)) (&& (< monoandroid) (>= netstandard1.0) (< netstandard1.1) (< win8) (< wp8))
      System.Runtime (>= 4.3.1) - restriction: || (&& (< monoandroid) (< monotouch) (< net45) (>= netstandard1.3) (< win8) (< wpa81) (< xamarinios) (< xamarinmac) (< xamarintvos) (< xamarinwatchos)) (&& (< monoandroid) (< net45) (>= netstandard1.1) (< netstandard1.3) (< win8) (< wpa81)) (&& (< monoandroid) (>= netstandard1.0) (< netstandard1.1) (< win8) (< wp8))
      System.Runtime.Handles (>= 4.3) - restriction: && (< monoandroid) (< monotouch) (< net45) (>= netstandard1.3) (< win8) (< wpa81) (< xamarinios) (< xamarinmac) (< xamarintvos) (< xamarinwatchos)
    System.Net.Requests (4.3) - restriction: >= netstandard2.1
      Microsoft.NETCore.Platforms (>= 1.1) - restriction: && (< monoandroid) (< monotouch) (< net45) (>= netstandard1.3) (< win8) (< wpa81) (< xamarinios) (< xamarinmac) (< xamarintvos) (< xamarinwatchos)
      System.Collections (>= 4.3) - restriction: && (< monoandroid) (< monotouch) (< net45) (>= netstandard1.3) (< win8) (< wpa81) (< xamarinios) (< xamarinmac) (< xamarintvos) (< xamarinwatchos)
      System.Diagnostics.Debug (>= 4.3) - restriction: && (< monoandroid) (< monotouch) (< net45) (>= netstandard1.3) (< win8) (< wpa81) (< xamarinios) (< xamarinmac) (< xamarintvos) (< xamarinwatchos)
      System.Diagnostics.Tracing (>= 4.3) - restriction: && (< monoandroid) (< monotouch) (< net45) (>= netstandard1.3) (< win8) (< wpa81) (< xamarinios) (< xamarinmac) (< xamarintvos) (< xamarinwatchos)
      System.Globalization (>= 4.3) - restriction: && (< monoandroid) (< monotouch) (< net45) (>= netstandard1.3) (< win8) (< wpa81) (< xamarinios) (< xamarinmac) (< xamarintvos) (< xamarinwatchos)
      System.IO (>= 4.3) - restriction: || (&& (< monoandroid) (< monotouch) (< net45) (>= netstandard1.3) (< win8) (< wpa81) (< xamarinios) (< xamarinmac) (< xamarintvos) (< xamarinwatchos)) (&& (< monoandroid) (< net45) (>= netstandard1.1) (< netstandard1.3) (< win8) (< wpa81)) (&& (< monoandroid) (>= netstandard1.0) (< netstandard1.1) (< win8) (< wp8))
      System.Net.Http (>= 4.3) - restriction: && (< monoandroid) (< monotouch) (< net45) (>= netstandard1.3) (< win8) (< wpa81) (< xamarinios) (< xamarinmac) (< xamarintvos) (< xamarinwatchos)
      System.Net.Primitives (>= 4.3) - restriction: || (&& (< monoandroid) (< monotouch) (< net45) (>= netstandard1.3) (< win8) (< wpa81) (< xamarinios) (< xamarinmac) (< xamarintvos) (< xamarinwatchos)) (&& (< monoandroid) (< net45) (>= netstandard1.1) (< netstandard1.3) (< win8) (< wpa81)) (&& (< monoandroid) (>= netstandard1.0) (< netstandard1.1) (< win8) (< wp8))
      System.Net.WebHeaderCollection (>= 4.3) - restriction: && (< monoandroid) (< monotouch) (< net45) (>= netstandard1.3) (< win8) (< wpa81) (< xamarinios) (< xamarinmac) (< xamarintvos) (< xamarinwatchos)
      System.Resources.ResourceManager (>= 4.3) - restriction: && (< monoandroid) (< monotouch) (< net45) (>= netstandard1.3) (< win8) (< wpa81) (< xamarinios) (< xamarinmac) (< xamarintvos) (< xamarinwatchos)
      System.Runtime (>= 4.3) - restriction: || (&& (< monoandroid) (< monotouch) (< net45) (>= netstandard1.3) (< win8) (< wpa81) (< xamarinios) (< xamarinmac) (< xamarintvos) (< xamarinwatchos)) (&& (< monoandroid) (< net45) (>= netstandard1.1) (< netstandard1.3) (< win8) (< wpa81)) (&& (< monoandroid) (>= netstandard1.0) (< netstandard1.1) (< win8) (< wp8))
      System.Threading (>= 4.3) - restriction: && (< monoandroid) (< monotouch) (< net45) (>= netstandard1.3) (< win8) (< wpa81) (< xamarinios) (< xamarinmac) (< xamarintvos) (< xamarinwatchos)
      System.Threading.Tasks (>= 4.3) - restriction: || (&& (< monoandroid) (< monotouch) (< net45) (>= netstandard1.3) (< win8) (< wpa81) (< xamarinios) (< xamarinmac) (< xamarintvos) (< xamarinwatchos)) (&& (< monoandroid) (< net45) (>= netstandard1.1) (< netstandard1.3) (< win8) (< wpa81))
    System.Net.Security (4.3.2) - restriction: >= netstandard2.1
      Microsoft.NETCore.Platforms (>= 1.1) - restriction: || (&& (< monoandroid) (< net46) (>= netstandard1.3) (< netstandard1.6)) (&& (< monotouch) (< net46) (>= netstandard1.6) (< xamarinios) (< xamarinmac) (< xamarintvos) (< xamarinwatchos))
      Microsoft.Win32.Primitives (>= 4.3) - restriction: || (&& (< monoandroid) (< net46) (>= netstandard1.3) (< netstandard1.6)) (&& (< monotouch) (< net46) (>= netstandard1.6) (< xamarinios) (< xamarinmac) (< xamarintvos) (< xamarinwatchos))
      runtime.native.System (>= 4.3) - restriction: && (< monotouch) (< net46) (>= netstandard1.6) (< xamarinios) (< xamarinmac) (< xamarintvos) (< xamarinwatchos)
      runtime.native.System.Net.Security (>= 4.3) - restriction: && (< monotouch) (< net46) (>= netstandard1.6) (< xamarinios) (< xamarinmac) (< xamarintvos) (< xamarinwatchos)
      runtime.native.System.Security.Cryptography.OpenSsl (>= 4.3.2) - restriction: && (< monotouch) (< net46) (>= netstandard1.6) (< xamarinios) (< xamarinmac) (< xamarintvos) (< xamarinwatchos)
      System.Collections (>= 4.3) - restriction: || (&& (< monoandroid) (< net46) (>= netstandard1.3) (< netstandard1.6)) (&& (< monotouch) (< net46) (>= netstandard1.6) (< xamarinios) (< xamarinmac) (< xamarintvos) (< xamarinwatchos))
      System.Collections.Concurrent (>= 4.3) - restriction: || (&& (< monoandroid) (< net46) (>= netstandard1.3) (< netstandard1.6)) (&& (< monotouch) (< net46) (>= netstandard1.6) (< xamarinios) (< xamarinmac) (< xamarintvos) (< xamarinwatchos))
      System.Diagnostics.Tracing (>= 4.3) - restriction: || (&& (< monoandroid) (< net46) (>= netstandard1.3) (< netstandard1.6)) (&& (< monotouch) (< net46) (>= netstandard1.6) (< xamarinios) (< xamarinmac) (< xamarintvos) (< xamarinwatchos))
      System.Globalization (>= 4.3) - restriction: || (&& (< monoandroid) (< net46) (>= netstandard1.3) (< netstandard1.6)) (&& (< monotouch) (< net46) (>= netstandard1.6) (< xamarinios) (< xamarinmac) (< xamarintvos) (< xamarinwatchos))
      System.Globalization.Extensions (>= 4.3) - restriction: && (< monotouch) (< net46) (>= netstandard1.6) (< xamarinios) (< xamarinmac) (< xamarintvos) (< xamarinwatchos)
      System.IO (>= 4.3) - restriction: || (&& (< monoandroid) (< net46) (>= netstandard1.3) (< netstandard1.6)) (&& (< monotouch) (< net46) (>= netstandard1.6) (< xamarinios) (< xamarinmac) (< xamarintvos) (< xamarinwatchos))
      System.Net.Primitives (>= 4.3) - restriction: || (&& (< monoandroid) (< net46) (>= netstandard1.3) (< netstandard1.6)) (&& (< monotouch) (< net46) (>= netstandard1.6) (< xamarinios) (< xamarinmac) (< xamarintvos) (< xamarinwatchos))
      System.Resources.ResourceManager (>= 4.3) - restriction: || (&& (< monoandroid) (< net46) (>= netstandard1.3) (< netstandard1.6)) (&& (< monotouch) (< net46) (>= netstandard1.6) (< xamarinios) (< xamarinmac) (< xamarintvos) (< xamarinwatchos))
      System.Runtime (>= 4.3) - restriction: || (&& (< monoandroid) (< net46) (>= netstandard1.3) (< netstandard1.6)) (&& (< monotouch) (< net46) (>= netstandard1.6) (< xamarinios) (< xamarinmac) (< xamarintvos) (< xamarinwatchos))
      System.Runtime.Extensions (>= 4.3) - restriction: || (&& (< monoandroid) (< net46) (>= netstandard1.3) (< netstandard1.6)) (&& (< monotouch) (< net46) (>= netstandard1.6) (< xamarinios) (< xamarinmac) (< xamarintvos) (< xamarinwatchos))
      System.Runtime.Handles (>= 4.3) - restriction: || (&& (< monoandroid) (< net46) (>= netstandard1.3) (< netstandard1.6)) (&& (< monotouch) (< net46) (>= netstandard1.6) (< xamarinios) (< xamarinmac) (< xamarintvos) (< xamarinwatchos))
      System.Runtime.InteropServices (>= 4.3) - restriction: || (&& (< monoandroid) (< net46) (>= netstandard1.3) (< netstandard1.6)) (&& (< monotouch) (< net46) (>= netstandard1.6) (< xamarinios) (< xamarinmac) (< xamarintvos) (< xamarinwatchos))
      System.Security.Claims (>= 4.3) - restriction: || (&& (< monoandroid) (< net46) (>= netstandard1.3) (< netstandard1.6)) (&& (< monotouch) (< net46) (>= netstandard1.6) (< xamarinios) (< xamarinmac) (< xamarintvos) (< xamarinwatchos))
      System.Security.Cryptography.Algorithms (>= 4.3) - restriction: && (< monotouch) (< net46) (>= netstandard1.6) (< xamarinios) (< xamarinmac) (< xamarintvos) (< xamarinwatchos)
      System.Security.Cryptography.Encoding (>= 4.3) - restriction: || (&& (< monoandroid) (< net46) (>= netstandard1.3) (< netstandard1.6)) (&& (< monotouch) (< net46) (>= netstandard1.6) (< xamarinios) (< xamarinmac) (< xamarintvos) (< xamarinwatchos))
      System.Security.Cryptography.OpenSsl (>= 4.3) - restriction: && (< monotouch) (< net46) (>= netstandard1.6) (< xamarinios) (< xamarinmac) (< xamarintvos) (< xamarinwatchos)
      System.Security.Cryptography.Primitives (>= 4.3) - restriction: || (&& (< monoandroid) (< net46) (>= netstandard1.3) (< netstandard1.6)) (&& (< monotouch) (< net46) (>= netstandard1.6) (< xamarinios) (< xamarinmac) (< xamarintvos) (< xamarinwatchos))
      System.Security.Cryptography.X509Certificates (>= 4.3) - restriction: || (&& (< monoandroid) (>= netstandard1.3) (< netstandard1.6)) (&& (< monotouch) (>= netstandard1.6) (< xamarinios) (< xamarinmac) (< xamarintvos) (< xamarinwatchos)) (>= net46)
      System.Security.Principal (>= 4.3) - restriction: || (&& (< monoandroid) (< net46) (>= netstandard1.3) (< netstandard1.6)) (&& (< monotouch) (< net46) (>= netstandard1.6) (< xamarinios) (< xamarinmac) (< xamarintvos) (< xamarinwatchos))
      System.Text.Encoding (>= 4.3) - restriction: && (< monotouch) (< net46) (>= netstandard1.6) (< xamarinios) (< xamarinmac) (< xamarintvos) (< xamarinwatchos)
      System.Threading (>= 4.3) - restriction: || (&& (< monoandroid) (< net46) (>= netstandard1.3) (< netstandard1.6)) (&& (< monotouch) (< net46) (>= netstandard1.6) (< xamarinios) (< xamarinmac) (< xamarintvos) (< xamarinwatchos))
      System.Threading.Tasks (>= 4.3) - restriction: || (&& (< monoandroid) (< net46) (>= netstandard1.3) (< netstandard1.6)) (&& (< monotouch) (< net46) (>= netstandard1.6) (< xamarinios) (< xamarinmac) (< xamarintvos) (< xamarinwatchos))
      System.Threading.ThreadPool (>= 4.3) - restriction: || (&& (< monoandroid) (< net46) (>= netstandard1.3) (< netstandard1.6)) (&& (< monotouch) (< net46) (>= netstandard1.6) (< xamarinios) (< xamarinmac) (< xamarintvos) (< xamarinwatchos))
    System.Net.WebHeaderCollection (4.3) - restriction: && (< monoandroid) (>= netstandard2.1) (< xamarinios) (< xamarinmac) (< xamarintvos) (< xamarinwatchos)
      System.Collections (>= 4.3) - restriction: && (< monoandroid) (< monotouch) (< net46) (>= netstandard1.3) (< xamarinios) (< xamarinmac) (< xamarintvos) (< xamarinwatchos)
      System.Resources.ResourceManager (>= 4.3) - restriction: && (< monoandroid) (< monotouch) (< net46) (>= netstandard1.3) (< xamarinios) (< xamarinmac) (< xamarintvos) (< xamarinwatchos)
      System.Runtime (>= 4.3) - restriction: && (< monoandroid) (< monotouch) (< net46) (>= netstandard1.3) (< xamarinios) (< xamarinmac) (< xamarintvos) (< xamarinwatchos)
      System.Runtime.Extensions (>= 4.3) - restriction: && (< monoandroid) (< monotouch) (< net46) (>= netstandard1.3) (< xamarinios) (< xamarinmac) (< xamarintvos) (< xamarinwatchos)
    System.Numerics.Vectors (4.5) - restriction: && (< netcoreapp2.0) (>= netstandard2.1) (< xamarinios) (< xamarinmac) (< xamarintvos) (< xamarinwatchos)
    System.ObjectModel (4.3) - restriction: && (>= netstandard2.1) (< xamarinios) (< xamarinmac) (< xamarintvos) (< xamarinwatchos)
      System.Collections (>= 4.3) - restriction: && (< monoandroid) (< monotouch) (< net45) (>= netstandard1.3) (< win8) (< wpa81) (< xamarinios) (< xamarinmac) (< xamarintvos) (< xamarinwatchos)
      System.Diagnostics.Debug (>= 4.3) - restriction: && (< monoandroid) (< monotouch) (< net45) (>= netstandard1.3) (< win8) (< wpa81) (< xamarinios) (< xamarinmac) (< xamarintvos) (< xamarinwatchos)
      System.Resources.ResourceManager (>= 4.3) - restriction: && (< monoandroid) (< monotouch) (< net45) (>= netstandard1.3) (< win8) (< wpa81) (< xamarinios) (< xamarinmac) (< xamarintvos) (< xamarinwatchos)
      System.Runtime (>= 4.3) - restriction: || (&& (< monoandroid) (< monotouch) (< net45) (>= netstandard1.3) (< win8) (< wpa81) (< xamarinios) (< xamarinmac) (< xamarintvos) (< xamarinwatchos)) (&& (< monoandroid) (< net45) (>= netstandard1.0) (< netstandard1.3) (< win8) (< wp8) (< wpa81))
      System.Threading (>= 4.3) - restriction: && (< monoandroid) (< monotouch) (< net45) (>= netstandard1.3) (< win8) (< wpa81) (< xamarinios) (< xamarinmac) (< xamarintvos) (< xamarinwatchos)
    System.Reflection (4.3) - restriction: || (&& (< monoandroid) (< netstandard1.3) (>= netstandard2.1)) (&& (< monoandroid) (< netstandard1.6) (>= netstandard2.1)) (&& (>= netstandard2.1) (< xamarinios) (< xamarinmac) (< xamarintvos) (< xamarinwatchos))
      Microsoft.NETCore.Platforms (>= 1.1) - restriction: || (&& (< monoandroid) (< net45) (>= netstandard1.0) (< netstandard1.3) (< win8) (< wp8) (< wpa81)) (&& (< monoandroid) (< net45) (>= netstandard1.3) (< netstandard1.5) (< win8) (< wpa81)) (&& (< monotouch) (< net45) (>= netstandard1.5) (< win8) (< wpa81) (< xamarinios) (< xamarinmac) (< xamarintvos) (< xamarinwatchos))
      Microsoft.NETCore.Targets (>= 1.1) - restriction: || (&& (< monoandroid) (< net45) (>= netstandard1.0) (< netstandard1.3) (< win8) (< wp8) (< wpa81)) (&& (< monoandroid) (< net45) (>= netstandard1.3) (< netstandard1.5) (< win8) (< wpa81)) (&& (< monotouch) (< net45) (>= netstandard1.5) (< win8) (< wpa81) (< xamarinios) (< xamarinmac) (< xamarintvos) (< xamarinwatchos))
      System.IO (>= 4.3) - restriction: || (&& (< monoandroid) (< net45) (>= netstandard1.0) (< netstandard1.3) (< win8) (< wp8) (< wpa81)) (&& (< monoandroid) (< net45) (>= netstandard1.3) (< netstandard1.5) (< win8) (< wpa81)) (&& (< monotouch) (< net45) (>= netstandard1.5) (< win8) (< wpa81) (< xamarinios) (< xamarinmac) (< xamarintvos) (< xamarinwatchos))
      System.Reflection.Primitives (>= 4.3) - restriction: || (&& (< monoandroid) (< net45) (>= netstandard1.0) (< netstandard1.3) (< win8) (< wp8) (< wpa81)) (&& (< monoandroid) (< net45) (>= netstandard1.3) (< netstandard1.5) (< win8) (< wpa81)) (&& (< monotouch) (< net45) (>= netstandard1.5) (< win8) (< wpa81) (< xamarinios) (< xamarinmac) (< xamarintvos) (< xamarinwatchos))
      System.Runtime (>= 4.3) - restriction: || (&& (< monoandroid) (< net45) (>= netstandard1.0) (< netstandard1.3) (< win8) (< wp8) (< wpa81)) (&& (< monoandroid) (< net45) (>= netstandard1.3) (< netstandard1.5) (< win8) (< wpa81)) (&& (< monotouch) (< net45) (>= netstandard1.5) (< win8) (< wpa81) (< xamarinios) (< xamarinmac) (< xamarintvos) (< xamarinwatchos))
    System.Reflection.Emit (4.7) - restriction: >= netstandard2.1
    System.Reflection.Emit.ILGeneration (4.7) - restriction: && (>= netstandard2.1) (< xamarinios) (< xamarinmac) (< xamarintvos) (< xamarinwatchos)
    System.Reflection.Emit.Lightweight (4.7) - restriction: && (>= netstandard2.1) (< xamarinios) (< xamarinmac) (< xamarintvos) (< xamarinwatchos)
    System.Reflection.Extensions (4.3) - restriction: && (>= netstandard2.1) (< xamarinios) (< xamarinmac) (< xamarintvos) (< xamarinwatchos)
      Microsoft.NETCore.Platforms (>= 1.1) - restriction: && (< monoandroid) (< monotouch) (< net45) (>= netstandard1.0) (< win8) (< wp8) (< wpa81) (< xamarinios) (< xamarinmac) (< xamarintvos) (< xamarinwatchos)
      Microsoft.NETCore.Targets (>= 1.1) - restriction: && (< monoandroid) (< monotouch) (< net45) (>= netstandard1.0) (< win8) (< wp8) (< wpa81) (< xamarinios) (< xamarinmac) (< xamarintvos) (< xamarinwatchos)
      System.Reflection (>= 4.3) - restriction: && (< monoandroid) (< monotouch) (< net45) (>= netstandard1.0) (< win8) (< wp8) (< wpa81) (< xamarinios) (< xamarinmac) (< xamarintvos) (< xamarinwatchos)
      System.Runtime (>= 4.3) - restriction: && (< monoandroid) (< monotouch) (< net45) (>= netstandard1.0) (< win8) (< wp8) (< wpa81) (< xamarinios) (< xamarinmac) (< xamarintvos) (< xamarinwatchos)
    System.Reflection.Metadata (6.0.1) - restriction: >= netstandard2.1
      System.Collections.Immutable (>= 6.0) - restriction: || (>= net461) (>= netstandard2.0)
    System.Reflection.Primitives (4.3) - restriction: && (>= netstandard2.1) (< xamarinios) (< xamarinmac) (< xamarintvos) (< xamarinwatchos)
      Microsoft.NETCore.Platforms (>= 1.1) - restriction: && (< monoandroid) (< monotouch) (< net45) (>= netstandard1.0) (< win8) (< wp8) (< wpa81) (< xamarinios) (< xamarinmac) (< xamarintvos) (< xamarinwatchos)
      Microsoft.NETCore.Targets (>= 1.1) - restriction: && (< monoandroid) (< monotouch) (< net45) (>= netstandard1.0) (< win8) (< wp8) (< wpa81) (< xamarinios) (< xamarinmac) (< xamarintvos) (< xamarinwatchos)
      System.Runtime (>= 4.3) - restriction: && (< monoandroid) (< monotouch) (< net45) (>= netstandard1.0) (< win8) (< wp8) (< wpa81) (< xamarinios) (< xamarinmac) (< xamarintvos) (< xamarinwatchos)
    System.Reflection.TypeExtensions (4.7) - restriction: >= netstandard2.1
    System.Resources.Extensions (6.0) - restriction: >= netstandard2.1
      System.Memory (>= 4.5.4) - restriction: || (>= net461) (&& (< net6.0) (>= netstandard2.0))
    System.Resources.ResourceManager (4.3) - restriction: || (&& (< monoandroid) (< netstandard1.6) (>= netstandard2.1)) (&& (>= netstandard2.1) (< xamarinios) (< xamarinmac) (< xamarintvos) (< xamarinwatchos))
      Microsoft.NETCore.Platforms (>= 1.1) - restriction: && (< monoandroid) (< monotouch) (< net45) (>= netstandard1.0) (< win8) (< wp8) (< wpa81) (< xamarinios) (< xamarinmac) (< xamarintvos) (< xamarinwatchos)
      Microsoft.NETCore.Targets (>= 1.1) - restriction: && (< monoandroid) (< monotouch) (< net45) (>= netstandard1.0) (< win8) (< wp8) (< wpa81) (< xamarinios) (< xamarinmac) (< xamarintvos) (< xamarinwatchos)
      System.Globalization (>= 4.3) - restriction: && (< monoandroid) (< monotouch) (< net45) (>= netstandard1.0) (< win8) (< wp8) (< wpa81) (< xamarinios) (< xamarinmac) (< xamarintvos) (< xamarinwatchos)
      System.Reflection (>= 4.3) - restriction: && (< monoandroid) (< monotouch) (< net45) (>= netstandard1.0) (< win8) (< wp8) (< wpa81) (< xamarinios) (< xamarinmac) (< xamarintvos) (< xamarinwatchos)
      System.Runtime (>= 4.3) - restriction: && (< monoandroid) (< monotouch) (< net45) (>= netstandard1.0) (< win8) (< wp8) (< wpa81) (< xamarinios) (< xamarinmac) (< xamarintvos) (< xamarinwatchos)
    System.Runtime (4.3.1) - restriction: >= netstandard2.1
      Microsoft.NETCore.Platforms (>= 1.1.1) - restriction: || (&& (< monoandroid) (< net45) (>= netstandard1.0) (< netstandard1.2) (< win8) (< wp8)) (&& (< monoandroid) (< net45) (>= netstandard1.2) (< netstandard1.3) (< win8) (< wpa81)) (&& (< monoandroid) (< net45) (>= netstandard1.3) (< netstandard1.5) (< win8) (< wpa81)) (&& (< monotouch) (< net45) (>= netstandard1.5) (< win8) (< wpa81) (< xamarinios) (< xamarinmac) (< xamarintvos) (< xamarinwatchos))
      Microsoft.NETCore.Targets (>= 1.1.3) - restriction: || (&& (< monoandroid) (< net45) (>= netstandard1.0) (< netstandard1.2) (< win8) (< wp8)) (&& (< monoandroid) (< net45) (>= netstandard1.2) (< netstandard1.3) (< win8) (< wpa81)) (&& (< monoandroid) (< net45) (>= netstandard1.3) (< netstandard1.5) (< win8) (< wpa81)) (&& (< monotouch) (< net45) (>= netstandard1.5) (< win8) (< wpa81) (< xamarinios) (< xamarinmac) (< xamarintvos) (< xamarinwatchos))
    System.Runtime.CompilerServices.Unsafe (6.0) - restriction: >= netstandard2.1
    System.Runtime.Extensions (4.3.1) - restriction: || (&& (< monoandroid) (< netstandard1.6) (>= netstandard2.1)) (&& (>= netstandard2.1) (< xamarinios) (< xamarinmac) (< xamarintvos) (< xamarinwatchos))
      Microsoft.NETCore.Platforms (>= 1.1.1) - restriction: || (&& (< monoandroid) (< net45) (>= netstandard1.0) (< netstandard1.3) (< win8) (< wp8) (< wpa81)) (&& (< monoandroid) (< net45) (>= netstandard1.3) (< netstandard1.5) (< win8) (< wpa81)) (&& (< monotouch) (< net45) (>= netstandard1.5) (< win8) (< wpa81) (< xamarinios) (< xamarinmac) (< xamarintvos) (< xamarinwatchos))
      Microsoft.NETCore.Targets (>= 1.1.3) - restriction: || (&& (< monoandroid) (< net45) (>= netstandard1.0) (< netstandard1.3) (< win8) (< wp8) (< wpa81)) (&& (< monoandroid) (< net45) (>= netstandard1.3) (< netstandard1.5) (< win8) (< wpa81)) (&& (< monotouch) (< net45) (>= netstandard1.5) (< win8) (< wpa81) (< xamarinios) (< xamarinmac) (< xamarintvos) (< xamarinwatchos))
      System.Runtime (>= 4.3.1) - restriction: || (&& (< monoandroid) (< net45) (>= netstandard1.0) (< netstandard1.3) (< win8) (< wp8) (< wpa81)) (&& (< monoandroid) (< net45) (>= netstandard1.3) (< netstandard1.5) (< win8) (< wpa81)) (&& (< monotouch) (< net45) (>= netstandard1.5) (< win8) (< wpa81) (< xamarinios) (< xamarinmac) (< xamarintvos) (< xamarinwatchos))
    System.Runtime.Handles (4.3) - restriction: || (&& (< monoandroid) (< netstandard1.6) (>= netstandard2.1)) (&& (>= netstandard2.1) (< xamarinios) (< xamarinmac) (< xamarintvos) (< xamarinwatchos))
      Microsoft.NETCore.Platforms (>= 1.1) - restriction: && (< monoandroid) (< monotouch) (< net46) (>= netstandard1.3) (< xamarinios) (< xamarinmac) (< xamarintvos) (< xamarinwatchos)
      Microsoft.NETCore.Targets (>= 1.1) - restriction: && (< monoandroid) (< monotouch) (< net46) (>= netstandard1.3) (< xamarinios) (< xamarinmac) (< xamarintvos) (< xamarinwatchos)
      System.Runtime (>= 4.3) - restriction: && (< monoandroid) (< monotouch) (< net46) (>= netstandard1.3) (< xamarinios) (< xamarinmac) (< xamarintvos) (< xamarinwatchos)
    System.Runtime.InteropServices (4.3) - restriction: >= netstandard2.1
      Microsoft.NETCore.Platforms (>= 1.1) - restriction: || (&& (< monoandroid) (< net45) (>= netstandard1.1) (< netstandard1.2) (< win8)) (&& (< monoandroid) (< net45) (>= netstandard1.2) (< netstandard1.3) (< win8) (< wpa81)) (&& (< monoandroid) (< net45) (>= netstandard1.3) (< netstandard1.5) (< win8) (< wpa81)) (&& (< monotouch) (< net45) (< netcoreapp1.1) (>= netstandard1.5) (< win8) (< wpa81) (< xamarinios) (< xamarinmac) (< xamarintvos) (< xamarinwatchos)) (&& (>= netcoreapp1.1) (< xamarinios) (< xamarinmac) (< xamarintvos) (< xamarinwatchos))
      Microsoft.NETCore.Targets (>= 1.1) - restriction: || (&& (< monoandroid) (< net45) (>= netstandard1.1) (< netstandard1.2) (< win8)) (&& (< monoandroid) (< net45) (>= netstandard1.2) (< netstandard1.3) (< win8) (< wpa81)) (&& (< monoandroid) (< net45) (>= netstandard1.3) (< netstandard1.5) (< win8) (< wpa81)) (&& (< monotouch) (< net45) (< netcoreapp1.1) (>= netstandard1.5) (< win8) (< wpa81) (< xamarinios) (< xamarinmac) (< xamarintvos) (< xamarinwatchos)) (&& (>= netcoreapp1.1) (< xamarinios) (< xamarinmac) (< xamarintvos) (< xamarinwatchos))
      System.Reflection (>= 4.3) - restriction: || (&& (< monoandroid) (< net45) (>= netstandard1.1) (< netstandard1.2) (< win8)) (&& (< monoandroid) (< net45) (>= netstandard1.2) (< netstandard1.3) (< win8) (< wpa81)) (&& (< monoandroid) (< net45) (>= netstandard1.3) (< netstandard1.5) (< win8) (< wpa81)) (&& (< monotouch) (< net45) (< netcoreapp1.1) (>= netstandard1.5) (< win8) (< wpa81) (< xamarinios) (< xamarinmac) (< xamarintvos) (< xamarinwatchos)) (&& (>= netcoreapp1.1) (< xamarinios) (< xamarinmac) (< xamarintvos) (< xamarinwatchos))
      System.Reflection.Primitives (>= 4.3) - restriction: || (&& (< monoandroid) (< net45) (>= netstandard1.1) (< netstandard1.2) (< win8)) (&& (< monoandroid) (< net45) (>= netstandard1.2) (< netstandard1.3) (< win8) (< wpa81)) (&& (< monoandroid) (< net45) (>= netstandard1.3) (< netstandard1.5) (< win8) (< wpa81)) (&& (< monotouch) (< net45) (< netcoreapp1.1) (>= netstandard1.5) (< win8) (< wpa81) (< xamarinios) (< xamarinmac) (< xamarintvos) (< xamarinwatchos)) (&& (>= netcoreapp1.1) (< xamarinios) (< xamarinmac) (< xamarintvos) (< xamarinwatchos))
      System.Runtime (>= 4.3) - restriction: || (&& (< monoandroid) (< net45) (>= netstandard1.1) (< netstandard1.2) (< win8)) (&& (< monoandroid) (< net45) (>= netstandard1.2) (< netstandard1.3) (< win8) (< wpa81)) (&& (< monoandroid) (< net45) (>= netstandard1.3) (< netstandard1.5) (< win8) (< wpa81)) (&& (< monotouch) (< net45) (< netcoreapp1.1) (>= netstandard1.5) (< win8) (< wpa81) (< xamarinios) (< xamarinmac) (< xamarintvos) (< xamarinwatchos)) (>= net462) (&& (>= netcoreapp1.1) (< xamarinios) (< xamarinmac) (< xamarintvos) (< xamarinwatchos))
      System.Runtime.Handles (>= 4.3) - restriction: || (&& (< monoandroid) (< net45) (>= netstandard1.3) (< netstandard1.5) (< win8) (< wpa81)) (&& (< monotouch) (< net45) (< netcoreapp1.1) (>= netstandard1.5) (< win8) (< wpa81) (< xamarinios) (< xamarinmac) (< xamarintvos) (< xamarinwatchos)) (&& (>= netcoreapp1.1) (< xamarinios) (< xamarinmac) (< xamarintvos) (< xamarinwatchos))
    System.Runtime.Loader (4.3) - restriction: >= netstandard2.1
      System.IO (>= 4.3) - restriction: && (< monotouch) (< net462) (>= netstandard1.5) (< xamarinios) (< xamarinmac) (< xamarintvos) (< xamarinwatchos)
      System.Reflection (>= 4.3) - restriction: && (< monotouch) (< net462) (>= netstandard1.5) (< xamarinios) (< xamarinmac) (< xamarintvos) (< xamarinwatchos)
      System.Runtime (>= 4.3) - restriction: && (< monotouch) (< net462) (>= netstandard1.5) (< xamarinios) (< xamarinmac) (< xamarintvos) (< xamarinwatchos)
    System.Runtime.Numerics (4.3) - restriction: && (>= netstandard2.1) (< xamarinios) (< xamarinmac) (< xamarintvos) (< xamarinwatchos)
      System.Globalization (>= 4.3) - restriction: && (< monoandroid) (< monotouch) (< net45) (>= netstandard1.3) (< win8) (< wpa81) (< xamarinios) (< xamarinmac) (< xamarintvos) (< xamarinwatchos)
      System.Resources.ResourceManager (>= 4.3) - restriction: && (< monoandroid) (< monotouch) (< net45) (>= netstandard1.3) (< win8) (< wpa81) (< xamarinios) (< xamarinmac) (< xamarintvos) (< xamarinwatchos)
      System.Runtime (>= 4.3) - restriction: || (&& (< monoandroid) (< monotouch) (< net45) (>= netstandard1.3) (< win8) (< wpa81) (< xamarinios) (< xamarinmac) (< xamarintvos) (< xamarinwatchos)) (&& (< monoandroid) (< net45) (>= netstandard1.1) (< netstandard1.3) (< win8) (< wpa81))
      System.Runtime.Extensions (>= 4.3) - restriction: && (< monoandroid) (< monotouch) (< net45) (>= netstandard1.3) (< win8) (< wpa81) (< xamarinios) (< xamarinmac) (< xamarintvos) (< xamarinwatchos)
    System.Security.AccessControl (6.0) - restriction: >= netstandard2.1
      System.Security.Principal.Windows (>= 5.0) - restriction: || (>= net461) (&& (< net6.0) (>= netstandard2.0))
    System.Security.Claims (4.3) - restriction: >= netstandard2.1
      System.Collections (>= 4.3) - restriction: && (< monoandroid) (< monotouch) (< net46) (>= netstandard1.3) (< xamarinios) (< xamarinmac) (< xamarintvos) (< xamarinwatchos)
      System.Globalization (>= 4.3) - restriction: && (< monoandroid) (< monotouch) (< net46) (>= netstandard1.3) (< xamarinios) (< xamarinmac) (< xamarintvos) (< xamarinwatchos)
      System.IO (>= 4.3) - restriction: && (< monoandroid) (< monotouch) (< net46) (>= netstandard1.3) (< xamarinios) (< xamarinmac) (< xamarintvos) (< xamarinwatchos)
      System.Resources.ResourceManager (>= 4.3) - restriction: && (< monoandroid) (< monotouch) (< net46) (>= netstandard1.3) (< xamarinios) (< xamarinmac) (< xamarintvos) (< xamarinwatchos)
      System.Runtime (>= 4.3) - restriction: && (< monoandroid) (< monotouch) (< net46) (>= netstandard1.3) (< xamarinios) (< xamarinmac) (< xamarintvos) (< xamarinwatchos)
      System.Runtime.Extensions (>= 4.3) - restriction: && (< monoandroid) (< monotouch) (< net46) (>= netstandard1.3) (< xamarinios) (< xamarinmac) (< xamarintvos) (< xamarinwatchos)
      System.Security.Principal (>= 4.3) - restriction: && (< monoandroid) (< monotouch) (< net46) (>= netstandard1.3) (< xamarinios) (< xamarinmac) (< xamarintvos) (< xamarinwatchos)
    System.Security.Cryptography.Algorithms (4.3.1) - restriction: >= netstandard2.1
      Microsoft.NETCore.Platforms (>= 1.1) - restriction: && (< monotouch) (< net46) (>= netstandard1.6) (< xamarinios) (< xamarinmac) (< xamarintvos) (< xamarinwatchos)
      runtime.native.System.Security.Cryptography.Apple (>= 4.3.1) - restriction: && (< monotouch) (< net46) (>= netstandard1.6) (< xamarinios) (< xamarinmac) (< xamarintvos) (< xamarinwatchos)
      runtime.native.System.Security.Cryptography.OpenSsl (>= 4.3.2) - restriction: && (< monotouch) (< net46) (>= netstandard1.6) (< xamarinios) (< xamarinmac) (< xamarintvos) (< xamarinwatchos)
      System.Collections (>= 4.3) - restriction: && (< monotouch) (< net46) (>= netstandard1.6) (< xamarinios) (< xamarinmac) (< xamarintvos) (< xamarinwatchos)
      System.IO (>= 4.3) - restriction: || (&& (< monoandroid) (< net46) (>= netstandard1.3) (< netstandard1.4)) (&& (< monoandroid) (< net46) (>= netstandard1.4) (< netstandard1.6)) (&& (< monotouch) (< net46) (>= netstandard1.6) (< xamarinios) (< xamarinmac) (< xamarintvos) (< xamarinwatchos)) (>= net463)
      System.Resources.ResourceManager (>= 4.3) - restriction: && (< monotouch) (< net46) (>= netstandard1.6) (< xamarinios) (< xamarinmac) (< xamarintvos) (< xamarinwatchos)
      System.Runtime (>= 4.3) - restriction: || (&& (< monoandroid) (< net46) (>= netstandard1.3) (< netstandard1.4)) (&& (< monoandroid) (< net46) (>= netstandard1.4) (< netstandard1.6)) (&& (< monotouch) (< net46) (>= netstandard1.6) (< xamarinios) (< xamarinmac) (< xamarintvos) (< xamarinwatchos)) (>= net463)
      System.Runtime.Extensions (>= 4.3) - restriction: && (< monotouch) (< net46) (>= netstandard1.6) (< xamarinios) (< xamarinmac) (< xamarintvos) (< xamarinwatchos)
      System.Runtime.Handles (>= 4.3) - restriction: && (< monotouch) (< net46) (>= netstandard1.6) (< xamarinios) (< xamarinmac) (< xamarintvos) (< xamarinwatchos)
      System.Runtime.InteropServices (>= 4.3) - restriction: && (< monotouch) (< net46) (>= netstandard1.6) (< xamarinios) (< xamarinmac) (< xamarintvos) (< xamarinwatchos)
      System.Runtime.Numerics (>= 4.3) - restriction: && (< monotouch) (< net46) (>= netstandard1.6) (< xamarinios) (< xamarinmac) (< xamarintvos) (< xamarinwatchos)
      System.Security.Cryptography.Encoding (>= 4.3) - restriction: || (&& (< monotouch) (< net46) (>= netstandard1.6) (< xamarinios) (< xamarinmac) (< xamarintvos) (< xamarinwatchos)) (>= net463)
      System.Security.Cryptography.Primitives (>= 4.3) - restriction: || (&& (< monoandroid) (< net46) (>= netstandard1.3) (< netstandard1.4)) (&& (< monoandroid) (< net46) (>= netstandard1.4) (< netstandard1.6)) (&& (< monotouch) (< net46) (>= netstandard1.6) (< xamarinios) (< xamarinmac) (< xamarintvos) (< xamarinwatchos)) (&& (>= net46) (< netstandard1.4)) (&& (>= net461) (< netstandard1.6)) (>= net463)
      System.Text.Encoding (>= 4.3) - restriction: && (< monotouch) (< net46) (>= netstandard1.6) (< xamarinios) (< xamarinmac) (< xamarintvos) (< xamarinwatchos)
    System.Security.Cryptography.Cng (5.0) - restriction: || (&& (< monoandroid) (< netstandard1.6) (>= netstandard2.1)) (&& (>= net46) (>= netstandard2.1)) (&& (< net6.0) (>= netcoreapp3.1)) (&& (< netcoreapp3.1) (>= netstandard2.1)) (&& (>= netstandard2.1) (< xamarinios) (< xamarinmac) (< xamarintvos) (< xamarinwatchos))
      System.Formats.Asn1 (>= 5.0) - restriction: && (>= netcoreapp3.0) (< xamarinios) (< xamarinmac) (< xamarintvos) (< xamarinwatchos)
    System.Security.Cryptography.Csp (4.3) - restriction: || (&& (< monoandroid) (< netstandard1.6) (>= netstandard2.1)) (&& (>= net46) (>= netstandard2.1)) (&& (>= netstandard2.1) (< xamarinios) (< xamarinmac) (< xamarintvos) (< xamarinwatchos))
      Microsoft.NETCore.Platforms (>= 1.1) - restriction: && (< monoandroid) (< monotouch) (< net46) (>= netstandard1.3) (< xamarinios) (< xamarinmac) (< xamarintvos) (< xamarinwatchos)
      System.IO (>= 4.3) - restriction: && (< monoandroid) (< monotouch) (< net46) (>= netstandard1.3) (< xamarinios) (< xamarinmac) (< xamarintvos) (< xamarinwatchos)
      System.Reflection (>= 4.3) - restriction: && (< monoandroid) (< monotouch) (< net46) (>= netstandard1.3) (< xamarinios) (< xamarinmac) (< xamarintvos) (< xamarinwatchos)
      System.Resources.ResourceManager (>= 4.3) - restriction: && (< monoandroid) (< monotouch) (< net46) (>= netstandard1.3) (< xamarinios) (< xamarinmac) (< xamarintvos) (< xamarinwatchos)
      System.Runtime (>= 4.3) - restriction: && (< monoandroid) (< monotouch) (< net46) (>= netstandard1.3) (< xamarinios) (< xamarinmac) (< xamarintvos) (< xamarinwatchos)
      System.Runtime.Extensions (>= 4.3) - restriction: && (< monoandroid) (< monotouch) (< net46) (>= netstandard1.3) (< xamarinios) (< xamarinmac) (< xamarintvos) (< xamarinwatchos)
      System.Runtime.Handles (>= 4.3) - restriction: && (< monoandroid) (< monotouch) (< net46) (>= netstandard1.3) (< xamarinios) (< xamarinmac) (< xamarintvos) (< xamarinwatchos)
      System.Runtime.InteropServices (>= 4.3) - restriction: && (< monoandroid) (< monotouch) (< net46) (>= netstandard1.3) (< xamarinios) (< xamarinmac) (< xamarintvos) (< xamarinwatchos)
      System.Security.Cryptography.Algorithms (>= 4.3) - restriction: || (&& (< monoandroid) (< monotouch) (>= netstandard1.3) (< xamarinios) (< xamarinmac) (< xamarintvos) (< xamarinwatchos)) (>= net46)
      System.Security.Cryptography.Encoding (>= 4.3) - restriction: && (< monoandroid) (< monotouch) (< net46) (>= netstandard1.3) (< xamarinios) (< xamarinmac) (< xamarintvos) (< xamarinwatchos)
      System.Security.Cryptography.Primitives (>= 4.3) - restriction: || (&& (< monoandroid) (< monotouch) (>= netstandard1.3) (< xamarinios) (< xamarinmac) (< xamarintvos) (< xamarinwatchos)) (>= net46)
      System.Text.Encoding (>= 4.3) - restriction: && (< monoandroid) (< monotouch) (< net46) (>= netstandard1.3) (< xamarinios) (< xamarinmac) (< xamarintvos) (< xamarinwatchos)
      System.Threading (>= 4.3) - restriction: && (< monoandroid) (< monotouch) (< net46) (>= netstandard1.3) (< xamarinios) (< xamarinmac) (< xamarintvos) (< xamarinwatchos)
    System.Security.Cryptography.Encoding (4.3) - restriction: || (&& (< monoandroid) (< netstandard1.6) (>= netstandard2.1)) (&& (>= netstandard2.1) (< xamarinios) (< xamarinmac) (< xamarintvos) (< xamarinwatchos))
      Microsoft.NETCore.Platforms (>= 1.1) - restriction: && (< monoandroid) (< monotouch) (< net46) (>= netstandard1.3) (< xamarinios) (< xamarinmac) (< xamarintvos) (< xamarinwatchos)
      runtime.native.System.Security.Cryptography.OpenSsl (>= 4.3) - restriction: && (< monoandroid) (< monotouch) (< net46) (>= netstandard1.3) (< xamarinios) (< xamarinmac) (< xamarintvos) (< xamarinwatchos)
      System.Collections (>= 4.3) - restriction: && (< monoandroid) (< monotouch) (< net46) (>= netstandard1.3) (< xamarinios) (< xamarinmac) (< xamarintvos) (< xamarinwatchos)
      System.Collections.Concurrent (>= 4.3) - restriction: && (< monoandroid) (< monotouch) (< net46) (>= netstandard1.3) (< xamarinios) (< xamarinmac) (< xamarintvos) (< xamarinwatchos)
      System.Linq (>= 4.3) - restriction: && (< monoandroid) (< monotouch) (< net46) (>= netstandard1.3) (< xamarinios) (< xamarinmac) (< xamarintvos) (< xamarinwatchos)
      System.Resources.ResourceManager (>= 4.3) - restriction: && (< monoandroid) (< monotouch) (< net46) (>= netstandard1.3) (< xamarinios) (< xamarinmac) (< xamarintvos) (< xamarinwatchos)
      System.Runtime (>= 4.3) - restriction: && (< monoandroid) (< monotouch) (< net46) (>= netstandard1.3) (< xamarinios) (< xamarinmac) (< xamarintvos) (< xamarinwatchos)
      System.Runtime.Extensions (>= 4.3) - restriction: && (< monoandroid) (< monotouch) (< net46) (>= netstandard1.3) (< xamarinios) (< xamarinmac) (< xamarintvos) (< xamarinwatchos)
      System.Runtime.Handles (>= 4.3) - restriction: && (< monoandroid) (< monotouch) (< net46) (>= netstandard1.3) (< xamarinios) (< xamarinmac) (< xamarintvos) (< xamarinwatchos)
      System.Runtime.InteropServices (>= 4.3) - restriction: && (< monoandroid) (< monotouch) (< net46) (>= netstandard1.3) (< xamarinios) (< xamarinmac) (< xamarintvos) (< xamarinwatchos)
      System.Security.Cryptography.Primitives (>= 4.3) - restriction: && (< monoandroid) (< monotouch) (< net46) (>= netstandard1.3) (< xamarinios) (< xamarinmac) (< xamarintvos) (< xamarinwatchos)
      System.Text.Encoding (>= 4.3) - restriction: && (< monoandroid) (< monotouch) (< net46) (>= netstandard1.3) (< xamarinios) (< xamarinmac) (< xamarintvos) (< xamarinwatchos)
    System.Security.Cryptography.OpenSsl (5.0) - restriction: && (>= netstandard2.1) (< xamarinios) (< xamarinmac) (< xamarintvos) (< xamarinwatchos)
      System.Formats.Asn1 (>= 5.0) - restriction: >= netcoreapp3.0
    System.Security.Cryptography.Pkcs (6.0.1) - restriction: >= netstandard2.1
      System.Formats.Asn1 (>= 6.0) - restriction: || (&& (< net461) (>= netstandard2.0)) (>= netstandard2.1)
      System.Security.Cryptography.Cng (>= 5.0) - restriction: || (&& (< net461) (>= netstandard2.0) (< netstandard2.1)) (&& (< net6.0) (>= netcoreapp3.1)) (&& (< netcoreapp3.1) (>= netstandard2.1))
    System.Security.Cryptography.Primitives (4.3) - restriction: || (&& (< monoandroid) (< netstandard1.6) (>= netstandard2.1)) (&& (>= netstandard2.1) (< xamarinios) (< xamarinmac) (< xamarintvos) (< xamarinwatchos))
      System.Diagnostics.Debug (>= 4.3) - restriction: && (< monoandroid) (< monotouch) (< net46) (>= netstandard1.3) (< xamarinios) (< xamarinmac) (< xamarintvos) (< xamarinwatchos)
      System.Globalization (>= 4.3) - restriction: && (< monoandroid) (< monotouch) (< net46) (>= netstandard1.3) (< xamarinios) (< xamarinmac) (< xamarintvos) (< xamarinwatchos)
      System.IO (>= 4.3) - restriction: && (< monoandroid) (< monotouch) (< net46) (>= netstandard1.3) (< xamarinios) (< xamarinmac) (< xamarintvos) (< xamarinwatchos)
      System.Resources.ResourceManager (>= 4.3) - restriction: && (< monoandroid) (< monotouch) (< net46) (>= netstandard1.3) (< xamarinios) (< xamarinmac) (< xamarintvos) (< xamarinwatchos)
      System.Runtime (>= 4.3) - restriction: && (< monoandroid) (< monotouch) (< net46) (>= netstandard1.3) (< xamarinios) (< xamarinmac) (< xamarintvos) (< xamarinwatchos)
      System.Threading (>= 4.3) - restriction: && (< monoandroid) (< monotouch) (< net46) (>= netstandard1.3) (< xamarinios) (< xamarinmac) (< xamarintvos) (< xamarinwatchos)
      System.Threading.Tasks (>= 4.3) - restriction: && (< monoandroid) (< monotouch) (< net46) (>= netstandard1.3) (< xamarinios) (< xamarinmac) (< xamarintvos) (< xamarinwatchos)
    System.Security.Cryptography.ProtectedData (6.0) - restriction: >= netstandard2.1
      System.Memory (>= 4.5.4) - restriction: && (< net461) (< net6.0) (>= netstandard2.0)
    System.Security.Cryptography.X509Certificates (4.3.2) - restriction: || (&& (< monoandroid) (< netstandard1.6) (>= netstandard2.1)) (&& (>= net46) (>= netstandard2.1)) (&& (>= netstandard2.1) (< xamarinios) (< xamarinmac) (< xamarintvos) (< xamarinwatchos))
      Microsoft.NETCore.Platforms (>= 1.1) - restriction: && (< monotouch) (< net46) (>= netstandard1.6) (< xamarinios) (< xamarinmac) (< xamarintvos) (< xamarinwatchos)
      runtime.native.System (>= 4.3) - restriction: && (< monotouch) (< net46) (>= netstandard1.6) (< xamarinios) (< xamarinmac) (< xamarintvos) (< xamarinwatchos)
      runtime.native.System.Net.Http (>= 4.3) - restriction: && (< monotouch) (< net46) (>= netstandard1.6) (< xamarinios) (< xamarinmac) (< xamarintvos) (< xamarinwatchos)
      runtime.native.System.Security.Cryptography.OpenSsl (>= 4.3.2) - restriction: && (< monotouch) (< net46) (>= netstandard1.6) (< xamarinios) (< xamarinmac) (< xamarintvos) (< xamarinwatchos)
      System.Collections (>= 4.3) - restriction: && (< monotouch) (< net46) (>= netstandard1.6) (< xamarinios) (< xamarinmac) (< xamarintvos) (< xamarinwatchos)
      System.Diagnostics.Debug (>= 4.3) - restriction: && (< monotouch) (< net46) (>= netstandard1.6) (< xamarinios) (< xamarinmac) (< xamarintvos) (< xamarinwatchos)
      System.Globalization (>= 4.3) - restriction: && (< monotouch) (< net46) (>= netstandard1.6) (< xamarinios) (< xamarinmac) (< xamarintvos) (< xamarinwatchos)
      System.Globalization.Calendars (>= 4.3) - restriction: && (< monotouch) (< net46) (>= netstandard1.6) (< xamarinios) (< xamarinmac) (< xamarintvos) (< xamarinwatchos)
      System.IO (>= 4.3) - restriction: && (< monotouch) (< net46) (>= netstandard1.6) (< xamarinios) (< xamarinmac) (< xamarintvos) (< xamarinwatchos)
      System.IO.FileSystem (>= 4.3) - restriction: && (< monotouch) (< net46) (>= netstandard1.6) (< xamarinios) (< xamarinmac) (< xamarintvos) (< xamarinwatchos)
      System.IO.FileSystem.Primitives (>= 4.3) - restriction: && (< monotouch) (< net46) (>= netstandard1.6) (< xamarinios) (< xamarinmac) (< xamarintvos) (< xamarinwatchos)
      System.Resources.ResourceManager (>= 4.3) - restriction: && (< monotouch) (< net46) (>= netstandard1.6) (< xamarinios) (< xamarinmac) (< xamarintvos) (< xamarinwatchos)
      System.Runtime (>= 4.3) - restriction: || (&& (< monoandroid) (< net46) (>= netstandard1.3) (< netstandard1.4)) (&& (< monoandroid) (< net46) (>= netstandard1.4) (< netstandard1.6)) (&& (< monotouch) (< net46) (>= netstandard1.6) (< xamarinios) (< xamarinmac) (< xamarintvos) (< xamarinwatchos))
      System.Runtime.Extensions (>= 4.3) - restriction: && (< monotouch) (< net46) (>= netstandard1.6) (< xamarinios) (< xamarinmac) (< xamarintvos) (< xamarinwatchos)
      System.Runtime.Handles (>= 4.3) - restriction: || (&& (< monoandroid) (< net46) (>= netstandard1.3) (< netstandard1.4)) (&& (< monoandroid) (< net46) (>= netstandard1.4) (< netstandard1.6)) (&& (< monotouch) (< net46) (>= netstandard1.6) (< xamarinios) (< xamarinmac) (< xamarintvos) (< xamarinwatchos))
      System.Runtime.InteropServices (>= 4.3) - restriction: && (< monotouch) (< net46) (>= netstandard1.6) (< xamarinios) (< xamarinmac) (< xamarintvos) (< xamarinwatchos)
      System.Runtime.Numerics (>= 4.3) - restriction: && (< monotouch) (< net46) (>= netstandard1.6) (< xamarinios) (< xamarinmac) (< xamarintvos) (< xamarinwatchos)
      System.Security.Cryptography.Algorithms (>= 4.3) - restriction: || (&& (< monoandroid) (< net46) (>= netstandard1.3) (< netstandard1.4)) (&& (< monoandroid) (< net46) (>= netstandard1.4) (< netstandard1.6)) (&& (< monotouch) (< net46) (>= netstandard1.6) (< xamarinios) (< xamarinmac) (< xamarintvos) (< xamarinwatchos)) (&& (>= net46) (< netstandard1.4)) (>= net461)
      System.Security.Cryptography.Cng (>= 4.3) - restriction: && (< monotouch) (< net46) (>= netstandard1.6) (< xamarinios) (< xamarinmac) (< xamarintvos) (< xamarinwatchos)
      System.Security.Cryptography.Csp (>= 4.3) - restriction: && (< monotouch) (< net46) (>= netstandard1.6) (< xamarinios) (< xamarinmac) (< xamarintvos) (< xamarinwatchos)
      System.Security.Cryptography.Encoding (>= 4.3) - restriction: || (&& (< monoandroid) (< net46) (>= netstandard1.3) (< netstandard1.4)) (&& (< monoandroid) (< net46) (>= netstandard1.4) (< netstandard1.6)) (&& (< monotouch) (< net46) (>= netstandard1.6) (< xamarinios) (< xamarinmac) (< xamarintvos) (< xamarinwatchos)) (&& (>= net46) (< netstandard1.4)) (>= net461)
      System.Security.Cryptography.OpenSsl (>= 4.3) - restriction: && (< monotouch) (< net46) (>= netstandard1.6) (< xamarinios) (< xamarinmac) (< xamarintvos) (< xamarinwatchos)
      System.Security.Cryptography.Primitives (>= 4.3) - restriction: && (< monotouch) (< net46) (>= netstandard1.6) (< xamarinios) (< xamarinmac) (< xamarintvos) (< xamarinwatchos)
      System.Text.Encoding (>= 4.3) - restriction: && (< monotouch) (< net46) (>= netstandard1.6) (< xamarinios) (< xamarinmac) (< xamarintvos) (< xamarinwatchos)
      System.Threading (>= 4.3) - restriction: && (< monotouch) (< net46) (>= netstandard1.6) (< xamarinios) (< xamarinmac) (< xamarintvos) (< xamarinwatchos)
    System.Security.Cryptography.Xml (6.0) - restriction: >= netstandard2.1
      System.Memory (>= 4.5.4) - restriction: && (< net461) (< net6.0) (>= netstandard2.0)
      System.Security.AccessControl (>= 6.0) - restriction: || (>= net461) (>= netstandard2.0)
      System.Security.Cryptography.Pkcs (>= 6.0) - restriction: || (&& (< net461) (>= netstandard2.0)) (>= net6.0)
    System.Security.Permissions (6.0) - restriction: >= netstandard2.1
      System.Security.AccessControl (>= 6.0) - restriction: || (>= net461) (>= netstandard2.0)
      System.Windows.Extensions (>= 6.0) - restriction: >= netcoreapp3.1
    System.Security.Principal (4.3) - restriction: >= netstandard2.1
      System.Runtime (>= 4.3) - restriction: && (< monoandroid) (< monotouch) (< net45) (>= netstandard1.0) (< win8) (< wp8) (< wpa81) (< xamarinios) (< xamarinmac) (< xamarintvos) (< xamarinwatchos)
    System.Security.Principal.Windows (5.0) - restriction: || (&& (>= monoandroid) (< netstandard1.3) (>= netstandard2.1)) (&& (< monoandroid) (>= netcoreapp2.0) (>= netstandard2.1)) (&& (>= monotouch) (>= netstandard2.1)) (&& (>= net461) (>= netstandard2.1)) (&& (< net6.0) (>= netstandard2.1)) (&& (< netcoreapp2.0) (>= netstandard2.1)) (&& (>= netcoreapp2.1) (>= netstandard2.1)) (&& (>= netstandard2.1) (>= uap10.1)) (&& (>= netstandard2.1) (>= xamarintvos)) (&& (>= netstandard2.1) (>= xamarinwatchos)) (>= xamarinios) (>= xamarinmac)
    System.Text.Encoding (4.3) - restriction: && (>= netstandard2.1) (< xamarinios) (< xamarinmac) (< xamarintvos) (< xamarinwatchos)
      Microsoft.NETCore.Platforms (>= 1.1) - restriction: || (&& (< monoandroid) (< monotouch) (< net45) (>= netstandard1.3) (< win8) (< wpa81) (< xamarinios) (< xamarinmac) (< xamarintvos) (< xamarinwatchos)) (&& (< monoandroid) (< net45) (>= netstandard1.0) (< netstandard1.3) (< win8) (< wp8) (< wpa81))
      Microsoft.NETCore.Targets (>= 1.1) - restriction: || (&& (< monoandroid) (< monotouch) (< net45) (>= netstandard1.3) (< win8) (< wpa81) (< xamarinios) (< xamarinmac) (< xamarintvos) (< xamarinwatchos)) (&& (< monoandroid) (< net45) (>= netstandard1.0) (< netstandard1.3) (< win8) (< wp8) (< wpa81))
      System.Runtime (>= 4.3) - restriction: || (&& (< monoandroid) (< monotouch) (< net45) (>= netstandard1.3) (< win8) (< wpa81) (< xamarinios) (< xamarinmac) (< xamarintvos) (< xamarinwatchos)) (&& (< monoandroid) (< net45) (>= netstandard1.0) (< netstandard1.3) (< win8) (< wp8) (< wpa81))
    System.Text.Encoding.CodePages (6.0) - restriction: && (< net6.0) (>= netstandard2.1)
      System.Memory (>= 4.5.4) - restriction: || (>= net461) (&& (< netcoreapp3.1) (>= netstandard2.0))
      System.Runtime.CompilerServices.Unsafe (>= 6.0) - restriction: || (>= net461) (>= netstandard2.0)
    System.Text.Encoding.Extensions (4.3) - restriction: && (>= netstandard2.1) (< xamarinios) (< xamarinmac) (< xamarintvos) (< xamarinwatchos)
      Microsoft.NETCore.Platforms (>= 1.1) - restriction: || (&& (< monoandroid) (< monotouch) (< net45) (>= netstandard1.3) (< win8) (< wpa81) (< xamarinios) (< xamarinmac) (< xamarintvos) (< xamarinwatchos)) (&& (< monoandroid) (< net45) (>= netstandard1.0) (< netstandard1.3) (< win8) (< wp8) (< wpa81))
      Microsoft.NETCore.Targets (>= 1.1) - restriction: || (&& (< monoandroid) (< monotouch) (< net45) (>= netstandard1.3) (< win8) (< wpa81) (< xamarinios) (< xamarinmac) (< xamarintvos) (< xamarinwatchos)) (&& (< monoandroid) (< net45) (>= netstandard1.0) (< netstandard1.3) (< win8) (< wp8) (< wpa81))
      System.Runtime (>= 4.3) - restriction: || (&& (< monoandroid) (< monotouch) (< net45) (>= netstandard1.3) (< win8) (< wpa81) (< xamarinios) (< xamarinmac) (< xamarintvos) (< xamarinwatchos)) (&& (< monoandroid) (< net45) (>= netstandard1.0) (< netstandard1.3) (< win8) (< wp8) (< wpa81))
      System.Text.Encoding (>= 4.3) - restriction: || (&& (< monoandroid) (< monotouch) (< net45) (>= netstandard1.3) (< win8) (< wpa81) (< xamarinios) (< xamarinmac) (< xamarintvos) (< xamarinwatchos)) (&& (< monoandroid) (< net45) (>= netstandard1.0) (< netstandard1.3) (< win8) (< wp8) (< wpa81))
    System.Threading (4.3) - restriction: || (&& (< monoandroid) (< netstandard1.6) (>= netstandard2.1)) (&& (>= netstandard2.1) (< xamarinios) (< xamarinmac) (< xamarintvos) (< xamarinwatchos))
      System.Runtime (>= 4.3) - restriction: || (&& (< monoandroid) (< monotouch) (< net45) (>= netstandard1.3) (< win8) (< wpa81) (< xamarinios) (< xamarinmac) (< xamarintvos) (< xamarinwatchos)) (&& (< monoandroid) (< net45) (>= netstandard1.0) (< netstandard1.3) (< win8) (< wp8) (< wpa81))
      System.Threading.Tasks (>= 4.3) - restriction: || (&& (< monoandroid) (< monotouch) (< net45) (>= netstandard1.3) (< win8) (< wpa81) (< xamarinios) (< xamarinmac) (< xamarintvos) (< xamarinwatchos)) (&& (< monoandroid) (< net45) (>= netstandard1.0) (< netstandard1.3) (< win8) (< wp8) (< wpa81))
    System.Threading.Tasks (4.3) - restriction: || (&& (< monoandroid) (< netstandard1.3) (>= netstandard2.1)) (&& (< monoandroid) (< netstandard1.6) (>= netstandard2.1)) (&& (>= netstandard2.1) (< xamarinios) (< xamarinmac) (< xamarintvos) (< xamarinwatchos))
      Microsoft.NETCore.Platforms (>= 1.1) - restriction: || (&& (< monoandroid) (< monotouch) (< net45) (>= netstandard1.3) (< win8) (< wpa81) (< xamarinios) (< xamarinmac) (< xamarintvos) (< xamarinwatchos)) (&& (< monoandroid) (< net45) (>= netstandard1.0) (< netstandard1.3) (< win8) (< wp8) (< wpa81))
      Microsoft.NETCore.Targets (>= 1.1) - restriction: || (&& (< monoandroid) (< monotouch) (< net45) (>= netstandard1.3) (< win8) (< wpa81) (< xamarinios) (< xamarinmac) (< xamarintvos) (< xamarinwatchos)) (&& (< monoandroid) (< net45) (>= netstandard1.0) (< netstandard1.3) (< win8) (< wp8) (< wpa81))
      System.Runtime (>= 4.3) - restriction: || (&& (< monoandroid) (< monotouch) (< net45) (>= netstandard1.3) (< win8) (< wpa81) (< xamarinios) (< xamarinmac) (< xamarintvos) (< xamarinwatchos)) (&& (< monoandroid) (< net45) (>= netstandard1.0) (< netstandard1.3) (< win8) (< wp8) (< wpa81))
    System.Threading.Tasks.Dataflow (6.0) - restriction: >= netstandard2.1
    System.Threading.Tasks.Parallel (4.3) - restriction: >= netstandard2.1
      System.Collections.Concurrent (>= 4.3) - restriction: || (&& (< monoandroid) (< monotouch) (< net45) (>= netstandard1.3) (< win8) (< wpa81) (< xamarinios) (< xamarinmac) (< xamarintvos) (< xamarinwatchos)) (&& (< monoandroid) (< net45) (>= netstandard1.1) (< netstandard1.3) (< win8) (< wpa81))
      System.Diagnostics.Debug (>= 4.3) - restriction: && (< monoandroid) (< monotouch) (< net45) (>= netstandard1.3) (< win8) (< wpa81) (< xamarinios) (< xamarinmac) (< xamarintvos) (< xamarinwatchos)
      System.Diagnostics.Tracing (>= 4.3) - restriction: && (< monoandroid) (< monotouch) (< net45) (>= netstandard1.3) (< win8) (< wpa81) (< xamarinios) (< xamarinmac) (< xamarintvos) (< xamarinwatchos)
      System.Resources.ResourceManager (>= 4.3) - restriction: && (< monoandroid) (< monotouch) (< net45) (>= netstandard1.3) (< win8) (< wpa81) (< xamarinios) (< xamarinmac) (< xamarintvos) (< xamarinwatchos)
      System.Runtime (>= 4.3) - restriction: || (&& (< monoandroid) (< monotouch) (< net45) (>= netstandard1.3) (< win8) (< wpa81) (< xamarinios) (< xamarinmac) (< xamarintvos) (< xamarinwatchos)) (&& (< monoandroid) (< net45) (>= netstandard1.1) (< netstandard1.3) (< win8) (< wpa81))
      System.Runtime.Extensions (>= 4.3) - restriction: && (< monoandroid) (< monotouch) (< net45) (>= netstandard1.3) (< win8) (< wpa81) (< xamarinios) (< xamarinmac) (< xamarintvos) (< xamarinwatchos)
      System.Threading (>= 4.3) - restriction: && (< monoandroid) (< monotouch) (< net45) (>= netstandard1.3) (< win8) (< wpa81) (< xamarinios) (< xamarinmac) (< xamarintvos) (< xamarinwatchos)
      System.Threading.Tasks (>= 4.3) - restriction: || (&& (< monoandroid) (< monotouch) (< net45) (>= netstandard1.3) (< win8) (< wpa81) (< xamarinios) (< xamarinmac) (< xamarintvos) (< xamarinwatchos)) (&& (< monoandroid) (< net45) (>= netstandard1.1) (< netstandard1.3) (< win8) (< wpa81))
    System.Threading.Thread (4.3) - restriction: >= netstandard2.1
      System.Runtime (>= 4.3) - restriction: && (< monoandroid) (< monotouch) (< net46) (>= netstandard1.3) (< xamarinios) (< xamarinmac) (< xamarintvos) (< xamarinwatchos)
    System.Threading.ThreadPool (4.3) - restriction: >= netstandard2.1
      System.Runtime (>= 4.3) - restriction: && (< monoandroid) (< monotouch) (< net46) (>= netstandard1.3) (< xamarinios) (< xamarinmac) (< xamarintvos) (< xamarinwatchos)
      System.Runtime.Handles (>= 4.3) - restriction: && (< monoandroid) (< monotouch) (< net46) (>= netstandard1.3) (< xamarinios) (< xamarinmac) (< xamarintvos) (< xamarinwatchos)
    System.Windows.Extensions (6.0) - restriction: >= netcoreapp3.1
      System.Drawing.Common (>= 6.0) - restriction: >= netcoreapp3.1
